NUGET
  remote: https://api.nuget.org/v3/index.json
    Carter (5.2)
      FluentValidation (>= 9.0.1) - restriction: >= netcoreapp3.1
      Microsoft.Extensions.DependencyModel (>= 3.1) - restriction: >= netcoreapp3.1
      Microsoft.OpenApi (>= 1.1.4) - restriction: >= netcoreapp3.1
      Newtonsoft.Json (>= 12.0.3) - restriction: >= netcoreapp3.1
    Castle.Core (4.4.1) - restriction: || (&& (>= net40) (< netstandard1.6)) (&& (< net40) (>= netstandard1.6) (< netstandard2.0)) (&& (< net40) (>= netstandard2.0)) (>= net45) (>= netstandard2.1)
      NETStandard.Library (>= 1.6.1) - restriction: || (&& (< net35) (>= netstandard1.3) (< netstandard1.5)) (&& (< net35) (>= netstandard1.5))
      System.Collections.Specialized (>= 4.3) - restriction: || (&& (< net35) (>= netstandard1.3) (< netstandard1.5)) (&& (< net35) (>= netstandard1.5))
      System.ComponentModel (>= 4.3) - restriction: || (&& (< net35) (>= netstandard1.3) (< netstandard1.5)) (&& (< net35) (>= netstandard1.5))
      System.ComponentModel.TypeConverter (>= 4.3) - restriction: || (&& (< net35) (>= netstandard1.3) (< netstandard1.5)) (&& (< net35) (>= netstandard1.5))
      System.Diagnostics.TraceSource (>= 4.3) - restriction: || (&& (< net35) (>= netstandard1.3) (< netstandard1.5)) (&& (< net35) (>= netstandard1.5))
      System.Dynamic.Runtime (>= 4.3) - restriction: || (&& (< net35) (>= netstandard1.3) (< netstandard1.5)) (&& (< net35) (>= netstandard1.5))
      System.Reflection (>= 4.3) - restriction: || (&& (< net35) (>= netstandard1.3) (< netstandard1.5)) (&& (< net35) (>= netstandard1.5))
      System.Reflection.Emit (>= 4.3) - restriction: || (&& (< net35) (>= netstandard1.3) (< netstandard1.5)) (&& (< net35) (>= netstandard1.5))
      System.Reflection.TypeExtensions (>= 4.3) - restriction: || (&& (< net35) (>= netstandard1.3) (< netstandard1.5)) (&& (< net35) (>= netstandard1.5))
      System.Xml.XmlDocument (>= 4.3) - restriction: || (&& (< net35) (>= netstandard1.3) (< netstandard1.5)) (&& (< net35) (>= netstandard1.5))
    DiffEngine (6.4.1) - restriction: >= netstandard2.0
      EmptyFiles (>= 2.3) - restriction: || (>= net461) (>= netstandard2.0)
      Microsoft.Bcl.AsyncInterfaces (>= 5.0) - restriction: || (>= net461) (&& (>= netstandard2.0) (< netstandard2.1))
      Microsoft.Windows.Compatibility (>= 5.0) - restriction: || (&& (< net461) (>= netstandard2.0)) (>= netstandard2.1)
      System.Runtime.InteropServices.RuntimeInformation (>= 4.3) - restriction: >= net461
    EmptyFiles (2.3) - restriction: >= netstandard2.0
    FakeItEasy (6.2.1)
      Castle.Core (>= 4.3.1) - restriction: || (&& (>= net40) (< netstandard1.6)) (&& (< net40) (>= netstandard1.6) (< netstandard2.0)) (&& (< net40) (>= netstandard2.0)) (>= net45) (>= netstandard2.1)
      Microsoft.Extensions.DependencyModel (>= 1.0) - restriction: && (< net40) (>= netstandard1.6) (< netstandard2.0)
      NETStandard.Library (>= 1.6.1) - restriction: && (< net40) (>= netstandard1.6) (< netstandard2.0)
      System.Collections.Concurrent (>= 4.3) - restriction: && (< net40) (>= netstandard1.6) (< netstandard2.0)
      System.Runtime.Loader (>= 4.0) - restriction: && (< net40) (>= netstandard1.6) (< netstandard2.0)
    FluentValidation (9.3) - restriction: >= netcoreapp3.1
    MartinCostello.Logging.XUnit (0.1)
      Microsoft.Extensions.Logging (>= 2.0) - restriction: >= netstandard2.0
      xunit.abstractions (>= 2.0.1) - restriction: >= netstandard2.0
    Microsoft.AspNetCore.Hosting.Abstractions (2.2) - restriction: && (< netcoreapp3.0) (>= netstandard2.0)
      Microsoft.AspNetCore.Hosting.Server.Abstractions (>= 2.2) - restriction: >= netstandard2.0
      Microsoft.AspNetCore.Http.Abstractions (>= 2.2) - restriction: >= netstandard2.0
      Microsoft.Extensions.Hosting.Abstractions (>= 2.2) - restriction: >= netstandard2.0
    Microsoft.AspNetCore.Hosting.Server.Abstractions (2.2) - restriction: && (< netcoreapp3.0) (>= netstandard2.0)
      Microsoft.AspNetCore.Http.Features (>= 2.2) - restriction: >= netstandard2.0
      Microsoft.Extensions.Configuration.Abstractions (>= 2.2) - restriction: >= netstandard2.0
    Microsoft.AspNetCore.Http.Abstractions (2.2) - restriction: && (< netcoreapp3.0) (>= netstandard2.0)
      Microsoft.AspNetCore.Http.Features (>= 2.2) - restriction: >= netstandard2.0
      System.Text.Encodings.Web (>= 4.5) - restriction: >= netstandard2.0
    Microsoft.AspNetCore.Http.Extensions (2.2) - restriction: && (< netcoreapp3.0) (>= netstandard2.0)
      Microsoft.AspNetCore.Http.Abstractions (>= 2.2) - restriction: >= netstandard2.0
      Microsoft.Extensions.FileProviders.Abstractions (>= 2.2) - restriction: >= netstandard2.0
      Microsoft.Net.Http.Headers (>= 2.2) - restriction: >= netstandard2.0
      System.Buffers (>= 4.5) - restriction: >= netstandard2.0
    Microsoft.AspNetCore.Http.Features (5.0) - restriction: && (< netcoreapp3.0) (>= netstandard2.0)
      Microsoft.Extensions.Primitives (>= 5.0) - restriction: || (>= net461) (>= netstandard2.0)
      System.IO.Pipelines (>= 5.0) - restriction: || (>= net461) (>= netstandard2.0)
    Microsoft.AspNetCore.Routing (2.2.2) - restriction: && (< netcoreapp3.0) (>= netstandard2.0)
      Microsoft.AspNetCore.Http.Extensions (>= 2.2) - restriction: >= netstandard2.0
      Microsoft.AspNetCore.Routing.Abstractions (>= 2.2) - restriction: >= netstandard2.0
      Microsoft.Extensions.Logging.Abstractions (>= 2.2) - restriction: >= netstandard2.0
      Microsoft.Extensions.ObjectPool (>= 2.2) - restriction: >= netstandard2.0
      Microsoft.Extensions.Options (>= 2.2) - restriction: >= netstandard2.0
    Microsoft.AspNetCore.Routing.Abstractions (2.2) - restriction: && (< netcoreapp3.0) (>= netstandard2.0)
      Microsoft.AspNetCore.Http.Abstractions (>= 2.2) - restriction: >= netstandard2.0
    Microsoft.AspNetCore.StaticFiles (2.2) - restriction: && (< netcoreapp3.0) (>= netstandard2.0)
      Microsoft.AspNetCore.Hosting.Abstractions (>= 2.2) - restriction: >= netstandard2.0
      Microsoft.AspNetCore.Http.Extensions (>= 2.2) - restriction: >= netstandard2.0
      Microsoft.Extensions.FileProviders.Abstractions (>= 2.2) - restriction: >= netstandard2.0
      Microsoft.Extensions.Logging.Abstractions (>= 2.2) - restriction: >= netstandard2.0
      Microsoft.Extensions.WebEncoders (>= 2.2) - restriction: >= netstandard2.0
    Microsoft.Bcl.AsyncInterfaces (5.0) - restriction: || (>= monoandroid) (>= monotouch) (&& (< net451) (< netcoreapp2.0) (>= netstandard2.0)) (>= net461) (&& (>= netcoreapp2.0) (< netcoreapp2.1)) (&& (< netcoreapp2.0) (>= netcoreapp2.1)) (&& (>= netcoreapp2.1) (< netcoreapp3.0)) (&& (>= netstandard2.0) (< netstandard2.1)) (>= uap10.1) (>= xamarinios) (>= xamarinmac) (>= xamarintvos) (>= xamarinwatchos)
      System.Threading.Tasks.Extensions (>= 4.5.4) - restriction: || (>= net461) (&& (< netcoreapp2.1) (>= netstandard2.0) (< netstandard2.1))
    Microsoft.Build.Tasks.Git (1.0)
    Microsoft.CSharp (4.7) - restriction: >= netstandard2.0
    Microsoft.Extensions.Configuration.Abstractions (5.0) - restriction: || (&& (>= net461) (>= netstandard2.0)) (&& (>= netcoreapp2.1) (< netstandard2.1)) (&& (< netcoreapp2.1) (>= netstandard2.0) (< netstandard2.1)) (&& (< netcoreapp2.1) (>= netstandard2.1))
      Microsoft.Extensions.Primitives (>= 5.0) - restriction: || (>= net461) (>= netstandard2.0)
      System.ValueTuple (>= 4.5) - restriction: >= net461
    Microsoft.Extensions.DependencyInjection (5.0) - restriction: >= netstandard2.0
      Microsoft.Bcl.AsyncInterfaces (>= 5.0) - restriction: || (>= net461) (&& (>= netcoreapp2.1) (< netstandard2.1)) (&& (< netcoreapp2.1) (>= netstandard2.0) (< netstandard2.1))
      Microsoft.Extensions.DependencyInjection.Abstractions (>= 5.0) - restriction: || (>= net461) (&& (>= netcoreapp2.1) (< netstandard2.1)) (&& (< netcoreapp2.1) (>= netstandard2.0) (< netstandard2.1)) (&& (< netcoreapp2.1) (>= netstandard2.1)) (>= netcoreapp3.0)
      System.Threading.Tasks.Extensions (>= 4.5.4) - restriction: || (>= net461) (&& (< netcoreapp2.1) (>= netstandard2.0) (< netstandard2.1))
    Microsoft.Extensions.DependencyInjection.Abstractions (5.0) - restriction: >= netstandard2.0
    Microsoft.Extensions.DependencyModel (5.0)
      NETStandard.Library (>= 1.6.1) - restriction: || (&& (< monoandroid) (< monotouch) (< net451) (>= netstandard1.6) (< netstandard2.0) (< xamarintvos) (< xamarinwatchos)) (&& (< monoandroid) (< net451) (>= netstandard1.3) (< netstandard1.6) (< uap10.1)) (&& (>= net451) (< net461) (< netstandard1.6))
      Newtonsoft.Json (>= 9.0.1) - restriction: || (&& (< monoandroid) (< monotouch) (< net451) (>= netstandard1.6) (< netstandard2.0) (< xamarintvos) (< xamarinwatchos)) (&& (< monoandroid) (< net451) (>= netstandard1.3) (< netstandard1.6) (< uap10.1)) (&& (>= net451) (< net461) (< netstandard1.6))
      System.Buffers (>= 4.5.1) - restriction: || (>= monoandroid) (>= monotouch) (&& (< net451) (< netcoreapp2.0) (>= netstandard2.0)) (>= net461) (>= xamarinios) (>= xamarinmac) (>= xamarintvos) (>= xamarinwatchos)
      System.Memory (>= 4.5.4) - restriction: || (&& (< monoandroid) (< net451) (< netcoreapp2.0) (>= netstandard2.0) (< xamarinios) (< xamarinmac)) (>= net461) (&& (>= netcoreapp2.0) (< netcoreapp2.1)) (>= uap10.1)
      System.Runtime.InteropServices.RuntimeInformation (>= 4.3) - restriction: >= net461
      System.Text.Encodings.Web (>= 5.0) - restriction: || (>= monoandroid) (>= monotouch) (&& (< net451) (< netcoreapp2.0) (>= netstandard2.0)) (>= net461) (&& (< net5.0) (>= netcoreapp2.1)) (&& (>= netcoreapp2.0) (< netcoreapp2.1)) (>= uap10.1) (>= xamarinios) (>= xamarinmac) (>= xamarintvos) (>= xamarinwatchos)
      System.Text.Json (>= 5.0) - restriction: || (>= monoandroid) (>= monotouch) (&& (< net451) (< netcoreapp2.0) (>= netstandard2.0)) (>= net461) (&& (< net5.0) (>= netcoreapp2.1)) (&& (>= netcoreapp2.0) (< netcoreapp2.1)) (>= uap10.1) (>= xamarinios) (>= xamarinmac) (>= xamarintvos) (>= xamarinwatchos)
    Microsoft.Extensions.FileProviders.Abstractions (5.0) - restriction: && (< netcoreapp3.0) (>= netstandard2.0)
      Microsoft.Extensions.Primitives (>= 5.0) - restriction: || (>= net461) (>= netstandard2.0)
    Microsoft.Extensions.FileProviders.Embedded (5.0) - restriction: && (< netcoreapp3.0) (>= netstandard2.0)
      Microsoft.Extensions.FileProviders.Abstractions (>= 5.0) - restriction: >= netstandard2.0
    Microsoft.Extensions.Hosting.Abstractions (5.0) - restriction: && (< netcoreapp3.0) (>= netstandard2.0)
      Microsoft.Bcl.AsyncInterfaces (>= 5.0) - restriction: || (>= net461) (&& (>= netcoreapp2.1) (< netstandard2.1)) (&& (< netcoreapp2.1) (>= netstandard2.0) (< netstandard2.1))
      Microsoft.Extensions.Configuration.Abstractions (>= 5.0) - restriction: || (>= net461) (&& (>= netcoreapp2.1) (< netstandard2.1)) (&& (< netcoreapp2.1) (>= netstandard2.0) (< netstandard2.1)) (&& (< netcoreapp2.1) (>= netstandard2.1)) (>= netcoreapp3.0)
      Microsoft.Extensions.DependencyInjection.Abstractions (>= 5.0) - restriction: || (>= net461) (&& (>= netcoreapp2.1) (< netstandard2.1)) (&& (< netcoreapp2.1) (>= netstandard2.0) (< netstandard2.1)) (&& (< netcoreapp2.1) (>= netstandard2.1)) (>= netcoreapp3.0)
      Microsoft.Extensions.FileProviders.Abstractions (>= 5.0) - restriction: || (>= net461) (&& (>= netcoreapp2.1) (< netstandard2.1)) (&& (< netcoreapp2.1) (>= netstandard2.0) (< netstandard2.1)) (&& (< netcoreapp2.1) (>= netstandard2.1)) (>= netcoreapp3.0)
      System.Threading.Tasks.Extensions (>= 4.5.4) - restriction: || (>= net461) (&& (< netcoreapp2.1) (>= netstandard2.0) (< netstandard2.1))
    Microsoft.Extensions.Logging (5.0) - restriction: >= netstandard2.0
      Microsoft.Extensions.DependencyInjection (>= 5.0) - restriction: || (>= net461) (>= netstandard2.0)
      Microsoft.Extensions.DependencyInjection.Abstractions (>= 5.0) - restriction: || (>= net461) (>= netstandard2.0)
      Microsoft.Extensions.Logging.Abstractions (>= 5.0) - restriction: || (>= net461) (>= netstandard2.0)
      Microsoft.Extensions.Options (>= 5.0) - restriction: || (>= net461) (>= netstandard2.0)
      System.Diagnostics.DiagnosticSource (>= 5.0) - restriction: || (>= net461) (&& (< net5.0) (>= netstandard2.1)) (&& (>= netstandard2.0) (< netstandard2.1))
      System.ValueTuple (>= 4.5) - restriction: >= net461
    Microsoft.Extensions.Logging.Abstractions (5.0) - restriction: >= netstandard2.0
    Microsoft.Extensions.ObjectPool (5.0) - restriction: && (< netcoreapp3.0) (>= netstandard2.0)
    Microsoft.Extensions.Options (5.0) - restriction: >= netstandard2.0
      Microsoft.Extensions.DependencyInjection.Abstractions (>= 5.0) - restriction: || (>= net461) (>= netstandard2.0)
      Microsoft.Extensions.Primitives (>= 5.0) - restriction: || (>= net461) (>= netstandard2.0)
    Microsoft.Extensions.Primitives (5.0) - restriction: >= netstandard2.0
      System.Buffers (>= 4.5.1) - restriction: || (>= monoandroid) (>= monotouch) (>= net461) (&& (< netcoreapp2.0) (>= netstandard2.0)) (>= xamarinios) (>= xamarinmac) (>= xamarintvos) (>= xamarinwatchos)
      System.Memory (>= 4.5.4) - restriction: || (&& (< monoandroid) (< netcoreapp2.0) (>= netstandard2.0) (< xamarinios) (< xamarinmac)) (>= net461) (&& (>= netcoreapp2.0) (< netcoreapp2.1)) (>= uap10.1)
      System.Runtime.CompilerServices.Unsafe (>= 5.0) - restriction: || (>= monoandroid) (>= monotouch) (>= net461) (&& (>= netcoreapp2.0) (< netcoreapp2.1)) (&& (< netcoreapp2.0) (>= netstandard2.0)) (&& (>= netcoreapp2.1) (< netcoreapp3.0)) (>= uap10.1) (>= xamarinios) (>= xamarinmac) (>= xamarintvos) (>= xamarinwatchos)
    Microsoft.Extensions.WebEncoders (5.0) - restriction: && (< netcoreapp3.0) (>= netstandard2.0)
      Microsoft.Extensions.DependencyInjection.Abstractions (>= 5.0) - restriction: || (>= net461) (>= netstandard2.0)
      Microsoft.Extensions.Options (>= 5.0) - restriction: || (>= net461) (>= netstandard2.0)
      System.Text.Encodings.Web (>= 5.0) - restriction: || (>= net461) (&& (< net5.0) (>= netstandard2.0))
    Microsoft.Net.Http.Headers (2.2.8) - restriction: && (< netcoreapp3.0) (>= netstandard2.0)
      Microsoft.Extensions.Primitives (>= 2.2) - restriction: >= netstandard2.0
      System.Buffers (>= 4.5) - restriction: >= netstandard2.0
    Microsoft.NETCore.Platforms (5.0) - restriction: || (&& (< monoandroid) (< monotouch) (< net35) (>= netstandard1.6) (< netstandard2.0) (< xamarintvos) (< xamarinwatchos)) (&& (< monoandroid) (< net35) (< netstandard1.3) (>= netstandard1.6) (< win8) (< wpa81)) (&& (< monoandroid) (< net35) (< netstandard1.3) (>= netstandard2.0) (< win8) (< wpa81)) (&& (< monoandroid) (< net35) (< netstandard1.5) (>= netstandard1.6)) (&& (< monoandroid) (< net35) (< netstandard1.5) (>= netstandard2.0) (< win8) (< wpa81)) (&& (< monoandroid) (< net35) (>= netstandard2.0) (< xamarinios) (< xamarinmac)) (&& (< net35) (>= net40) (>= netstandard1.3) (< netstandard1.5)) (&& (< net35) (>= net40) (< netstandard1.3) (>= netstandard1.5)) (&& (< net35) (>= net40) (>= netstandard1.5) (< netstandard1.6)) (&& (< net35) (>= net45) (>= netstandard1.3) (< netstandard1.5)) (&& (< net35) (>= net45) (>= netstandard1.5)) (&& (< net40) (>= net45) (< netstandard1.3) (>= netstandard1.6)) (&& (< net40) (>= net46) (< netstandard1.4) (>= netstandard1.6)) (&& (< net40) (>= net461) (>= netstandard1.6) (< netstandard2.0)) (&& (< net40) (< netstandard1.0) (>= netstandard1.6) (< portable-net45+win8)) (&& (< net40) (< netstandard1.0) (>= netstandard1.6) (< win8)) (&& (< net40) (< netstandard1.2) (>= netstandard1.6) (< win8)) (&& (< net40) (< netstandard1.3) (>= netstandard1.6) (< win8) (< wpa81)) (&& (< net40) (< netstandard1.4) (>= netstandard1.6) (< win8) (< wpa81)) (&& (< net40) (< netstandard1.5) (>= netstandard1.6) (< win8) (< wpa81)) (&& (< net40) (>= netstandard1.6) (< netstandard2.0) (< win8) (< wpa81)) (&& (< net40) (>= netstandard1.6) (< portable-net45+win8+wpa81)) (&& (< net5.0) (>= netcoreapp3.0)) (>= netcoreapp2.0) (&& (< netcoreapp2.1) (>= netcoreapp3.0)) (&& (< netstandard1.0) (>= netstandard1.6) (>= win8)) (&& (< netstandard1.3) (>= netstandard1.6) (< win8) (>= wpa81)) (&& (< netstandard1.5) (>= netstandard1.6) (>= uap10.0)) (&& (>= netstandard1.6) (>= uap10.1)) (&& (>= netstandard1.6) (>= wp8)) (>= netstandard2.1)
    Microsoft.NETCore.Targets (5.0) - restriction: || (&& (< monoandroid) (< monotouch) (< net35) (>= netstandard1.6) (< netstandard2.0) (< xamarintvos) (< xamarinwatchos)) (&& (< monoandroid) (< monotouch) (< net40) (>= netstandard1.6) (< netstandard2.0) (< win8) (< wpa81) (< xamarintvos) (< xamarinwatchos)) (&& (< monoandroid) (< net35) (< netstandard1.3) (>= netstandard1.6) (< win8) (< wpa81)) (&& (< monoandroid) (< net35) (< netstandard1.3) (>= netstandard2.0) (< win8) (< wpa81)) (&& (< monoandroid) (< net35) (< netstandard1.5) (>= netstandard1.6)) (&& (< monoandroid) (< net35) (< netstandard1.5) (>= netstandard2.0) (< win8) (< wpa81)) (&& (< monoandroid) (< net35) (>= netstandard2.0) (< xamarinios) (< xamarinmac)) (&& (< monoandroid) (< net40) (< netstandard1.1) (>= netstandard1.6) (< win8)) (&& (< monoandroid) (< net40) (< netstandard1.2) (>= netstandard1.6) (< win8)) (&& (< monoandroid) (< net40) (< netstandard1.3) (>= netstandard1.6) (< win8) (< wpa81)) (&& (< monoandroid) (< net40) (< netstandard1.4) (>= netstandard1.6) (< win8) (< wpa81)) (&& (< monoandroid) (< net40) (< netstandard1.5) (>= netstandard1.6) (< win8) (< wpa81)) (&& (< net35) (>= net40) (>= netstandard1.3) (< netstandard1.5)) (&& (< net35) (>= net40) (< netstandard1.3) (>= netstandard1.5)) (&& (< net35) (>= net40) (>= netstandard1.5) (< netstandard1.6)) (&& (< net35) (>= net45) (>= netstandard1.3) (< netstandard1.5)) (&& (< net35) (>= net45) (>= netstandard1.5)) (&& (< net40) (>= netstandard1.6) (< portable-net45+win8+wpa81)) (&& (< netstandard1.1) (>= netstandard1.6) (>= uap10.0) (< win8)) (&& (< netstandard1.3) (>= netstandard1.6) (>= uap10.0) (< win8) (< wpa81)) (&& (< netstandard1.5) (>= netstandard1.6) (>= uap10.0) (< win8) (< wpa81)) (>= netstandard2.1)
    Microsoft.OpenApi (1.2.3)
    Microsoft.SourceLink.Common (1.0)
    Microsoft.SourceLink.GitHub (1.0)
      Microsoft.Build.Tasks.Git (>= 1.0)
      Microsoft.SourceLink.Common (>= 1.0)
    Microsoft.Win32.Primitives (4.3) - restriction: || (&& (< net40) (>= net46) (< netstandard1.4) (>= netstandard1.6)) (&& (< net40) (< netstandard1.4) (>= netstandard1.6) (< win8) (< wpa81)) (&& (< net40) (< netstandard1.5) (>= netstandard1.6) (< win8) (< wpa81)) (&& (< net40) (>= netstandard1.6) (< netstandard2.0) (< win8) (< wpa81)) (&& (< netstandard1.5) (>= netstandard1.6) (>= uap10.0))
      Microsoft.NETCore.Platforms (>= 1.1) - restriction: && (< monoandroid) (< monotouch) (< net46) (>= netstandard1.3) (< xamarinios) (< xamarinmac) (< xamarintvos) (< xamarinwatchos)
      Microsoft.NETCore.Targets (>= 1.1) - restriction: && (< monoandroid) (< monotouch) (< net46) (>= netstandard1.3) (< xamarinios) (< xamarinmac) (< xamarintvos) (< xamarinwatchos)
      System.Runtime (>= 4.3) - restriction: && (< monoandroid) (< monotouch) (< net46) (>= netstandard1.3) (< xamarinios) (< xamarinmac) (< xamarintvos) (< xamarinwatchos)
    Microsoft.Win32.Registry (5.0) - restriction: || (&& (< monoandroid) (< net451) (< netcoreapp2.0) (>= netstandard2.0) (< netstandard2.1) (< xamarinios) (< xamarinmac)) (&& (< net461) (< netcoreapp2.0) (>= netstandard2.0) (< netstandard2.1)) (&& (>= netcoreapp2.0) (< netcoreapp2.1) (< netstandard2.1)) (&& (< netcoreapp2.0) (>= netstandard2.1)) (&& (>= netcoreapp2.1) (< netstandard2.1)) (>= netcoreapp3.0)
      System.Buffers (>= 4.5.1) - restriction: || (>= monoandroid) (>= monotouch) (&& (< net46) (< netcoreapp2.0) (>= netstandard2.0)) (>= xamarinios) (>= xamarinmac) (>= xamarintvos) (>= xamarinwatchos)
      System.Memory (>= 4.5.4) - restriction: || (&& (< monoandroid) (< net46) (< netcoreapp2.0) (>= netstandard2.0) (< xamarinios) (< xamarinmac)) (&& (>= netcoreapp2.0) (< netcoreapp2.1)) (>= uap10.1)
      System.Security.AccessControl (>= 5.0) - restriction: || (>= monoandroid) (>= monotouch) (&& (< net46) (>= netstandard2.0)) (>= net461) (>= netcoreapp2.0) (>= uap10.1) (>= xamarinios) (>= xamarinmac) (>= xamarintvos) (>= xamarinwatchos)
      System.Security.Principal.Windows (>= 5.0) - restriction: || (>= monoandroid) (>= monotouch) (&& (< net46) (>= netstandard2.0)) (>= net461) (>= netcoreapp2.0) (>= uap10.1) (>= xamarinios) (>= xamarinmac) (>= xamarintvos) (>= xamarinwatchos)
    Microsoft.Win32.Registry.AccessControl (5.0) - restriction: || (&& (< net461) (< netcoreapp2.0) (>= netstandard2.0) (< netstandard2.1)) (&& (>= netcoreapp2.0) (< netcoreapp2.1) (< netstandard2.1)) (&& (< netcoreapp2.0) (>= netstandard2.1)) (&& (>= netcoreapp2.1) (< netstandard2.1)) (>= netcoreapp3.0)
      Microsoft.Win32.Registry (>= 5.0) - restriction: || (&& (>= net46) (< netstandard2.0)) (&& (< net46) (>= netstandard1.3) (< netstandard2.0)) (&& (< net46) (>= netstandard2.0)) (>= net461)
      System.Security.AccessControl (>= 5.0) - restriction: || (&& (>= net46) (< netstandard2.0)) (&& (< net46) (>= netstandard1.3) (< netstandard2.0)) (&& (< net46) (>= netstandard2.0)) (>= net461)
    Microsoft.Win32.SystemEvents (5.0) - restriction: || (&& (< net461) (< netcoreapp2.0) (>= netstandard2.0) (< netstandard2.1)) (&& (>= netcoreapp2.0) (< netcoreapp2.1) (< netstandard2.1)) (&& (< netcoreapp2.0) (>= netstandard2.1)) (&& (>= netcoreapp2.1) (< netstandard2.1)) (>= netcoreapp3.0)
      Microsoft.NETCore.Platforms (>= 5.0) - restriction: >= netcoreapp2.0
    Microsoft.Windows.Compatibility (5.0) - restriction: || (&& (< net461) (>= netstandard2.0)) (>= netstandard2.1)
      Microsoft.Win32.Registry (>= 5.0) - restriction: || (&& (>= netcoreapp2.0) (< netcoreapp2.1) (< netstandard2.1)) (&& (< netcoreapp2.0) (>= netstandard2.0) (< netstandard2.1)) (&& (< netcoreapp2.0) (>= netstandard2.1)) (&& (>= netcoreapp2.1) (< netstandard2.1)) (>= netcoreapp3.0)
      Microsoft.Win32.Registry.AccessControl (>= 5.0) - restriction: || (&& (>= netcoreapp2.0) (< netcoreapp2.1) (< netstandard2.1)) (&& (< netcoreapp2.0) (>= netstandard2.0) (< netstandard2.1)) (&& (< netcoreapp2.0) (>= netstandard2.1)) (&& (>= netcoreapp2.1) (< netstandard2.1)) (>= netcoreapp3.0)
      Microsoft.Win32.SystemEvents (>= 5.0) - restriction: || (&& (>= netcoreapp2.0) (< netcoreapp2.1) (< netstandard2.1)) (&& (< netcoreapp2.0) (>= netstandard2.0) (< netstandard2.1)) (&& (< netcoreapp2.0) (>= netstandard2.1)) (&& (>= netcoreapp2.1) (< netstandard2.1)) (>= netcoreapp3.0)
      Microsoft.Windows.Compatibility.Shims (>= 2.0.1) - restriction: && (>= netcoreapp2.0) (< netcoreapp2.1) (< netstandard2.1)
      System.CodeDom (>= 5.0) - restriction: || (&& (>= netcoreapp2.0) (< netcoreapp2.1) (< netstandard2.1)) (&& (< netcoreapp2.0) (>= netstandard2.0) (< netstandard2.1)) (&& (< netcoreapp2.0) (>= netstandard2.1)) (&& (>= netcoreapp2.1) (< netstandard2.1)) (>= netcoreapp3.0)
      System.ComponentModel.Composition (>= 5.0) - restriction: || (&& (>= netcoreapp2.0) (< netcoreapp2.1) (< netstandard2.1)) (&& (< netcoreapp2.0) (>= netstandard2.0) (< netstandard2.1)) (&& (< netcoreapp2.0) (>= netstandard2.1)) (&& (>= netcoreapp2.1) (< netstandard2.1)) (>= netcoreapp3.0)
      System.ComponentModel.Composition.Registration (>= 5.0) - restriction: || (&& (< netcoreapp2.0) (>= netstandard2.1)) (>= netcoreapp3.0)
      System.Configuration.ConfigurationManager (>= 5.0) - restriction: || (&& (>= netcoreapp2.0) (< netcoreapp2.1) (< netstandard2.1)) (&& (< netcoreapp2.0) (>= netstandard2.0) (< netstandard2.1)) (&& (< netcoreapp2.0) (>= netstandard2.1)) (&& (>= netcoreapp2.1) (< netstandard2.1)) (>= netcoreapp3.0)
      System.Data.DataSetExtensions (>= 4.5) - restriction: || (&& (>= netcoreapp2.0) (< netcoreapp2.1) (< netstandard2.1)) (&& (< netcoreapp2.0) (>= netstandard2.0) (< netstandard2.1)) (&& (< netcoreapp2.0) (>= netstandard2.1)) (&& (>= netcoreapp2.1) (< netstandard2.1)) (>= netcoreapp3.0)
      System.Data.Odbc (>= 5.0) - restriction: || (&& (>= netcoreapp2.0) (< netcoreapp2.1) (< netstandard2.1)) (&& (< netcoreapp2.0) (>= netstandard2.0) (< netstandard2.1)) (&& (< netcoreapp2.0) (>= netstandard2.1)) (&& (>= netcoreapp2.1) (< netstandard2.1)) (>= netcoreapp3.0)
      System.Data.OleDb (>= 5.0) - restriction: || (&& (>= netcoreapp2.0) (< netcoreapp2.1) (< netstandard2.1)) (&& (< netcoreapp2.0) (>= netstandard2.0) (< netstandard2.1)) (&& (< netcoreapp2.0) (>= netstandard2.1)) (&& (>= netcoreapp2.1) (< netstandard2.1)) (>= netcoreapp3.0)
      System.Data.SqlClient (>= 4.8.1) - restriction: || (&& (>= netcoreapp2.0) (< netcoreapp2.1) (< netstandard2.1)) (&& (< netcoreapp2.0) (>= netstandard2.0) (< netstandard2.1)) (&& (< netcoreapp2.0) (>= netstandard2.1)) (&& (>= netcoreapp2.1) (< netstandard2.1)) (>= netcoreapp3.0)
      System.Diagnostics.EventLog (>= 5.0) - restriction: || (&& (>= netcoreapp2.0) (< netcoreapp2.1) (< netstandard2.1)) (&& (< netcoreapp2.0) (>= netstandard2.0) (< netstandard2.1)) (&& (< netcoreapp2.0) (>= netstandard2.1)) (&& (>= netcoreapp2.1) (< netstandard2.1)) (>= netcoreapp3.0)
      System.Diagnostics.PerformanceCounter (>= 5.0) - restriction: || (&& (>= netcoreapp2.0) (< netcoreapp2.1) (< netstandard2.1)) (&& (< netcoreapp2.0) (>= netstandard2.0) (< netstandard2.1)) (&& (< netcoreapp2.0) (>= netstandard2.1)) (&& (>= netcoreapp2.1) (< netstandard2.1)) (>= netcoreapp3.0)
      System.DirectoryServices (>= 5.0) - restriction: || (&& (>= netcoreapp2.0) (< netcoreapp2.1) (< netstandard2.1)) (&& (< netcoreapp2.0) (>= netstandard2.0) (< netstandard2.1)) (&& (< netcoreapp2.0) (>= netstandard2.1)) (&& (>= netcoreapp2.1) (< netstandard2.1)) (>= netcoreapp3.0)
      System.DirectoryServices.AccountManagement (>= 5.0) - restriction: || (&& (>= netcoreapp2.0) (< netcoreapp2.1) (< netstandard2.1)) (&& (< netcoreapp2.0) (>= netstandard2.0) (< netstandard2.1)) (&& (< netcoreapp2.0) (>= netstandard2.1)) (&& (>= netcoreapp2.1) (< netstandard2.1)) (>= netcoreapp3.0)
      System.DirectoryServices.Protocols (>= 5.0) - restriction: || (&& (>= netcoreapp2.0) (< netcoreapp2.1) (< netstandard2.1)) (&& (< netcoreapp2.0) (>= netstandard2.0) (< netstandard2.1)) (&& (< netcoreapp2.0) (>= netstandard2.1)) (&& (>= netcoreapp2.1) (< netstandard2.1)) (>= netcoreapp3.0)
      System.Drawing.Common (>= 5.0) - restriction: || (&& (>= netcoreapp2.0) (< netcoreapp2.1) (< netstandard2.1)) (&& (< netcoreapp2.0) (>= netstandard2.0) (< netstandard2.1)) (&& (< netcoreapp2.0) (>= netstandard2.1)) (&& (>= netcoreapp2.1) (< netstandard2.1)) (>= netcoreapp3.0)
      System.IO.FileSystem.AccessControl (>= 5.0) - restriction: || (&& (>= netcoreapp2.0) (< netcoreapp2.1) (< netstandard2.1)) (&& (< netcoreapp2.0) (>= netstandard2.0) (< netstandard2.1)) (&& (< netcoreapp2.0) (>= netstandard2.1)) (&& (>= netcoreapp2.1) (< netstandard2.1)) (>= netcoreapp3.0)
      System.IO.Packaging (>= 5.0) - restriction: || (&& (>= netcoreapp2.0) (< netcoreapp2.1) (< netstandard2.1)) (&& (< netcoreapp2.0) (>= netstandard2.0) (< netstandard2.1)) (&& (< netcoreapp2.0) (>= netstandard2.1)) (&& (>= netcoreapp2.1) (< netstandard2.1)) (>= netcoreapp3.0)
      System.IO.Pipes.AccessControl (>= 5.0) - restriction: || (&& (>= netcoreapp2.0) (< netcoreapp2.1) (< netstandard2.1)) (&& (< netcoreapp2.0) (>= netstandard2.0) (< netstandard2.1)) (&& (< netcoreapp2.0) (>= netstandard2.1)) (&& (>= netcoreapp2.1) (< netstandard2.1)) (>= netcoreapp3.0)
      System.IO.Ports (>= 5.0) - restriction: || (&& (>= netcoreapp2.0) (< netcoreapp2.1) (< netstandard2.1)) (&& (< netcoreapp2.0) (>= netstandard2.0) (< netstandard2.1)) (&& (< netcoreapp2.0) (>= netstandard2.1)) (&& (>= netcoreapp2.1) (< netstandard2.1)) (>= netcoreapp3.0)
      System.Management (>= 5.0) - restriction: || (&& (>= netcoreapp2.0) (< netcoreapp2.1) (< netstandard2.1)) (&& (< netcoreapp2.0) (>= netstandard2.0) (< netstandard2.1)) (&& (< netcoreapp2.0) (>= netstandard2.1)) (&& (>= netcoreapp2.1) (< netstandard2.1)) (>= netcoreapp3.0)
      System.Reflection.Context (>= 5.0) - restriction: || (&& (< netcoreapp2.0) (>= netstandard2.1)) (>= netcoreapp3.0)
      System.Reflection.Emit (>= 4.7) - restriction: || (&& (>= netcoreapp2.0) (< netcoreapp2.1) (< netstandard2.1)) (&& (< netcoreapp2.0) (>= netstandard2.0) (< netstandard2.1)) (&& (< netcoreapp2.0) (>= netstandard2.1)) (&& (>= netcoreapp2.1) (< netstandard2.1)) (>= netcoreapp3.0)
      System.Reflection.Emit.ILGeneration (>= 4.7) - restriction: || (&& (>= netcoreapp2.0) (< netcoreapp2.1) (< netstandard2.1)) (&& (< netcoreapp2.0) (>= netstandard2.0) (< netstandard2.1)) (&& (< netcoreapp2.0) (>= netstandard2.1)) (&& (>= netcoreapp2.1) (< netstandard2.1)) (>= netcoreapp3.0)
      System.Reflection.Emit.Lightweight (>= 4.7) - restriction: || (&& (>= netcoreapp2.0) (< netcoreapp2.1) (< netstandard2.1)) (&& (< netcoreapp2.0) (>= netstandard2.0) (< netstandard2.1)) (&& (< netcoreapp2.0) (>= netstandard2.1)) (&& (>= netcoreapp2.1) (< netstandard2.1)) (>= netcoreapp3.0)
      System.Runtime.Caching (>= 5.0) - restriction: || (&& (>= netcoreapp2.0) (< netcoreapp2.1) (< netstandard2.1)) (&& (< netcoreapp2.0) (>= netstandard2.0) (< netstandard2.1)) (&& (< netcoreapp2.0) (>= netstandard2.1)) (&& (>= netcoreapp2.1) (< netstandard2.1)) (>= netcoreapp3.0)
      System.Security.AccessControl (>= 5.0) - restriction: || (&& (>= netcoreapp2.0) (< netcoreapp2.1) (< netstandard2.1)) (&& (< netcoreapp2.0) (>= netstandard2.0) (< netstandard2.1)) (&& (< netcoreapp2.0) (>= netstandard2.1)) (&& (>= netcoreapp2.1) (< netstandard2.1)) (>= netcoreapp3.0)
      System.Security.Cryptography.Cng (>= 5.0) - restriction: || (&& (>= netcoreapp2.0) (< netcoreapp2.1) (< netstandard2.1)) (&& (< netcoreapp2.0) (>= netstandard2.0) (< netstandard2.1)) (&& (< netcoreapp2.0) (>= netstandard2.1)) (&& (>= netcoreapp2.1) (< netstandard2.1)) (>= netcoreapp3.0)
      System.Security.Cryptography.Pkcs (>= 5.0) - restriction: || (&& (>= netcoreapp2.0) (< netcoreapp2.1) (< netstandard2.1)) (&& (< netcoreapp2.0) (>= netstandard2.0) (< netstandard2.1)) (&& (< netcoreapp2.0) (>= netstandard2.1)) (&& (>= netcoreapp2.1) (< netstandard2.1)) (>= netcoreapp3.0)
      System.Security.Cryptography.ProtectedData (>= 5.0) - restriction: || (&& (>= netcoreapp2.0) (< netcoreapp2.1) (< netstandard2.1)) (&& (< netcoreapp2.0) (>= netstandard2.0) (< netstandard2.1)) (&& (< netcoreapp2.0) (>= netstandard2.1)) (&& (>= netcoreapp2.1) (< netstandard2.1)) (>= netcoreapp3.0)
      System.Security.Cryptography.Xml (>= 5.0) - restriction: || (&& (>= netcoreapp2.0) (< netcoreapp2.1) (< netstandard2.1)) (&& (< netcoreapp2.0) (>= netstandard2.0) (< netstandard2.1)) (&& (< netcoreapp2.0) (>= netstandard2.1)) (&& (>= netcoreapp2.1) (< netstandard2.1)) (>= netcoreapp3.0)
      System.Security.Permissions (>= 5.0) - restriction: || (&& (>= netcoreapp2.0) (< netcoreapp2.1) (< netstandard2.1)) (&& (< netcoreapp2.0) (>= netstandard2.0) (< netstandard2.1)) (&& (< netcoreapp2.0) (>= netstandard2.1)) (&& (>= netcoreapp2.1) (< netstandard2.1)) (>= netcoreapp3.0)
      System.Security.Principal.Windows (>= 5.0) - restriction: || (&& (>= netcoreapp2.0) (< netcoreapp2.1) (< netstandard2.1)) (&& (< netcoreapp2.0) (>= netstandard2.0) (< netstandard2.1)) (&& (< netcoreapp2.0) (>= netstandard2.1)) (&& (>= netcoreapp2.1) (< netstandard2.1)) (>= netcoreapp3.0)
      System.ServiceModel.Duplex (>= 4.7) - restriction: || (&& (>= netcoreapp2.0) (< netcoreapp2.1) (< netstandard2.1)) (&& (< netcoreapp2.0) (>= netstandard2.0) (< netstandard2.1)) (&& (< netcoreapp2.0) (>= netstandard2.1)) (&& (>= netcoreapp2.1) (< netstandard2.1)) (>= netcoreapp3.0)
      System.ServiceModel.Http (>= 4.7) - restriction: || (&& (>= netcoreapp2.0) (< netcoreapp2.1) (< netstandard2.1)) (&& (< netcoreapp2.0) (>= netstandard2.0) (< netstandard2.1)) (&& (< netcoreapp2.0) (>= netstandard2.1)) (&& (>= netcoreapp2.1) (< netstandard2.1)) (>= netcoreapp3.0)
      System.ServiceModel.NetTcp (>= 4.7) - restriction: || (&& (>= netcoreapp2.0) (< netcoreapp2.1) (< netstandard2.1)) (&& (< netcoreapp2.0) (>= netstandard2.0) (< netstandard2.1)) (&& (< netcoreapp2.0) (>= netstandard2.1)) (&& (>= netcoreapp2.1) (< netstandard2.1)) (>= netcoreapp3.0)
      System.ServiceModel.Primitives (>= 4.7) - restriction: || (&& (>= netcoreapp2.0) (< netcoreapp2.1) (< netstandard2.1)) (&& (< netcoreapp2.0) (>= netstandard2.0) (< netstandard2.1)) (&& (< netcoreapp2.0) (>= netstandard2.1)) (&& (>= netcoreapp2.1) (< netstandard2.1)) (>= netcoreapp3.0)
      System.ServiceModel.Security (>= 4.7) - restriction: || (&& (>= netcoreapp2.0) (< netcoreapp2.1) (< netstandard2.1)) (&& (< netcoreapp2.0) (>= netstandard2.0) (< netstandard2.1)) (&& (< netcoreapp2.0) (>= netstandard2.1)) (&& (>= netcoreapp2.1) (< netstandard2.1)) (>= netcoreapp3.0)
      System.ServiceModel.Syndication (>= 5.0) - restriction: || (&& (>= netcoreapp2.0) (< netcoreapp2.1) (< netstandard2.1)) (&& (< netcoreapp2.0) (>= netstandard2.0) (< netstandard2.1)) (&& (< netcoreapp2.0) (>= netstandard2.1)) (&& (>= netcoreapp2.1) (< netstandard2.1)) (>= netcoreapp3.0)
      System.ServiceProcess.ServiceController (>= 5.0) - restriction: || (&& (>= netcoreapp2.0) (< netcoreapp2.1) (< netstandard2.1)) (&& (< netcoreapp2.0) (>= netstandard2.0) (< netstandard2.1)) (&& (< netcoreapp2.0) (>= netstandard2.1)) (&& (>= netcoreapp2.1) (< netstandard2.1)) (>= netcoreapp3.0)
      System.Text.Encoding.CodePages (>= 5.0) - restriction: || (&& (>= netcoreapp2.0) (< netcoreapp2.1) (< netstandard2.1)) (&& (< netcoreapp2.0) (>= netstandard2.0) (< netstandard2.1)) (&& (< netcoreapp2.0) (>= netstandard2.1)) (&& (>= netcoreapp2.1) (< netstandard2.1)) (>= netcoreapp3.0)
      System.Threading.AccessControl (>= 5.0) - restriction: || (&& (>= netcoreapp2.0) (< netcoreapp2.1) (< netstandard2.1)) (&& (< netcoreapp2.0) (>= netstandard2.0) (< netstandard2.1)) (&& (< netcoreapp2.0) (>= netstandard2.1)) (&& (>= netcoreapp2.1) (< netstandard2.1)) (>= netcoreapp3.0)
    Microsoft.Windows.Compatibility.Shims (2.0.1) - restriction: && (>= netcoreapp2.0) (< netcoreapp2.1) (< netstandard2.1)
    MinVer (2.3.1)
    NETStandard.Library (2.0.3) - restriction: || (&& (>= monoandroid) (>= netstandard1.0) (< netstandard2.0)) (&& (< monoandroid) (< net451) (>= netstandard1.3) (< netstandard1.6) (< uap10.1)) (&& (< monoandroid) (< net451) (>= netstandard1.6) (< netstandard2.0)) (>= monotouch) (&& (< net35) (>= net40) (>= netstandard1.3) (< netstandard1.5)) (&& (< net35) (>= net40) (>= netstandard1.5) (< netstandard1.6)) (&& (< net35) (>= net45) (>= netstandard1.3) (< netstandard1.5)) (&& (< net35) (>= net45) (>= netstandard1.5)) (&& (< net35) (< netstandard1.5) (>= netstandard1.6)) (&& (< net35) (>= netstandard1.6) (< netstandard2.0)) (&& (< net35) (>= netstandard2.0)) (&& (< net40) (>= netstandard1.6) (< netstandard2.0)) (&& (< net45) (>= net461) (< netstandard2.0)) (&& (>= net451) (< net461) (< netstandard1.6)) (&& (>= netcoreapp2.0) (< netstandard2.0)) (&& (>= netcoreapp2.1) (< netstandard2.0)) (&& (< netstandard2.0) (>= xamarinios)) (&& (< netstandard2.0) (>= xamarinmac)) (>= netstandard2.1) (&& (>= uap10.1) (< win8) (< wpa81)) (>= xamarintvos) (>= xamarinwatchos)
      Microsoft.NETCore.Platforms (>= 1.1) - restriction: || (&& (>= net45) (< netstandard1.3)) (&& (< net45) (>= netstandard1.1) (< netstandard1.2) (< win8)) (&& (< net45) (>= netstandard1.2) (< netstandard1.3) (< win8) (< wpa81)) (&& (< net45) (>= netstandard1.3) (< netstandard1.4) (< win8) (< wpa81)) (&& (< net45) (>= netstandard1.4) (< netstandard1.5) (< win8) (< wpa81)) (&& (< net45) (>= netstandard1.5) (< netstandard1.6) (< win8) (< wpa81)) (&& (< net45) (>= netstandard1.6) (< netstandard2.0) (< win8) (< wpa81)) (&& (< net45) (>= netstandard2.0)) (&& (>= net46) (< netstandard1.4)) (>= net461) (>= netcoreapp2.0) (&& (>= netstandard1.0) (< portable-net45+win8+wpa81)) (&& (< netstandard1.0) (>= portable-net45+win8) (< win8)) (&& (< netstandard1.0) (< portable-net45+win8) (>= portable-net45+win8+wpa81)) (&& (< netstandard1.0) (>= portable-net45+win8+wp8+wpa81) (< portable-net45+win8+wpa81)) (&& (< netstandard1.0) (>= win8)) (&& (< netstandard1.3) (< win8) (>= wpa81)) (&& (< netstandard1.5) (>= uap10.0)) (>= uap10.1) (>= wp8)
      Microsoft.Win32.Primitives (>= 4.3) - restriction: || (&& (< net45) (>= netstandard1.3) (< netstandard1.4) (< win8) (< wpa81)) (&& (< net45) (>= netstandard1.4) (< netstandard1.5) (< win8) (< wpa81)) (&& (< net45) (>= netstandard1.5) (< netstandard1.6) (< win8) (< wpa81)) (&& (< net45) (>= netstandard1.6) (< netstandard2.0) (< win8) (< wpa81)) (&& (>= net46) (< netstandard1.4)) (&& (< netstandard1.5) (>= uap10.0) (< uap10.1))
      System.AppContext (>= 4.3) - restriction: || (&& (< net45) (>= netstandard1.3) (< netstandard1.4) (< win8) (< wpa81)) (&& (< net45) (>= netstandard1.4) (< netstandard1.5) (< win8) (< wpa81)) (&& (< net45) (>= netstandard1.5) (< netstandard1.6) (< win8) (< wpa81)) (&& (< net45) (>= netstandard1.6) (< netstandard2.0) (< win8) (< wpa81)) (&& (>= net46) (< netstandard1.4)) (&& (< netstandard1.5) (>= uap10.0) (< uap10.1))
      System.Collections (>= 4.3) - restriction: || (&& (< net45) (>= netstandard1.1) (< netstandard1.2) (< win8)) (&& (< net45) (>= netstandard1.2) (< netstandard1.3) (< win8) (< wpa81)) (&& (< net45) (>= netstandard1.3) (< netstandard1.4) (< win8) (< wpa81)) (&& (< net45) (>= netstandard1.4) (< netstandard1.5) (< win8) (< wpa81)) (&& (< net45) (>= netstandard1.5) (< netstandard1.6) (< win8) (< wpa81)) (&& (< net45) (>= netstandard1.6) (< netstandard2.0) (< win8) (< wpa81)) (&& (>= netstandard1.0) (< portable-net45+win8+wpa81) (< wp8)) (&& (< netstandard1.5) (>= uap10.0) (< uap10.1))
      System.Collections.Concurrent (>= 4.3) - restriction: || (&& (< net45) (>= netstandard1.1) (< netstandard1.2) (< win8)) (&& (< net45) (>= netstandard1.2) (< netstandard1.3) (< win8) (< wpa81)) (&& (< net45) (>= netstandard1.3) (< netstandard1.4) (< win8) (< wpa81)) (&& (< net45) (>= netstandard1.4) (< netstandard1.5) (< win8) (< wpa81)) (&& (< net45) (>= netstandard1.5) (< netstandard1.6) (< win8) (< wpa81)) (&& (< net45) (>= netstandard1.6) (< netstandard2.0) (< win8) (< wpa81)) (&& (< netstandard1.5) (>= uap10.0) (< uap10.1))
      System.Console (>= 4.3) - restriction: || (&& (< net45) (>= netstandard1.3) (< netstandard1.4) (< win8) (< wpa81)) (&& (< net45) (>= netstandard1.4) (< netstandard1.5) (< win8) (< wpa81)) (&& (< net45) (>= netstandard1.5) (< netstandard1.6) (< win8) (< wpa81)) (&& (< net45) (>= netstandard1.6) (< netstandard2.0) (< win8) (< wpa81)) (&& (>= net46) (< netstandard1.4)) (&& (< netstandard1.5) (>= uap10.0) (< uap10.1))
      System.Diagnostics.Debug (>= 4.3) - restriction: || (&& (< net45) (>= netstandard1.1) (< netstandard1.2) (< win8)) (&& (< net45) (>= netstandard1.2) (< netstandard1.3) (< win8) (< wpa81)) (&& (< net45) (>= netstandard1.3) (< netstandard1.4) (< win8) (< wpa81)) (&& (< net45) (>= netstandard1.4) (< netstandard1.5) (< win8) (< wpa81)) (&& (< net45) (>= netstandard1.5) (< netstandard1.6) (< win8) (< wpa81)) (&& (< net45) (>= netstandard1.6) (< netstandard2.0) (< win8) (< wpa81)) (&& (>= netstandard1.0) (< portable-net45+win8+wpa81) (< wp8)) (&& (< netstandard1.5) (>= uap10.0) (< uap10.1))
      System.Diagnostics.Tools (>= 4.3) - restriction: || (&& (< net45) (>= netstandard1.1) (< netstandard1.2) (< win8)) (&& (< net45) (>= netstandard1.2) (< netstandard1.3) (< win8) (< wpa81)) (&& (< net45) (>= netstandard1.3) (< netstandard1.4) (< win8) (< wpa81)) (&& (< net45) (>= netstandard1.4) (< netstandard1.5) (< win8) (< wpa81)) (&& (< net45) (>= netstandard1.5) (< netstandard1.6) (< win8) (< wpa81)) (&& (< net45) (>= netstandard1.6) (< netstandard2.0) (< win8) (< wpa81)) (&& (>= netstandard1.0) (< portable-net45+win8+wpa81) (< wp8)) (&& (< netstandard1.5) (>= uap10.0) (< uap10.1))
      System.Diagnostics.Tracing (>= 4.3) - restriction: || (&& (< net45) (>= netstandard1.1) (< netstandard1.2) (< win8)) (&& (< net45) (>= netstandard1.2) (< netstandard1.3) (< win8) (< wpa81)) (&& (< net45) (>= netstandard1.3) (< netstandard1.4) (< win8) (< wpa81)) (&& (< net45) (>= netstandard1.4) (< netstandard1.5) (< win8) (< wpa81)) (&& (< net45) (>= netstandard1.5) (< netstandard1.6) (< win8) (< wpa81)) (&& (< net45) (>= netstandard1.6) (< netstandard2.0) (< win8) (< wpa81)) (&& (< netstandard1.5) (>= uap10.0) (< uap10.1))
      System.Globalization (>= 4.3) - restriction: || (&& (< net45) (>= netstandard1.1) (< netstandard1.2) (< win8)) (&& (< net45) (>= netstandard1.2) (< netstandard1.3) (< win8) (< wpa81)) (&& (< net45) (>= netstandard1.3) (< netstandard1.4) (< win8) (< wpa81)) (&& (< net45) (>= netstandard1.4) (< netstandard1.5) (< win8) (< wpa81)) (&& (< net45) (>= netstandard1.5) (< netstandard1.6) (< win8) (< wpa81)) (&& (< net45) (>= netstandard1.6) (< netstandard2.0) (< win8) (< wpa81)) (&& (>= netstandard1.0) (< portable-net45+win8+wpa81) (< wp8)) (&& (< netstandard1.5) (>= uap10.0) (< uap10.1))
      System.Globalization.Calendars (>= 4.3) - restriction: || (&& (< net45) (>= netstandard1.3) (< netstandard1.4) (< win8) (< wpa81)) (&& (< net45) (>= netstandard1.4) (< netstandard1.5) (< win8) (< wpa81)) (&& (< net45) (>= netstandard1.5) (< netstandard1.6) (< win8) (< wpa81)) (&& (< net45) (>= netstandard1.6) (< netstandard2.0) (< win8) (< wpa81)) (&& (>= net46) (< netstandard1.4)) (&& (< netstandard1.5) (>= uap10.0) (< uap10.1))
      System.IO (>= 4.3) - restriction: || (&& (< net45) (>= netstandard1.1) (< netstandard1.2) (< win8)) (&& (< net45) (>= netstandard1.2) (< netstandard1.3) (< win8) (< wpa81)) (&& (< net45) (>= netstandard1.3) (< netstandard1.4) (< win8) (< wpa81)) (&& (< net45) (>= netstandard1.4) (< netstandard1.5) (< win8) (< wpa81)) (&& (< net45) (>= netstandard1.5) (< netstandard1.6) (< win8) (< wpa81)) (&& (< net45) (>= netstandard1.6) (< netstandard2.0) (< win8) (< wpa81)) (&& (>= netstandard1.0) (< portable-net45+win8+wpa81) (< wp8)) (&& (< netstandard1.5) (>= uap10.0) (< uap10.1))
      System.IO.Compression (>= 4.3) - restriction: || (&& (< net45) (>= netstandard1.1) (< netstandard1.2) (< win8)) (&& (< net45) (>= netstandard1.2) (< netstandard1.3) (< win8) (< wpa81)) (&& (< net45) (>= netstandard1.3) (< netstandard1.4) (< win8) (< wpa81)) (&& (< net45) (>= netstandard1.4) (< netstandard1.5) (< win8) (< wpa81)) (&& (< net45) (>= netstandard1.5) (< netstandard1.6) (< win8) (< wpa81)) (&& (< net45) (>= netstandard1.6) (< netstandard2.0) (< win8) (< wpa81)) (&& (>= net46) (< netstandard1.4)) (&& (< netstandard1.5) (>= uap10.0) (< uap10.1))
      System.IO.Compression.ZipFile (>= 4.3) - restriction: || (&& (< net45) (>= netstandard1.3) (< netstandard1.4) (< win8) (< wpa81)) (&& (< net45) (>= netstandard1.4) (< netstandard1.5) (< win8) (< wpa81)) (&& (< net45) (>= netstandard1.5) (< netstandard1.6) (< win8) (< wpa81)) (&& (< net45) (>= netstandard1.6) (< netstandard2.0) (< win8) (< wpa81)) (&& (>= net46) (< netstandard1.4)) (&& (< netstandard1.5) (>= uap10.0) (< uap10.1))
      System.IO.FileSystem (>= 4.3) - restriction: || (&& (< net45) (>= netstandard1.3) (< netstandard1.4) (< win8) (< wpa81)) (&& (< net45) (>= netstandard1.4) (< netstandard1.5) (< win8) (< wpa81)) (&& (< net45) (>= netstandard1.5) (< netstandard1.6) (< win8) (< wpa81)) (&& (< net45) (>= netstandard1.6) (< netstandard2.0) (< win8) (< wpa81)) (&& (>= net46) (< netstandard1.4)) (&& (< netstandard1.5) (>= uap10.0) (< uap10.1))
      System.IO.FileSystem.Primitives (>= 4.3) - restriction: || (&& (< net45) (>= netstandard1.3) (< netstandard1.4) (< win8) (< wpa81)) (&& (< net45) (>= netstandard1.4) (< netstandard1.5) (< win8) (< wpa81)) (&& (< net45) (>= netstandard1.5) (< netstandard1.6) (< win8) (< wpa81)) (&& (< net45) (>= netstandard1.6) (< netstandard2.0) (< win8) (< wpa81)) (&& (>= net46) (< netstandard1.4)) (&& (< netstandard1.5) (>= uap10.0) (< uap10.1))
      System.Linq (>= 4.3) - restriction: || (&& (< net45) (>= netstandard1.1) (< netstandard1.2) (< win8)) (&& (< net45) (>= netstandard1.2) (< netstandard1.3) (< win8) (< wpa81)) (&& (< net45) (>= netstandard1.3) (< netstandard1.4) (< win8) (< wpa81)) (&& (< net45) (>= netstandard1.4) (< netstandard1.5) (< win8) (< wpa81)) (&& (< net45) (>= netstandard1.5) (< netstandard1.6) (< win8) (< wpa81)) (&& (< net45) (>= netstandard1.6) (< netstandard2.0) (< win8) (< wpa81)) (&& (>= netstandard1.0) (< portable-net45+win8+wpa81) (< wp8)) (&& (< netstandard1.5) (>= uap10.0) (< uap10.1))
      System.Linq.Expressions (>= 4.3) - restriction: || (&& (< net45) (>= netstandard1.1) (< netstandard1.2) (< win8)) (&& (< net45) (>= netstandard1.2) (< netstandard1.3) (< win8) (< wpa81)) (&& (< net45) (>= netstandard1.3) (< netstandard1.4) (< win8) (< wpa81)) (&& (< net45) (>= netstandard1.4) (< netstandard1.5) (< win8) (< wpa81)) (&& (< net45) (>= netstandard1.5) (< netstandard1.6) (< win8) (< wpa81)) (&& (< net45) (>= netstandard1.6) (< netstandard2.0) (< win8) (< wpa81)) (&& (>= netstandard1.0) (< portable-net45+win8+wpa81) (< wp8)) (&& (< netstandard1.5) (>= uap10.0) (< uap10.1))
      System.Net.Http (>= 4.3.2) - restriction: || (&& (< net45) (>= netstandard1.1) (< netstandard1.2) (< win8)) (&& (< net45) (>= netstandard1.2) (< netstandard1.3) (< win8) (< wpa81)) (&& (< net45) (>= netstandard1.3) (< netstandard1.4) (< win8) (< wpa81)) (&& (< net45) (>= netstandard1.4) (< netstandard1.5) (< win8) (< wpa81)) (&& (< net45) (>= netstandard1.5) (< netstandard1.6) (< win8) (< wpa81)) (&& (< net45) (>= netstandard1.6) (< netstandard2.0) (< win8) (< wpa81)) (&& (>= net46) (< netstandard1.4)) (&& (< netstandard1.5) (>= uap10.0) (< uap10.1))
      System.Net.Primitives (>= 4.3) - restriction: || (&& (< net45) (>= netstandard1.1) (< netstandard1.2) (< win8)) (&& (< net45) (>= netstandard1.2) (< netstandard1.3) (< win8) (< wpa81)) (&& (< net45) (>= netstandard1.3) (< netstandard1.4) (< win8) (< wpa81)) (&& (< net45) (>= netstandard1.4) (< netstandard1.5) (< win8) (< wpa81)) (&& (< net45) (>= netstandard1.5) (< netstandard1.6) (< win8) (< wpa81)) (&& (< net45) (>= netstandard1.6) (< netstandard2.0) (< win8) (< wpa81)) (&& (>= netstandard1.0) (< portable-net45+win8+wpa81) (< wp8)) (&& (< netstandard1.5) (>= uap10.0) (< uap10.1))
      System.Net.Sockets (>= 4.3) - restriction: || (&& (< net45) (>= netstandard1.3) (< netstandard1.4) (< win8) (< wpa81)) (&& (< net45) (>= netstandard1.4) (< netstandard1.5) (< win8) (< wpa81)) (&& (< net45) (>= netstandard1.5) (< netstandard1.6) (< win8) (< wpa81)) (&& (< net45) (>= netstandard1.6) (< netstandard2.0) (< win8) (< wpa81)) (&& (>= net46) (< netstandard1.4)) (&& (< netstandard1.5) (>= uap10.0) (< uap10.1))
      System.ObjectModel (>= 4.3) - restriction: || (&& (< net45) (>= netstandard1.1) (< netstandard1.2) (< win8)) (&& (< net45) (>= netstandard1.2) (< netstandard1.3) (< win8) (< wpa81)) (&& (< net45) (>= netstandard1.3) (< netstandard1.4) (< win8) (< wpa81)) (&& (< net45) (>= netstandard1.4) (< netstandard1.5) (< win8) (< wpa81)) (&& (< net45) (>= netstandard1.5) (< netstandard1.6) (< win8) (< wpa81)) (&& (< net45) (>= netstandard1.6) (< netstandard2.0) (< win8) (< wpa81)) (&& (>= netstandard1.0) (< portable-net45+win8+wpa81) (< wp8)) (&& (< netstandard1.5) (>= uap10.0) (< uap10.1))
      System.Reflection (>= 4.3) - restriction: || (&& (< net45) (>= netstandard1.1) (< netstandard1.2) (< win8)) (&& (< net45) (>= netstandard1.2) (< netstandard1.3) (< win8) (< wpa81)) (&& (< net45) (>= netstandard1.3) (< netstandard1.4) (< win8) (< wpa81)) (&& (< net45) (>= netstandard1.4) (< netstandard1.5) (< win8) (< wpa81)) (&& (< net45) (>= netstandard1.5) (< netstandard1.6) (< win8) (< wpa81)) (&& (< net45) (>= netstandard1.6) (< netstandard2.0) (< win8) (< wpa81)) (&& (>= netstandard1.0) (< portable-net45+win8+wpa81) (< wp8)) (&& (< netstandard1.5) (>= uap10.0) (< uap10.1))
      System.Reflection.Extensions (>= 4.3) - restriction: || (&& (< net45) (>= netstandard1.1) (< netstandard1.2) (< win8)) (&& (< net45) (>= netstandard1.2) (< netstandard1.3) (< win8) (< wpa81)) (&& (< net45) (>= netstandard1.3) (< netstandard1.4) (< win8) (< wpa81)) (&& (< net45) (>= netstandard1.4) (< netstandard1.5) (< win8) (< wpa81)) (&& (< net45) (>= netstandard1.5) (< netstandard1.6) (< win8) (< wpa81)) (&& (< net45) (>= netstandard1.6) (< netstandard2.0) (< win8) (< wpa81)) (&& (>= netstandard1.0) (< portable-net45+win8+wpa81) (< wp8)) (&& (< netstandard1.5) (>= uap10.0) (< uap10.1))
      System.Reflection.Primitives (>= 4.3) - restriction: || (&& (< net45) (>= netstandard1.1) (< netstandard1.2) (< win8)) (&& (< net45) (>= netstandard1.2) (< netstandard1.3) (< win8) (< wpa81)) (&& (< net45) (>= netstandard1.3) (< netstandard1.4) (< win8) (< wpa81)) (&& (< net45) (>= netstandard1.4) (< netstandard1.5) (< win8) (< wpa81)) (&& (< net45) (>= netstandard1.5) (< netstandard1.6) (< win8) (< wpa81)) (&& (< net45) (>= netstandard1.6) (< netstandard2.0) (< win8) (< wpa81)) (&& (>= netstandard1.0) (< portable-net45+win8+wpa81) (< wp8)) (&& (< netstandard1.5) (>= uap10.0) (< uap10.1))
      System.Resources.ResourceManager (>= 4.3) - restriction: || (&& (< net45) (>= netstandard1.1) (< netstandard1.2) (< win8)) (&& (< net45) (>= netstandard1.2) (< netstandard1.3) (< win8) (< wpa81)) (&& (< net45) (>= netstandard1.3) (< netstandard1.4) (< win8) (< wpa81)) (&& (< net45) (>= netstandard1.4) (< netstandard1.5) (< win8) (< wpa81)) (&& (< net45) (>= netstandard1.5) (< netstandard1.6) (< win8) (< wpa81)) (&& (< net45) (>= netstandard1.6) (< netstandard2.0) (< win8) (< wpa81)) (&& (>= netstandard1.0) (< portable-net45+win8+wpa81) (< wp8)) (&& (< netstandard1.5) (>= uap10.0) (< uap10.1))
      System.Runtime (>= 4.3) - restriction: || (&& (< net45) (>= netstandard1.1) (< netstandard1.2) (< win8)) (&& (< net45) (>= netstandard1.2) (< netstandard1.3) (< win8) (< wpa81)) (&& (< net45) (>= netstandard1.3) (< netstandard1.4) (< win8) (< wpa81)) (&& (< net45) (>= netstandard1.4) (< netstandard1.5) (< win8) (< wpa81)) (&& (< net45) (>= netstandard1.5) (< netstandard1.6) (< win8) (< wpa81)) (&& (< net45) (>= netstandard1.6) (< netstandard2.0) (< win8) (< wpa81)) (&& (>= netstandard1.0) (< portable-net45+win8+wpa81) (< wp8)) (&& (< netstandard1.5) (>= uap10.0) (< uap10.1))
      System.Runtime.Extensions (>= 4.3) - restriction: || (&& (< net45) (>= netstandard1.1) (< netstandard1.2) (< win8)) (&& (< net45) (>= netstandard1.2) (< netstandard1.3) (< win8) (< wpa81)) (&& (< net45) (>= netstandard1.3) (< netstandard1.4) (< win8) (< wpa81)) (&& (< net45) (>= netstandard1.4) (< netstandard1.5) (< win8) (< wpa81)) (&& (< net45) (>= netstandard1.5) (< netstandard1.6) (< win8) (< wpa81)) (&& (< net45) (>= netstandard1.6) (< netstandard2.0) (< win8) (< wpa81)) (&& (>= netstandard1.0) (< portable-net45+win8+wpa81) (< wp8)) (&& (< netstandard1.5) (>= uap10.0) (< uap10.1))
      System.Runtime.Handles (>= 4.3) - restriction: || (&& (< net45) (>= netstandard1.3) (< netstandard1.4) (< win8) (< wpa81)) (&& (< net45) (>= netstandard1.4) (< netstandard1.5) (< win8) (< wpa81)) (&& (< net45) (>= netstandard1.5) (< netstandard1.6) (< win8) (< wpa81)) (&& (< net45) (>= netstandard1.6) (< netstandard2.0) (< win8) (< wpa81)) (&& (< netstandard1.5) (>= uap10.0) (< uap10.1))
      System.Runtime.InteropServices (>= 4.3) - restriction: || (&& (< net45) (>= netstandard1.1) (< netstandard1.2) (< win8)) (&& (< net45) (>= netstandard1.2) (< netstandard1.3) (< win8) (< wpa81)) (&& (< net45) (>= netstandard1.3) (< netstandard1.4) (< win8) (< wpa81)) (&& (< net45) (>= netstandard1.4) (< netstandard1.5) (< win8) (< wpa81)) (&& (< net45) (>= netstandard1.5) (< netstandard1.6) (< win8) (< wpa81)) (&& (< net45) (>= netstandard1.6) (< netstandard2.0) (< win8) (< wpa81)) (&& (< netstandard1.5) (>= uap10.0) (< uap10.1))
      System.Runtime.InteropServices.RuntimeInformation (>= 4.3) - restriction: || (&& (>= net45) (< netstandard1.3)) (&& (< net45) (>= netstandard1.1) (< netstandard1.2) (< win8)) (&& (< net45) (>= netstandard1.2) (< netstandard1.3) (< win8) (< wpa81)) (&& (< net45) (>= netstandard1.3) (< netstandard1.4) (< win8) (< wpa81)) (&& (< net45) (>= netstandard1.4) (< netstandard1.5) (< win8) (< wpa81)) (&& (< net45) (>= netstandard1.5) (< netstandard1.6) (< win8) (< wpa81)) (&& (< net45) (>= netstandard1.6) (< netstandard2.0) (< win8) (< wpa81)) (&& (>= net46) (< netstandard1.4)) (&& (< netstandard1.0) (>= portable-net45+win8) (< win8)) (&& (< netstandard1.0) (< portable-net45+win8) (>= portable-net45+win8+wpa81)) (&& (< netstandard1.0) (>= win8)) (&& (< netstandard1.3) (< win8) (>= wpa81)) (&& (< netstandard1.5) (>= uap10.0) (< uap10.1))
      System.Runtime.Numerics (>= 4.3) - restriction: || (&& (< net45) (>= netstandard1.1) (< netstandard1.2) (< win8)) (&& (< net45) (>= netstandard1.2) (< netstandard1.3) (< win8) (< wpa81)) (&& (< net45) (>= netstandard1.3) (< netstandard1.4) (< win8) (< wpa81)) (&& (< net45) (>= netstandard1.4) (< netstandard1.5) (< win8) (< wpa81)) (&& (< net45) (>= netstandard1.5) (< netstandard1.6) (< win8) (< wpa81)) (&& (< net45) (>= netstandard1.6) (< netstandard2.0) (< win8) (< wpa81)) (&& (< netstandard1.5) (>= uap10.0) (< uap10.1))
      System.Security.Cryptography.Algorithms (>= 4.3) - restriction: || (&& (< net45) (>= netstandard1.3) (< netstandard1.4) (< win8) (< wpa81)) (&& (< net45) (>= netstandard1.4) (< netstandard1.5) (< win8) (< wpa81)) (&& (< net45) (>= netstandard1.5) (< netstandard1.6) (< win8) (< wpa81)) (&& (< net45) (>= netstandard1.6) (< netstandard2.0) (< win8) (< wpa81)) (&& (>= net46) (< netstandard1.4)) (&& (< netstandard1.5) (>= uap10.0) (< uap10.1))
      System.Security.Cryptography.Encoding (>= 4.3) - restriction: || (&& (< net45) (>= netstandard1.3) (< netstandard1.4) (< win8) (< wpa81)) (&& (< net45) (>= netstandard1.4) (< netstandard1.5) (< win8) (< wpa81)) (&& (< net45) (>= netstandard1.5) (< netstandard1.6) (< win8) (< wpa81)) (&& (< net45) (>= netstandard1.6) (< netstandard2.0) (< win8) (< wpa81)) (&& (>= net46) (< netstandard1.4)) (&& (< netstandard1.5) (>= uap10.0) (< uap10.1))
      System.Security.Cryptography.Primitives (>= 4.3) - restriction: || (&& (< net45) (>= netstandard1.3) (< netstandard1.4) (< win8) (< wpa81)) (&& (< net45) (>= netstandard1.4) (< netstandard1.5) (< win8) (< wpa81)) (&& (< net45) (>= netstandard1.5) (< netstandard1.6) (< win8) (< wpa81)) (&& (< net45) (>= netstandard1.6) (< netstandard2.0) (< win8) (< wpa81)) (&& (>= net46) (< netstandard1.4)) (&& (< netstandard1.5) (>= uap10.0) (< uap10.1))
      System.Security.Cryptography.X509Certificates (>= 4.3) - restriction: || (&& (< net45) (>= netstandard1.3) (< netstandard1.4) (< win8) (< wpa81)) (&& (< net45) (>= netstandard1.4) (< netstandard1.5) (< win8) (< wpa81)) (&& (< net45) (>= netstandard1.5) (< netstandard1.6) (< win8) (< wpa81)) (&& (< net45) (>= netstandard1.6) (< netstandard2.0) (< win8) (< wpa81)) (&& (>= net46) (< netstandard1.4)) (&& (< netstandard1.5) (>= uap10.0) (< uap10.1))
      System.Text.Encoding (>= 4.3) - restriction: || (&& (< net45) (>= netstandard1.1) (< netstandard1.2) (< win8)) (&& (< net45) (>= netstandard1.2) (< netstandard1.3) (< win8) (< wpa81)) (&& (< net45) (>= netstandard1.3) (< netstandard1.4) (< win8) (< wpa81)) (&& (< net45) (>= netstandard1.4) (< netstandard1.5) (< win8) (< wpa81)) (&& (< net45) (>= netstandard1.5) (< netstandard1.6) (< win8) (< wpa81)) (&& (< net45) (>= netstandard1.6) (< netstandard2.0) (< win8) (< wpa81)) (&& (>= netstandard1.0) (< portable-net45+win8+wpa81) (< wp8)) (&& (< netstandard1.5) (>= uap10.0) (< uap10.1))
      System.Text.Encoding.Extensions (>= 4.3) - restriction: || (&& (< net45) (>= netstandard1.1) (< netstandard1.2) (< win8)) (&& (< net45) (>= netstandard1.2) (< netstandard1.3) (< win8) (< wpa81)) (&& (< net45) (>= netstandard1.3) (< netstandard1.4) (< win8) (< wpa81)) (&& (< net45) (>= netstandard1.4) (< netstandard1.5) (< win8) (< wpa81)) (&& (< net45) (>= netstandard1.5) (< netstandard1.6) (< win8) (< wpa81)) (&& (< net45) (>= netstandard1.6) (< netstandard2.0) (< win8) (< wpa81)) (&& (>= netstandard1.0) (< portable-net45+win8+wpa81) (< wp8)) (&& (< netstandard1.5) (>= uap10.0) (< uap10.1))
      System.Text.RegularExpressions (>= 4.3) - restriction: || (&& (< net45) (>= netstandard1.1) (< netstandard1.2) (< win8)) (&& (< net45) (>= netstandard1.2) (< netstandard1.3) (< win8) (< wpa81)) (&& (< net45) (>= netstandard1.3) (< netstandard1.4) (< win8) (< wpa81)) (&& (< net45) (>= netstandard1.4) (< netstandard1.5) (< win8) (< wpa81)) (&& (< net45) (>= netstandard1.5) (< netstandard1.6) (< win8) (< wpa81)) (&& (< net45) (>= netstandard1.6) (< netstandard2.0) (< win8) (< wpa81)) (&& (>= netstandard1.0) (< portable-net45+win8+wpa81) (< wp8)) (&& (< netstandard1.5) (>= uap10.0) (< uap10.1))
      System.Threading (>= 4.3) - restriction: || (&& (< net45) (>= netstandard1.1) (< netstandard1.2) (< win8)) (&& (< net45) (>= netstandard1.2) (< netstandard1.3) (< win8) (< wpa81)) (&& (< net45) (>= netstandard1.3) (< netstandard1.4) (< win8) (< wpa81)) (&& (< net45) (>= netstandard1.4) (< netstandard1.5) (< win8) (< wpa81)) (&& (< net45) (>= netstandard1.5) (< netstandard1.6) (< win8) (< wpa81)) (&& (< net45) (>= netstandard1.6) (< netstandard2.0) (< win8) (< wpa81)) (&& (>= netstandard1.0) (< portable-net45+win8+wpa81) (< wp8)) (&& (< netstandard1.5) (>= uap10.0) (< uap10.1))
      System.Threading.Tasks (>= 4.3) - restriction: || (&& (< net45) (>= netstandard1.1) (< netstandard1.2) (< win8)) (&& (< net45) (>= netstandard1.2) (< netstandard1.3) (< win8) (< wpa81)) (&& (< net45) (>= netstandard1.3) (< netstandard1.4) (< win8) (< wpa81)) (&& (< net45) (>= netstandard1.4) (< netstandard1.5) (< win8) (< wpa81)) (&& (< net45) (>= netstandard1.5) (< netstandard1.6) (< win8) (< wpa81)) (&& (< net45) (>= netstandard1.6) (< netstandard2.0) (< win8) (< wpa81)) (&& (>= netstandard1.0) (< portable-net45+win8+wpa81) (< wp8)) (&& (< netstandard1.5) (>= uap10.0) (< uap10.1))
      System.Threading.Timer (>= 4.3) - restriction: || (&& (< net45) (>= netstandard1.2) (< netstandard1.3) (< win8) (< wpa81)) (&& (< net45) (>= netstandard1.3) (< netstandard1.4) (< win8) (< wpa81)) (&& (< net45) (>= netstandard1.4) (< netstandard1.5) (< win8) (< wpa81)) (&& (< net45) (>= netstandard1.5) (< netstandard1.6) (< win8) (< wpa81)) (&& (< net45) (>= netstandard1.6) (< netstandard2.0) (< win8) (< wpa81)) (&& (< netstandard1.5) (>= uap10.0) (< uap10.1))
      System.Xml.ReaderWriter (>= 4.3) - restriction: || (&& (< net45) (>= netstandard1.1) (< netstandard1.2) (< win8)) (&& (< net45) (>= netstandard1.2) (< netstandard1.3) (< win8) (< wpa81)) (&& (< net45) (>= netstandard1.3) (< netstandard1.4) (< win8) (< wpa81)) (&& (< net45) (>= netstandard1.4) (< netstandard1.5) (< win8) (< wpa81)) (&& (< net45) (>= netstandard1.5) (< netstandard1.6) (< win8) (< wpa81)) (&& (< net45) (>= netstandard1.6) (< netstandard2.0) (< win8) (< wpa81)) (&& (>= net46) (< netstandard1.4)) (&& (>= netstandard1.0) (< portable-net45+win8+wpa81) (< wp8)) (&& (< netstandard1.5) (>= uap10.0) (< uap10.1))
      System.Xml.XDocument (>= 4.3) - restriction: || (&& (< net45) (>= netstandard1.1) (< netstandard1.2) (< win8)) (&& (< net45) (>= netstandard1.2) (< netstandard1.3) (< win8) (< wpa81)) (&& (< net45) (>= netstandard1.3) (< netstandard1.4) (< win8) (< wpa81)) (&& (< net45) (>= netstandard1.4) (< netstandard1.5) (< win8) (< wpa81)) (&& (< net45) (>= netstandard1.5) (< netstandard1.6) (< win8) (< wpa81)) (&& (< net45) (>= netstandard1.6) (< netstandard2.0) (< win8) (< wpa81)) (&& (>= netstandard1.0) (< portable-net45+win8+wpa81) (< wp8)) (&& (< netstandard1.5) (>= uap10.0) (< uap10.1))
    Newtonsoft.Json (12.0.3) - restriction: || (&& (< monoandroid) (< monotouch) (< net451) (>= netstandard1.6) (< netstandard2.0) (< xamarintvos) (< xamarinwatchos)) (&& (< monoandroid) (< net451) (>= netstandard1.3) (< netstandard1.6) (< uap10.1)) (&& (>= net451) (< net461) (< netstandard1.6)) (>= netcoreapp3.1)
    runtime.debian.8-x64.runtime.native.System.Security.Cryptography.OpenSsl (4.3.3) - restriction: || (&& (< monoandroid) (< monotouch) (< net40) (>= netstandard1.6) (< netstandard2.0) (< win8) (< wpa81) (< xamarintvos) (< xamarinwatchos)) (&& (< monoandroid) (< net40) (< netstandard1.2) (>= netstandard1.6) (< win8)) (&& (< monoandroid) (< net40) (< netstandard1.3) (>= netstandard1.6) (< win8) (< wpa81)) (&& (< monoandroid) (< net40) (< netstandard1.4) (>= netstandard1.6) (< win8) (< wpa81)) (&& (< monoandroid) (< net40) (< netstandard1.5) (>= netstandard1.6) (< win8) (< wpa81)) (&& (< net40) (>= net46) (< netstandard1.4) (>= netstandard1.6)) (&& (< netstandard1.5) (>= netstandard1.6) (>= uap10.0))
    runtime.debian.9-x64.runtime.native.System.Security.Cryptography.OpenSsl (4.3.3) - restriction: || (&& (< monoandroid) (< monotouch) (< net40) (>= netstandard1.6) (< netstandard2.0) (< win8) (< wpa81) (< xamarintvos) (< xamarinwatchos)) (&& (< monoandroid) (< net40) (< netstandard1.2) (>= netstandard1.6) (< win8)) (&& (< monoandroid) (< net40) (< netstandard1.3) (>= netstandard1.6) (< win8) (< wpa81)) (&& (< monoandroid) (< net40) (< netstandard1.4) (>= netstandard1.6) (< win8) (< wpa81)) (&& (< monoandroid) (< net40) (< netstandard1.5) (>= netstandard1.6) (< win8) (< wpa81)) (&& (< net40) (>= net46) (< netstandard1.4) (>= netstandard1.6)) (&& (< netstandard1.5) (>= netstandard1.6) (>= uap10.0))
    runtime.fedora.23-x64.runtime.native.System.Security.Cryptography.OpenSsl (4.3.3) - restriction: || (&& (< monoandroid) (< monotouch) (< net40) (>= netstandard1.6) (< netstandard2.0) (< win8) (< wpa81) (< xamarintvos) (< xamarinwatchos)) (&& (< monoandroid) (< net40) (< netstandard1.2) (>= netstandard1.6) (< win8)) (&& (< monoandroid) (< net40) (< netstandard1.3) (>= netstandard1.6) (< win8) (< wpa81)) (&& (< monoandroid) (< net40) (< netstandard1.4) (>= netstandard1.6) (< win8) (< wpa81)) (&& (< monoandroid) (< net40) (< netstandard1.5) (>= netstandard1.6) (< win8) (< wpa81)) (&& (< net40) (>= net46) (< netstandard1.4) (>= netstandard1.6)) (&& (< netstandard1.5) (>= netstandard1.6) (>= uap10.0))
    runtime.fedora.24-x64.runtime.native.System.Security.Cryptography.OpenSsl (4.3.3) - restriction: || (&& (< monoandroid) (< monotouch) (< net40) (>= netstandard1.6) (< netstandard2.0) (< win8) (< wpa81) (< xamarintvos) (< xamarinwatchos)) (&& (< monoandroid) (< net40) (< netstandard1.2) (>= netstandard1.6) (< win8)) (&& (< monoandroid) (< net40) (< netstandard1.3) (>= netstandard1.6) (< win8) (< wpa81)) (&& (< monoandroid) (< net40) (< netstandard1.4) (>= netstandard1.6) (< win8) (< wpa81)) (&& (< monoandroid) (< net40) (< netstandard1.5) (>= netstandard1.6) (< win8) (< wpa81)) (&& (< net40) (>= net46) (< netstandard1.4) (>= netstandard1.6)) (&& (< netstandard1.5) (>= netstandard1.6) (>= uap10.0))
    runtime.fedora.27-x64.runtime.native.System.Security.Cryptography.OpenSsl (4.3.3) - restriction: || (&& (< monoandroid) (< monotouch) (< net40) (>= netstandard1.6) (< netstandard2.0) (< win8) (< wpa81) (< xamarintvos) (< xamarinwatchos)) (&& (< monoandroid) (< net40) (< netstandard1.2) (>= netstandard1.6) (< win8)) (&& (< monoandroid) (< net40) (< netstandard1.3) (>= netstandard1.6) (< win8) (< wpa81)) (&& (< monoandroid) (< net40) (< netstandard1.4) (>= netstandard1.6) (< win8) (< wpa81)) (&& (< monoandroid) (< net40) (< netstandard1.5) (>= netstandard1.6) (< win8) (< wpa81)) (&& (< net40) (>= net46) (< netstandard1.4) (>= netstandard1.6)) (&& (< netstandard1.5) (>= netstandard1.6) (>= uap10.0))
    runtime.fedora.28-x64.runtime.native.System.Security.Cryptography.OpenSsl (4.3.3) - restriction: || (&& (< monoandroid) (< monotouch) (< net40) (>= netstandard1.6) (< netstandard2.0) (< win8) (< wpa81) (< xamarintvos) (< xamarinwatchos)) (&& (< monoandroid) (< net40) (< netstandard1.2) (>= netstandard1.6) (< win8)) (&& (< monoandroid) (< net40) (< netstandard1.3) (>= netstandard1.6) (< win8) (< wpa81)) (&& (< monoandroid) (< net40) (< netstandard1.4) (>= netstandard1.6) (< win8) (< wpa81)) (&& (< monoandroid) (< net40) (< netstandard1.5) (>= netstandard1.6) (< win8) (< wpa81)) (&& (< net40) (>= net46) (< netstandard1.4) (>= netstandard1.6)) (&& (< netstandard1.5) (>= netstandard1.6) (>= uap10.0))
    runtime.linux-arm.runtime.native.System.IO.Ports (5.0.0-rtm.20519.4) - restriction: || (&& (>= monoandroid) (>= netcoreapp2.0)) (&& (>= monoandroid) (>= netcoreapp2.1)) (&& (>= monoandroid) (>= netstandard2.0)) (&& (>= monoandroid) (>= netstandard2.1)) (&& (>= monotouch) (>= netcoreapp2.0)) (&& (>= monotouch) (>= netcoreapp2.1)) (&& (>= monotouch) (>= netstandard2.0)) (&& (>= monotouch) (>= netstandard2.1)) (&& (< net461) (< netcoreapp2.0) (>= netstandard2.0) (< netstandard2.1)) (&& (>= netcoreapp2.0) (< netcoreapp2.1) (< netstandard2.1)) (&& (>= netcoreapp2.0) (>= xamarintvos)) (&& (>= netcoreapp2.0) (>= xamarinwatchos)) (&& (< netcoreapp2.0) (>= netstandard2.1)) (&& (>= netcoreapp2.1) (< netstandard2.1)) (&& (>= netcoreapp2.1) (>= xamarintvos)) (&& (>= netcoreapp2.1) (>= xamarinwatchos)) (>= netcoreapp3.0) (&& (>= netstandard2.0) (>= xamarintvos)) (&& (>= netstandard2.0) (>= xamarinwatchos)) (&& (>= netstandard2.1) (>= xamarintvos)) (&& (>= netstandard2.1) (>= xamarinwatchos)) (>= xamarinios) (>= xamarinmac)
    runtime.linux-arm64.runtime.native.System.IO.Ports (5.0.0-rtm.20519.4) - restriction: || (&& (>= monoandroid) (>= netcoreapp2.0)) (&& (>= monoandroid) (>= netcoreapp2.1)) (&& (>= monoandroid) (>= netstandard2.0)) (&& (>= monoandroid) (>= netstandard2.1)) (&& (>= monotouch) (>= netcoreapp2.0)) (&& (>= monotouch) (>= netcoreapp2.1)) (&& (>= monotouch) (>= netstandard2.0)) (&& (>= monotouch) (>= netstandard2.1)) (&& (< net461) (< netcoreapp2.0) (>= netstandard2.0) (< netstandard2.1)) (&& (>= netcoreapp2.0) (< netcoreapp2.1) (< netstandard2.1)) (&& (>= netcoreapp2.0) (>= xamarintvos)) (&& (>= netcoreapp2.0) (>= xamarinwatchos)) (&& (< netcoreapp2.0) (>= netstandard2.1)) (&& (>= netcoreapp2.1) (< netstandard2.1)) (&& (>= netcoreapp2.1) (>= xamarintvos)) (&& (>= netcoreapp2.1) (>= xamarinwatchos)) (>= netcoreapp3.0) (&& (>= netstandard2.0) (>= xamarintvos)) (&& (>= netstandard2.0) (>= xamarinwatchos)) (&& (>= netstandard2.1) (>= xamarintvos)) (&& (>= netstandard2.1) (>= xamarinwatchos)) (>= xamarinios) (>= xamarinmac)
    runtime.linux-x64.runtime.native.System.IO.Ports (5.0.0-rtm.20519.4) - restriction: || (&& (>= monoandroid) (>= netcoreapp2.0)) (&& (>= monoandroid) (>= netcoreapp2.1)) (&& (>= monoandroid) (>= netstandard2.0)) (&& (>= monoandroid) (>= netstandard2.1)) (&& (>= monotouch) (>= netcoreapp2.0)) (&& (>= monotouch) (>= netcoreapp2.1)) (&& (>= monotouch) (>= netstandard2.0)) (&& (>= monotouch) (>= netstandard2.1)) (&& (< net461) (< netcoreapp2.0) (>= netstandard2.0) (< netstandard2.1)) (&& (>= netcoreapp2.0) (< netcoreapp2.1) (< netstandard2.1)) (&& (>= netcoreapp2.0) (>= xamarintvos)) (&& (>= netcoreapp2.0) (>= xamarinwatchos)) (&& (< netcoreapp2.0) (>= netstandard2.1)) (&& (>= netcoreapp2.1) (< netstandard2.1)) (&& (>= netcoreapp2.1) (>= xamarintvos)) (&& (>= netcoreapp2.1) (>= xamarinwatchos)) (>= netcoreapp3.0) (&& (>= netstandard2.0) (>= xamarintvos)) (&& (>= netstandard2.0) (>= xamarinwatchos)) (&& (>= netstandard2.1) (>= xamarintvos)) (&& (>= netstandard2.1) (>= xamarinwatchos)) (>= xamarinios) (>= xamarinmac)
    runtime.native.System (4.3.1) - restriction: || (&& (< monoandroid) (< monotouch) (< net35) (>= netstandard1.6) (< netstandard2.0) (< xamarintvos) (< xamarinwatchos)) (&& (< monoandroid) (< monotouch) (< net40) (>= netstandard1.6) (< netstandard2.0) (< win8) (< wpa81) (< xamarintvos) (< xamarinwatchos)) (&& (< monoandroid) (< net35) (< netstandard1.5) (>= netstandard1.6)) (&& (< monoandroid) (< net35) (>= netstandard2.0) (< xamarinios) (< xamarinmac)) (&& (< monoandroid) (< net40) (< netstandard1.2) (>= netstandard1.6) (< win8)) (&& (< monoandroid) (< net40) (< netstandard1.3) (>= netstandard1.6) (< win8) (< wpa81)) (&& (< monoandroid) (< net40) (< netstandard1.4) (>= netstandard1.6) (< win8) (< wpa81)) (&& (< monoandroid) (< net40) (< netstandard1.5) (>= netstandard1.6) (< win8) (< wpa81)) (&& (< net35) (>= net40) (>= netstandard1.3) (< netstandard1.5)) (&& (< net35) (>= net40) (>= netstandard1.5) (< netstandard1.6)) (&& (< net35) (>= net45) (>= netstandard1.3) (< netstandard1.5)) (&& (< net35) (>= net45) (>= netstandard1.5)) (&& (< net40) (>= net46) (< netstandard1.4) (>= netstandard1.6)) (&& (< netstandard1.5) (>= netstandard1.6) (>= uap10.0)) (>= netstandard2.1)
      Microsoft.NETCore.Platforms (>= 1.1.1)
      Microsoft.NETCore.Targets (>= 1.1.3)
    runtime.native.System.Data.SqlClient.sni (4.7) - restriction: || (&& (< monoandroid) (< net451) (< netcoreapp2.0) (>= netstandard2.0) (< netstandard2.1) (< xamarinios) (< xamarinmac)) (&& (>= netcoreapp2.0) (< netcoreapp2.1) (< netstandard2.1)) (&& (>= netcoreapp2.0) (< netstandard2.0)) (&& (< netcoreapp2.0) (>= netstandard2.1)) (&& (>= netcoreapp2.1) (< netstandard2.0)) (&& (>= netcoreapp2.1) (< netstandard2.1)) (>= netcoreapp3.0) (&& (< netstandard2.0) (>= netstandard2.1))
      runtime.win-arm64.runtime.native.System.Data.SqlClient.sni (>= 4.4)
      runtime.win-x64.runtime.native.System.Data.SqlClient.sni (>= 4.4)
      runtime.win-x86.runtime.native.System.Data.SqlClient.sni (>= 4.4)
    runtime.native.System.IO.Compression (4.3.2) - restriction: || (&& (< monoandroid) (< monotouch) (< net40) (>= netstandard1.6) (< netstandard2.0) (< win8) (< wpa81) (< xamarintvos) (< xamarinwatchos)) (&& (< monoandroid) (< net40) (< netstandard1.2) (>= netstandard1.6) (< win8)) (&& (< monoandroid) (< net40) (< netstandard1.3) (>= netstandard1.6) (< win8) (< wpa81)) (&& (< monoandroid) (< net40) (< netstandard1.4) (>= netstandard1.6) (< win8) (< wpa81)) (&& (< monoandroid) (< net40) (< netstandard1.5) (>= netstandard1.6) (< win8) (< wpa81)) (&& (< net40) (>= net46) (< netstandard1.4) (>= netstandard1.6)) (&& (< netstandard1.5) (>= netstandard1.6) (>= uap10.0) (< win8) (< wpa81))
      Microsoft.NETCore.Platforms (>= 1.1.1)
      Microsoft.NETCore.Targets (>= 1.1.3)
    runtime.native.System.IO.Ports (5.0) - restriction: || (&& (>= monoandroid) (>= netcoreapp2.0)) (&& (>= monoandroid) (>= netcoreapp2.1)) (&& (>= monoandroid) (>= netstandard2.0)) (&& (>= monoandroid) (>= netstandard2.1)) (&& (>= monotouch) (>= netcoreapp2.0)) (&& (>= monotouch) (>= netcoreapp2.1)) (&& (>= monotouch) (>= netstandard2.0)) (&& (>= monotouch) (>= netstandard2.1)) (&& (< net461) (< netcoreapp2.0) (>= netstandard2.0) (< netstandard2.1)) (&& (>= netcoreapp2.0) (< netcoreapp2.1) (< netstandard2.1)) (&& (>= netcoreapp2.0) (>= xamarintvos)) (&& (>= netcoreapp2.0) (>= xamarinwatchos)) (&& (< netcoreapp2.0) (>= netstandard2.1)) (&& (>= netcoreapp2.1) (< netstandard2.1)) (&& (>= netcoreapp2.1) (>= xamarintvos)) (&& (>= netcoreapp2.1) (>= xamarinwatchos)) (>= netcoreapp3.0) (&& (>= netstandard2.0) (>= xamarintvos)) (&& (>= netstandard2.0) (>= xamarinwatchos)) (&& (>= netstandard2.1) (>= xamarintvos)) (&& (>= netstandard2.1) (>= xamarinwatchos)) (>= xamarinios) (>= xamarinmac)
      runtime.linux-arm.runtime.native.System.IO.Ports (>= 5.0.0-rtm.20519.4)
      runtime.linux-arm64.runtime.native.System.IO.Ports (>= 5.0.0-rtm.20519.4)
      runtime.linux-x64.runtime.native.System.IO.Ports (>= 5.0.0-rtm.20519.4)
      runtime.osx-x64.runtime.native.System.IO.Ports (>= 5.0.0-rtm.20519.4)
    runtime.native.System.Net.Http (4.3.1) - restriction: || (&& (< monoandroid) (< monotouch) (< net40) (>= netstandard1.6) (< netstandard2.0) (< win8) (< wpa81) (< xamarintvos) (< xamarinwatchos)) (&& (< monoandroid) (< net40) (< netstandard1.2) (>= netstandard1.6) (< win8)) (&& (< monoandroid) (< net40) (< netstandard1.3) (>= netstandard1.6) (< win8) (< wpa81)) (&& (< monoandroid) (< net40) (< netstandard1.4) (>= netstandard1.6) (< win8) (< wpa81)) (&& (< monoandroid) (< net40) (< netstandard1.5) (>= netstandard1.6) (< win8) (< wpa81)) (&& (< net40) (>= net46) (< netstandard1.4) (>= netstandard1.6)) (&& (< netstandard1.5) (>= netstandard1.6) (>= uap10.0))
      Microsoft.NETCore.Platforms (>= 1.1.1)
      Microsoft.NETCore.Targets (>= 1.1.3)
    runtime.native.System.Security.Cryptography.Apple (4.3.1) - restriction: || (&& (< monoandroid) (< monotouch) (< net40) (>= netstandard1.6) (< netstandard2.0) (< win8) (< wpa81) (< xamarintvos) (< xamarinwatchos)) (&& (< monoandroid) (< net40) (< netstandard1.4) (>= netstandard1.6) (< win8) (< wpa81)) (&& (< monoandroid) (< net40) (< netstandard1.5) (>= netstandard1.6) (< win8) (< wpa81)) (&& (< net40) (>= net46) (< netstandard1.4) (>= netstandard1.6)) (&& (< netstandard1.5) (>= netstandard1.6) (>= uap10.0))
      runtime.osx.10.10-x64.runtime.native.System.Security.Cryptography.Apple (>= 4.3.1)
    runtime.native.System.Security.Cryptography.OpenSsl (4.3.3) - restriction: || (&& (< monoandroid) (< monotouch) (< net40) (>= netstandard1.6) (< netstandard2.0) (< win8) (< wpa81) (< xamarintvos) (< xamarinwatchos)) (&& (< monoandroid) (< net40) (< netstandard1.2) (>= netstandard1.6) (< win8)) (&& (< monoandroid) (< net40) (< netstandard1.3) (>= netstandard1.6) (< win8) (< wpa81)) (&& (< monoandroid) (< net40) (< netstandard1.4) (>= netstandard1.6) (< win8) (< wpa81)) (&& (< monoandroid) (< net40) (< netstandard1.5) (>= netstandard1.6) (< win8) (< wpa81)) (&& (< net40) (>= net46) (< netstandard1.4) (>= netstandard1.6)) (&& (< netstandard1.5) (>= netstandard1.6) (>= uap10.0))
      runtime.debian.8-x64.runtime.native.System.Security.Cryptography.OpenSsl (>= 4.3.3)
      runtime.debian.9-x64.runtime.native.System.Security.Cryptography.OpenSsl (>= 4.3.3)
      runtime.fedora.23-x64.runtime.native.System.Security.Cryptography.OpenSsl (>= 4.3.3)
      runtime.fedora.24-x64.runtime.native.System.Security.Cryptography.OpenSsl (>= 4.3.3)
      runtime.fedora.27-x64.runtime.native.System.Security.Cryptography.OpenSsl (>= 4.3.3)
      runtime.fedora.28-x64.runtime.native.System.Security.Cryptography.OpenSsl (>= 4.3.3)
      runtime.opensuse.13.2-x64.runtime.native.System.Security.Cryptography.OpenSsl (>= 4.3.3)
      runtime.opensuse.42.1-x64.runtime.native.System.Security.Cryptography.OpenSsl (>= 4.3.3)
      runtime.opensuse.42.3-x64.runtime.native.System.Security.Cryptography.OpenSsl (>= 4.3.3)
      runtime.osx.10.10-x64.runtime.native.System.Security.Cryptography.OpenSsl (>= 4.3.3)
      runtime.rhel.7-x64.runtime.native.System.Security.Cryptography.OpenSsl (>= 4.3.3)
      runtime.ubuntu.14.04-x64.runtime.native.System.Security.Cryptography.OpenSsl (>= 4.3.3)
      runtime.ubuntu.16.04-x64.runtime.native.System.Security.Cryptography.OpenSsl (>= 4.3.3)
      runtime.ubuntu.16.10-x64.runtime.native.System.Security.Cryptography.OpenSsl (>= 4.3.3)
      runtime.ubuntu.18.04-x64.runtime.native.System.Security.Cryptography.OpenSsl (>= 4.3.3)
    runtime.opensuse.13.2-x64.runtime.native.System.Security.Cryptography.OpenSsl (4.3.3) - restriction: || (&& (< monoandroid) (< monotouch) (< net40) (>= netstandard1.6) (< netstandard2.0) (< win8) (< wpa81) (< xamarintvos) (< xamarinwatchos)) (&& (< monoandroid) (< net40) (< netstandard1.2) (>= netstandard1.6) (< win8)) (&& (< monoandroid) (< net40) (< netstandard1.3) (>= netstandard1.6) (< win8) (< wpa81)) (&& (< monoandroid) (< net40) (< netstandard1.4) (>= netstandard1.6) (< win8) (< wpa81)) (&& (< monoandroid) (< net40) (< netstandard1.5) (>= netstandard1.6) (< win8) (< wpa81)) (&& (< net40) (>= net46) (< netstandard1.4) (>= netstandard1.6)) (&& (< netstandard1.5) (>= netstandard1.6) (>= uap10.0))
    runtime.opensuse.42.1-x64.runtime.native.System.Security.Cryptography.OpenSsl (4.3.3) - restriction: || (&& (< monoandroid) (< monotouch) (< net40) (>= netstandard1.6) (< netstandard2.0) (< win8) (< wpa81) (< xamarintvos) (< xamarinwatchos)) (&& (< monoandroid) (< net40) (< netstandard1.2) (>= netstandard1.6) (< win8)) (&& (< monoandroid) (< net40) (< netstandard1.3) (>= netstandard1.6) (< win8) (< wpa81)) (&& (< monoandroid) (< net40) (< netstandard1.4) (>= netstandard1.6) (< win8) (< wpa81)) (&& (< monoandroid) (< net40) (< netstandard1.5) (>= netstandard1.6) (< win8) (< wpa81)) (&& (< net40) (>= net46) (< netstandard1.4) (>= netstandard1.6)) (&& (< netstandard1.5) (>= netstandard1.6) (>= uap10.0))
    runtime.opensuse.42.3-x64.runtime.native.System.Security.Cryptography.OpenSsl (4.3.3) - restriction: || (&& (< monoandroid) (< monotouch) (< net40) (>= netstandard1.6) (< netstandard2.0) (< win8) (< wpa81) (< xamarintvos) (< xamarinwatchos)) (&& (< monoandroid) (< net40) (< netstandard1.2) (>= netstandard1.6) (< win8)) (&& (< monoandroid) (< net40) (< netstandard1.3) (>= netstandard1.6) (< win8) (< wpa81)) (&& (< monoandroid) (< net40) (< netstandard1.4) (>= netstandard1.6) (< win8) (< wpa81)) (&& (< monoandroid) (< net40) (< netstandard1.5) (>= netstandard1.6) (< win8) (< wpa81)) (&& (< net40) (>= net46) (< netstandard1.4) (>= netstandard1.6)) (&& (< netstandard1.5) (>= netstandard1.6) (>= uap10.0))
    runtime.osx-x64.runtime.native.System.IO.Ports (5.0.0-rtm.20519.4) - restriction: || (&& (>= monoandroid) (>= netcoreapp2.0)) (&& (>= monoandroid) (>= netcoreapp2.1)) (&& (>= monoandroid) (>= netstandard2.0)) (&& (>= monoandroid) (>= netstandard2.1)) (&& (>= monotouch) (>= netcoreapp2.0)) (&& (>= monotouch) (>= netcoreapp2.1)) (&& (>= monotouch) (>= netstandard2.0)) (&& (>= monotouch) (>= netstandard2.1)) (&& (< net461) (< netcoreapp2.0) (>= netstandard2.0) (< netstandard2.1)) (&& (>= netcoreapp2.0) (< netcoreapp2.1) (< netstandard2.1)) (&& (>= netcoreapp2.0) (>= xamarintvos)) (&& (>= netcoreapp2.0) (>= xamarinwatchos)) (&& (< netcoreapp2.0) (>= netstandard2.1)) (&& (>= netcoreapp2.1) (< netstandard2.1)) (&& (>= netcoreapp2.1) (>= xamarintvos)) (&& (>= netcoreapp2.1) (>= xamarinwatchos)) (>= netcoreapp3.0) (&& (>= netstandard2.0) (>= xamarintvos)) (&& (>= netstandard2.0) (>= xamarinwatchos)) (&& (>= netstandard2.1) (>= xamarintvos)) (&& (>= netstandard2.1) (>= xamarinwatchos)) (>= xamarinios) (>= xamarinmac)
    runtime.osx.10.10-x64.runtime.native.System.Security.Cryptography.Apple (4.3.1) - restriction: || (&& (< monoandroid) (< monotouch) (< net40) (>= netstandard1.6) (< netstandard2.0) (< win8) (< wpa81) (< xamarintvos) (< xamarinwatchos)) (&& (< monoandroid) (< net40) (< netstandard1.4) (>= netstandard1.6) (< win8) (< wpa81)) (&& (< monoandroid) (< net40) (< netstandard1.5) (>= netstandard1.6) (< win8) (< wpa81)) (&& (< net40) (>= net46) (< netstandard1.4) (>= netstandard1.6)) (&& (< netstandard1.5) (>= netstandard1.6) (>= uap10.0))
    runtime.osx.10.10-x64.runtime.native.System.Security.Cryptography.OpenSsl (4.3.3) - restriction: || (&& (< monoandroid) (< monotouch) (< net40) (>= netstandard1.6) (< netstandard2.0) (< win8) (< wpa81) (< xamarintvos) (< xamarinwatchos)) (&& (< monoandroid) (< net40) (< netstandard1.2) (>= netstandard1.6) (< win8)) (&& (< monoandroid) (< net40) (< netstandard1.3) (>= netstandard1.6) (< win8) (< wpa81)) (&& (< monoandroid) (< net40) (< netstandard1.4) (>= netstandard1.6) (< win8) (< wpa81)) (&& (< monoandroid) (< net40) (< netstandard1.5) (>= netstandard1.6) (< win8) (< wpa81)) (&& (< net40) (>= net46) (< netstandard1.4) (>= netstandard1.6)) (&& (< netstandard1.5) (>= netstandard1.6) (>= uap10.0))
    runtime.rhel.7-x64.runtime.native.System.Security.Cryptography.OpenSsl (4.3.3) - restriction: || (&& (< monoandroid) (< monotouch) (< net40) (>= netstandard1.6) (< netstandard2.0) (< win8) (< wpa81) (< xamarintvos) (< xamarinwatchos)) (&& (< monoandroid) (< net40) (< netstandard1.2) (>= netstandard1.6) (< win8)) (&& (< monoandroid) (< net40) (< netstandard1.3) (>= netstandard1.6) (< win8) (< wpa81)) (&& (< monoandroid) (< net40) (< netstandard1.4) (>= netstandard1.6) (< win8) (< wpa81)) (&& (< monoandroid) (< net40) (< netstandard1.5) (>= netstandard1.6) (< win8) (< wpa81)) (&& (< net40) (>= net46) (< netstandard1.4) (>= netstandard1.6)) (&& (< netstandard1.5) (>= netstandard1.6) (>= uap10.0))
    runtime.ubuntu.14.04-x64.runtime.native.System.Security.Cryptography.OpenSsl (4.3.3) - restriction: || (&& (< monoandroid) (< monotouch) (< net40) (>= netstandard1.6) (< netstandard2.0) (< win8) (< wpa81) (< xamarintvos) (< xamarinwatchos)) (&& (< monoandroid) (< net40) (< netstandard1.2) (>= netstandard1.6) (< win8)) (&& (< monoandroid) (< net40) (< netstandard1.3) (>= netstandard1.6) (< win8) (< wpa81)) (&& (< monoandroid) (< net40) (< netstandard1.4) (>= netstandard1.6) (< win8) (< wpa81)) (&& (< monoandroid) (< net40) (< netstandard1.5) (>= netstandard1.6) (< win8) (< wpa81)) (&& (< net40) (>= net46) (< netstandard1.4) (>= netstandard1.6)) (&& (< netstandard1.5) (>= netstandard1.6) (>= uap10.0))
    runtime.ubuntu.16.04-x64.runtime.native.System.Security.Cryptography.OpenSsl (4.3.3) - restriction: || (&& (< monoandroid) (< monotouch) (< net40) (>= netstandard1.6) (< netstandard2.0) (< win8) (< wpa81) (< xamarintvos) (< xamarinwatchos)) (&& (< monoandroid) (< net40) (< netstandard1.2) (>= netstandard1.6) (< win8)) (&& (< monoandroid) (< net40) (< netstandard1.3) (>= netstandard1.6) (< win8) (< wpa81)) (&& (< monoandroid) (< net40) (< netstandard1.4) (>= netstandard1.6) (< win8) (< wpa81)) (&& (< monoandroid) (< net40) (< netstandard1.5) (>= netstandard1.6) (< win8) (< wpa81)) (&& (< net40) (>= net46) (< netstandard1.4) (>= netstandard1.6)) (&& (< netstandard1.5) (>= netstandard1.6) (>= uap10.0))
    runtime.ubuntu.16.10-x64.runtime.native.System.Security.Cryptography.OpenSsl (4.3.3) - restriction: || (&& (< monoandroid) (< monotouch) (< net40) (>= netstandard1.6) (< netstandard2.0) (< win8) (< wpa81) (< xamarintvos) (< xamarinwatchos)) (&& (< monoandroid) (< net40) (< netstandard1.2) (>= netstandard1.6) (< win8)) (&& (< monoandroid) (< net40) (< netstandard1.3) (>= netstandard1.6) (< win8) (< wpa81)) (&& (< monoandroid) (< net40) (< netstandard1.4) (>= netstandard1.6) (< win8) (< wpa81)) (&& (< monoandroid) (< net40) (< netstandard1.5) (>= netstandard1.6) (< win8) (< wpa81)) (&& (< net40) (>= net46) (< netstandard1.4) (>= netstandard1.6)) (&& (< netstandard1.5) (>= netstandard1.6) (>= uap10.0))
    runtime.ubuntu.18.04-x64.runtime.native.System.Security.Cryptography.OpenSsl (4.3.3) - restriction: || (&& (< monoandroid) (< monotouch) (< net40) (>= netstandard1.6) (< netstandard2.0) (< win8) (< wpa81) (< xamarintvos) (< xamarinwatchos)) (&& (< monoandroid) (< net40) (< netstandard1.2) (>= netstandard1.6) (< win8)) (&& (< monoandroid) (< net40) (< netstandard1.3) (>= netstandard1.6) (< win8) (< wpa81)) (&& (< monoandroid) (< net40) (< netstandard1.4) (>= netstandard1.6) (< win8) (< wpa81)) (&& (< monoandroid) (< net40) (< netstandard1.5) (>= netstandard1.6) (< win8) (< wpa81)) (&& (< net40) (>= net46) (< netstandard1.4) (>= netstandard1.6)) (&& (< netstandard1.5) (>= netstandard1.6) (>= uap10.0))
    runtime.win-arm64.runtime.native.System.Data.SqlClient.sni (4.4) - restriction: || (&& (< monoandroid) (< net451) (< netcoreapp2.0) (>= netstandard2.0) (< netstandard2.1) (< xamarinios) (< xamarinmac)) (&& (>= netcoreapp2.0) (< netcoreapp2.1) (< netstandard2.1)) (&& (>= netcoreapp2.0) (< netstandard2.0)) (&& (< netcoreapp2.0) (>= netstandard2.1)) (&& (>= netcoreapp2.1) (< netstandard2.0)) (&& (>= netcoreapp2.1) (< netstandard2.1)) (>= netcoreapp3.0) (&& (< netstandard2.0) (>= netstandard2.1))
    runtime.win-x64.runtime.native.System.Data.SqlClient.sni (4.4) - restriction: || (&& (< monoandroid) (< net451) (< netcoreapp2.0) (>= netstandard2.0) (< netstandard2.1) (< xamarinios) (< xamarinmac)) (&& (>= netcoreapp2.0) (< netcoreapp2.1) (< netstandard2.1)) (&& (>= netcoreapp2.0) (< netstandard2.0)) (&& (< netcoreapp2.0) (>= netstandard2.1)) (&& (>= netcoreapp2.1) (< netstandard2.0)) (&& (>= netcoreapp2.1) (< netstandard2.1)) (>= netcoreapp3.0) (&& (< netstandard2.0) (>= netstandard2.1))
    runtime.win-x86.runtime.native.System.Data.SqlClient.sni (4.4) - restriction: || (&& (< monoandroid) (< net451) (< netcoreapp2.0) (>= netstandard2.0) (< netstandard2.1) (< xamarinios) (< xamarinmac)) (&& (>= netcoreapp2.0) (< netcoreapp2.1) (< netstandard2.1)) (&& (>= netcoreapp2.0) (< netstandard2.0)) (&& (< netcoreapp2.0) (>= netstandard2.1)) (&& (>= netcoreapp2.1) (< netstandard2.0)) (&& (>= netcoreapp2.1) (< netstandard2.1)) (>= netcoreapp3.0) (&& (< netstandard2.0) (>= netstandard2.1))
    Shouldly (4.0)
      DiffEngine (>= 6.1.4) - restriction: >= netstandard2.0
      Microsoft.CSharp (>= 4.7) - restriction: >= netstandard2.0
      System.Memory (>= 4.5.4) - restriction: >= netstandard2.0
    Swashbuckle.AspNetCore.SwaggerUi (5.6.3)
      Microsoft.AspNetCore.Routing (>= 2.1) - restriction: && (< netcoreapp3.0) (>= netstandard2.0)
      Microsoft.AspNetCore.StaticFiles (>= 2.1) - restriction: && (< netcoreapp3.0) (>= netstandard2.0)
      Microsoft.Extensions.FileProviders.Embedded (>= 2.1) - restriction: && (< netcoreapp3.0) (>= netstandard2.0)
      System.Text.Json (>= 4.6) - restriction: && (< netcoreapp3.0) (>= netstandard2.0)
    System.AppContext (4.3) - restriction: || (&& (< net40) (>= net46) (< netstandard1.4) (>= netstandard1.6)) (&& (< net40) (< netstandard1.4) (>= netstandard1.6) (< win8) (< wpa81)) (&& (< net40) (< netstandard1.5) (>= netstandard1.6) (< win8) (< wpa81)) (&& (< net40) (>= netstandard1.6) (< netstandard2.0) (< win8) (< wpa81)) (&& (< netstandard1.5) (>= netstandard1.6) (>= uap10.0))
      System.Runtime (>= 4.3) - restriction: || (&& (< monoandroid) (< monotouch) (< net46) (>= netstandard1.6) (< xamarinios) (< xamarinmac) (< xamarintvos) (< xamarinwatchos)) (&& (< monoandroid) (< net46) (>= netstandard1.3) (< netstandard1.6))
    System.Buffers (4.5.1) - restriction: || (>= monoandroid) (>= monotouch) (&& (< net40) (>= net46) (< netstandard1.4) (>= netstandard1.6)) (&& (< net40) (< netstandard1.2) (>= netstandard1.6) (< win8)) (&& (< net40) (< netstandard1.3) (>= netstandard1.6) (< win8) (< wpa81)) (&& (< net40) (< netstandard1.4) (>= netstandard1.6) (< win8) (< wpa81)) (&& (< net40) (< netstandard1.5) (>= netstandard1.6) (< win8) (< wpa81)) (&& (< net40) (>= netstandard1.6) (< netstandard2.0) (< win8) (< wpa81)) (&& (>= net45) (>= uap10.1)) (>= net461) (&& (>= netcoreapp2.0) (< netstandard1.1)) (&& (>= netcoreapp2.0) (< netstandard2.0)) (&& (< netcoreapp2.0) (>= netcoreapp2.1) (< netstandard2.1)) (&& (< netcoreapp2.0) (>= netcoreapp3.0)) (&& (< netcoreapp2.0) (>= netstandard2.0)) (&& (< netcoreapp2.0) (>= netstandard2.1)) (&& (< netcoreapp3.0) (>= netstandard2.0)) (&& (< netstandard1.1) (>= netstandard2.0) (>= win8)) (&& (< netstandard1.1) (>= netstandard2.0) (< win8)) (&& (< netstandard1.1) (>= uap10.1)) (&& (< netstandard1.5) (>= netstandard1.6) (>= uap10.0) (< win8) (< wpa81)) (&& (>= netstandard2.0) (>= uap10.1)) (&& (>= uap10.1) (< win8) (< wpa81)) (>= xamarinios) (>= xamarinmac) (>= xamarintvos) (>= xamarinwatchos)
      System.Diagnostics.Debug (>= 4.3) - restriction: && (< net45) (>= netstandard1.1) (< netstandard2.0) (< win8) (< wpa81)
      System.Diagnostics.Tracing (>= 4.3) - restriction: && (< net45) (>= netstandard1.1) (< netstandard2.0) (< win8) (< wpa81)
      System.Resources.ResourceManager (>= 4.3) - restriction: && (< net45) (>= netstandard1.1) (< netstandard2.0) (< win8) (< wpa81)
      System.Runtime (>= 4.3) - restriction: && (< net45) (>= netstandard1.1) (< netstandard2.0) (< win8) (< wpa81)
      System.Threading (>= 4.3) - restriction: && (< net45) (>= netstandard1.1) (< netstandard2.0) (< win8) (< wpa81)
    System.CodeDom (5.0) - restriction: || (&& (< net461) (< netcoreapp2.0) (>= netstandard2.0) (< netstandard2.1)) (&& (>= netcoreapp2.0) (< netcoreapp2.1) (< netstandard2.1)) (&& (< netcoreapp2.0) (>= netstandard2.1)) (&& (>= netcoreapp2.1) (< netstandard2.1)) (>= netcoreapp3.0)
    System.Collections (4.3) - restriction: || (&& (< monoandroid) (< monotouch) (< net35) (>= netstandard1.6) (< netstandard2.0) (< xamarintvos) (< xamarinwatchos)) (&& (< monoandroid) (< net35) (< netstandard1.5) (>= netstandard1.6)) (&& (< monoandroid) (< net35) (< netstandard1.5) (>= netstandard2.0) (< win8) (< wpa81)) (&& (< monoandroid) (< net35) (>= netstandard2.0) (< xamarinios) (< xamarinmac)) (&& (< net35) (>= net40) (>= netstandard1.3) (< netstandard1.5)) (&& (< net35) (>= net40) (>= netstandard1.5) (< netstandard1.6)) (&& (< net35) (>= net45) (>= netstandard1.3) (< netstandard1.5)) (&& (< net35) (>= net45) (>= netstandard1.5)) (&& (< net40) (< netstandard1.2) (>= netstandard1.6) (< win8)) (&& (< net40) (< netstandard1.3) (>= netstandard1.6) (< win8) (< wpa81)) (&& (< net40) (< netstandard1.4) (>= netstandard1.6) (< win8) (< wpa81)) (&& (< net40) (< netstandard1.5) (>= netstandard1.6) (< win8) (< wpa81)) (&& (< net40) (>= netstandard1.6) (< netstandard2.0) (< win8) (< wpa81)) (&& (< net40) (>= netstandard1.6) (< portable-net45+win8+wpa81)) (&& (< netstandard1.5) (>= netstandard1.6) (>= uap10.0)) (>= netstandard2.1)
      Microsoft.NETCore.Platforms (>= 1.1) - restriction: || (&& (< monoandroid) (< monotouch) (< net45) (>= netstandard1.3) (< win8) (< wpa81) (< xamarinios) (< xamarinmac) (< xamarintvos) (< xamarinwatchos)) (&& (< monoandroid) (< net45) (>= netstandard1.0) (< netstandard1.3) (< win8) (< wp8) (< wpa81))
      Microsoft.NETCore.Targets (>= 1.1) - restriction: || (&& (< monoandroid) (< monotouch) (< net45) (>= netstandard1.3) (< win8) (< wpa81) (< xamarinios) (< xamarinmac) (< xamarintvos) (< xamarinwatchos)) (&& (< monoandroid) (< net45) (>= netstandard1.0) (< netstandard1.3) (< win8) (< wp8) (< wpa81))
      System.Runtime (>= 4.3) - restriction: || (&& (< monoandroid) (< monotouch) (< net45) (>= netstandard1.3) (< win8) (< wpa81) (< xamarinios) (< xamarinmac) (< xamarintvos) (< xamarinwatchos)) (&& (< monoandroid) (< net45) (>= netstandard1.0) (< netstandard1.3) (< win8) (< wp8) (< wpa81))
    System.Collections.Concurrent (4.3) - restriction: || (&& (< monoandroid) (< net40) (< netstandard1.4) (>= netstandard1.6) (< win8) (< wpa81)) (&& (< monoandroid) (< net40) (< netstandard1.5) (>= netstandard1.6) (< win8) (< wpa81)) (&& (< net40) (>= net46) (< netstandard1.4) (>= netstandard1.6)) (&& (< net40) (>= netstandard1.6) (< netstandard2.0)) (&& (< netstandard1.5) (>= netstandard1.6) (>= uap10.0))
      System.Collections (>= 4.3) - restriction: && (< monoandroid) (< monotouch) (< net45) (>= netstandard1.3) (< win8) (< wpa81) (< xamarinios) (< xamarinmac) (< xamarintvos) (< xamarinwatchos)
      System.Diagnostics.Debug (>= 4.3) - restriction: && (< monoandroid) (< monotouch) (< net45) (>= netstandard1.3) (< win8) (< wpa81) (< xamarinios) (< xamarinmac) (< xamarintvos) (< xamarinwatchos)
      System.Diagnostics.Tracing (>= 4.3) - restriction: && (< monoandroid) (< monotouch) (< net45) (>= netstandard1.3) (< win8) (< wpa81) (< xamarinios) (< xamarinmac) (< xamarintvos) (< xamarinwatchos)
      System.Globalization (>= 4.3) - restriction: && (< monoandroid) (< monotouch) (< net45) (>= netstandard1.3) (< win8) (< wpa81) (< xamarinios) (< xamarinmac) (< xamarintvos) (< xamarinwatchos)
      System.Reflection (>= 4.3) - restriction: && (< monoandroid) (< monotouch) (< net45) (>= netstandard1.3) (< win8) (< wpa81) (< xamarinios) (< xamarinmac) (< xamarintvos) (< xamarinwatchos)
      System.Resources.ResourceManager (>= 4.3) - restriction: && (< monoandroid) (< monotouch) (< net45) (>= netstandard1.3) (< win8) (< wpa81) (< xamarinios) (< xamarinmac) (< xamarintvos) (< xamarinwatchos)
      System.Runtime (>= 4.3) - restriction: || (&& (< monoandroid) (< monotouch) (< net45) (>= netstandard1.3) (< win8) (< wpa81) (< xamarinios) (< xamarinmac) (< xamarintvos) (< xamarinwatchos)) (&& (< monoandroid) (< net45) (>= netstandard1.1) (< netstandard1.3) (< win8) (< wpa81))
      System.Runtime.Extensions (>= 4.3) - restriction: && (< monoandroid) (< monotouch) (< net45) (>= netstandard1.3) (< win8) (< wpa81) (< xamarinios) (< xamarinmac) (< xamarintvos) (< xamarinwatchos)
      System.Threading (>= 4.3) - restriction: && (< monoandroid) (< monotouch) (< net45) (>= netstandard1.3) (< win8) (< wpa81) (< xamarinios) (< xamarinmac) (< xamarintvos) (< xamarinwatchos)
      System.Threading.Tasks (>= 4.3) - restriction: || (&& (< monoandroid) (< monotouch) (< net45) (>= netstandard1.3) (< win8) (< wpa81) (< xamarinios) (< xamarinmac) (< xamarintvos) (< xamarinwatchos)) (&& (< monoandroid) (< net45) (>= netstandard1.1) (< netstandard1.3) (< win8) (< wpa81))
    System.Collections.NonGeneric (4.3) - restriction: || (&& (< monoandroid) (< monotouch) (< net35) (>= netstandard1.6) (< netstandard2.0) (< xamarintvos) (< xamarinwatchos)) (&& (< monoandroid) (< net35) (< netstandard1.5) (>= netstandard1.6)) (&& (< monoandroid) (< net35) (>= netstandard2.0) (< xamarinios) (< xamarinmac)) (&& (< net35) (>= net40) (>= netstandard1.3) (< netstandard1.5)) (&& (< net35) (>= net40) (>= netstandard1.5) (< netstandard1.6)) (&& (< net35) (>= net45) (>= netstandard1.3) (< netstandard1.5)) (&& (< net35) (>= net45) (>= netstandard1.5)) (&& (< net35) (>= net462)) (>= netstandard2.1)
      System.Diagnostics.Debug (>= 4.3) - restriction: && (< monoandroid) (< monotouch) (< net46) (>= netstandard1.3) (< xamarinios) (< xamarinmac) (< xamarintvos) (< xamarinwatchos)
      System.Globalization (>= 4.3) - restriction: && (< monoandroid) (< monotouch) (< net46) (>= netstandard1.3) (< xamarinios) (< xamarinmac) (< xamarintvos) (< xamarinwatchos)
      System.Resources.ResourceManager (>= 4.3) - restriction: && (< monoandroid) (< monotouch) (< net46) (>= netstandard1.3) (< xamarinios) (< xamarinmac) (< xamarintvos) (< xamarinwatchos)
      System.Runtime (>= 4.3) - restriction: && (< monoandroid) (< monotouch) (< net46) (>= netstandard1.3) (< xamarinios) (< xamarinmac) (< xamarintvos) (< xamarinwatchos)
      System.Runtime.Extensions (>= 4.3) - restriction: && (< monoandroid) (< monotouch) (< net46) (>= netstandard1.3) (< xamarinios) (< xamarinmac) (< xamarintvos) (< xamarinwatchos)
      System.Threading (>= 4.3) - restriction: && (< monoandroid) (< monotouch) (< net46) (>= netstandard1.3) (< xamarinios) (< xamarinmac) (< xamarintvos) (< xamarinwatchos)
    System.Collections.Specialized (4.3) - restriction: || (&& (< net35) (>= net40) (>= netstandard1.3) (< netstandard1.5)) (&& (< net35) (>= net40) (>= netstandard1.5) (< netstandard1.6)) (&& (< net35) (>= net45) (>= netstandard1.3) (< netstandard1.5)) (&& (< net35) (>= net45) (>= netstandard1.5)) (&& (< net35) (< netstandard1.5) (>= netstandard1.6)) (&& (< net35) (>= netstandard1.6) (< netstandard2.0)) (&& (< net35) (>= netstandard2.0)) (>= netstandard2.1)
      System.Collections.NonGeneric (>= 4.3) - restriction: && (< monoandroid) (< monotouch) (< net46) (>= netstandard1.3) (< xamarinios) (< xamarinmac) (< xamarintvos) (< xamarinwatchos)
      System.Globalization (>= 4.3) - restriction: && (< monoandroid) (< monotouch) (< net46) (>= netstandard1.3) (< xamarinios) (< xamarinmac) (< xamarintvos) (< xamarinwatchos)
      System.Globalization.Extensions (>= 4.3) - restriction: && (< monoandroid) (< monotouch) (< net46) (>= netstandard1.3) (< xamarinios) (< xamarinmac) (< xamarintvos) (< xamarinwatchos)
      System.Resources.ResourceManager (>= 4.3) - restriction: && (< monoandroid) (< monotouch) (< net46) (>= netstandard1.3) (< xamarinios) (< xamarinmac) (< xamarintvos) (< xamarinwatchos)
      System.Runtime (>= 4.3) - restriction: && (< monoandroid) (< monotouch) (< net46) (>= netstandard1.3) (< xamarinios) (< xamarinmac) (< xamarintvos) (< xamarinwatchos)
      System.Runtime.Extensions (>= 4.3) - restriction: && (< monoandroid) (< monotouch) (< net46) (>= netstandard1.3) (< xamarinios) (< xamarinmac) (< xamarintvos) (< xamarinwatchos)
      System.Threading (>= 4.3) - restriction: && (< monoandroid) (< monotouch) (< net46) (>= netstandard1.3) (< xamarinios) (< xamarinmac) (< xamarintvos) (< xamarinwatchos)
    System.ComponentModel (4.3) - restriction: || (&& (< net35) (>= net40) (>= netstandard1.3) (< netstandard1.5)) (&& (< net35) (>= net40) (>= netstandard1.5) (< netstandard1.6)) (&& (< net35) (>= net45) (>= netstandard1.3) (< netstandard1.5)) (&& (< net35) (>= net45) (>= netstandard1.5)) (&& (< net35) (< netstandard1.5) (>= netstandard1.6)) (&& (< net35) (>= netstandard1.6) (< netstandard2.0)) (&& (< net35) (>= netstandard2.0)) (>= netstandard2.1)
      System.Runtime (>= 4.3) - restriction: || (&& (< monoandroid) (< monotouch) (< net45) (>= netstandard1.3) (< win8) (< wpa81) (< xamarinios) (< xamarinmac) (< xamarintvos) (< xamarinwatchos)) (&& (< monoandroid) (< net45) (>= netstandard1.0) (< netstandard1.3) (< win8) (< wp8) (< wpa81))
    System.ComponentModel.Composition (5.0) - restriction: || (&& (< net461) (< netcoreapp2.0) (>= netstandard2.0) (< netstandard2.1)) (&& (>= netcoreapp2.0) (< netcoreapp2.1) (< netstandard2.1)) (&& (< netcoreapp2.0) (>= netstandard2.1)) (&& (>= netcoreapp2.1) (< netstandard2.1)) (>= netcoreapp3.0)
    System.ComponentModel.Composition.Registration (5.0) - restriction: || (&& (< netcoreapp2.0) (>= netstandard2.1)) (>= netcoreapp3.0)
      System.ComponentModel.Composition (>= 5.0) - restriction: >= netstandard2.1
      System.Reflection.Context (>= 5.0) - restriction: || (>= monoandroid) (>= monotouch) (>= netstandard2.1) (>= xamarinios) (>= xamarinmac) (>= xamarintvos) (>= xamarinwatchos)
    System.ComponentModel.Primitives (4.3) - restriction: || (&& (< monoandroid) (< monotouch) (< net35) (>= netstandard1.6) (< netstandard2.0) (< win8) (< xamarintvos) (< xamarinwatchos)) (&& (< monoandroid) (< net35) (< netstandard1.5) (>= netstandard1.6) (< win8)) (&& (< monoandroid) (< net35) (< netstandard1.5) (>= netstandard2.0) (< win8)) (&& (< monoandroid) (< net35) (>= netstandard2.0) (< win8) (< xamarinios) (< xamarinmac)) (&& (< net35) (>= net40) (>= netstandard1.3) (< netstandard1.5)) (&& (< net35) (>= net40) (>= netstandard1.5) (< netstandard1.6)) (&& (< net35) (>= net45) (>= netstandard1.3) (< netstandard1.5)) (&& (< net35) (>= net45) (>= netstandard1.5)) (&& (< net35) (>= net45) (< netstandard1.5) (>= netstandard1.6)) (&& (< net35) (>= net45) (< netstandard1.5) (>= netstandard2.0)) (&& (< net35) (>= net462)) (&& (>= net40) (< netstandard1.0) (>= netstandard1.3) (>= win8)) (&& (>= net40) (< netstandard1.0) (>= netstandard1.5) (>= win8)) (&& (>= net40) (>= netstandard1.3) (< netstandard1.5) (>= wpa81)) (&& (>= net40) (>= netstandard1.3) (>= wp8)) (&& (>= net40) (>= netstandard1.5) (< netstandard1.6) (>= wpa81)) (&& (>= net40) (>= netstandard1.5) (>= wp8)) (&& (>= net45) (< netstandard1.0) (>= netstandard1.3) (>= win8)) (&& (>= net45) (< netstandard1.0) (>= netstandard1.5) (>= win8)) (&& (>= net45) (>= netstandard1.3) (< netstandard1.5) (>= wpa81)) (&& (>= net45) (>= netstandard1.3) (>= wp8)) (&& (>= net45) (>= netstandard1.5) (>= wp8)) (&& (>= net45) (>= netstandard1.5) (>= wpa81)) (&& (< netstandard1.0) (>= netstandard1.6) (>= win8)) (&& (< netstandard1.0) (>= netstandard2.0) (>= win8)) (&& (< netstandard1.5) (>= netstandard1.6) (>= wpa81)) (&& (>= netstandard1.6) (< netstandard2.0) (>= wpa81)) (&& (>= netstandard1.6) (>= wp8)) (&& (>= netstandard2.0) (>= wp8)) (&& (>= netstandard2.0) (>= wpa81)) (>= netstandard2.1)
      System.ComponentModel (>= 4.3) - restriction: && (< monoandroid) (< monotouch) (< net45) (>= netstandard1.0) (< win8) (< wp8) (< wpa81) (< xamarinios) (< xamarinmac) (< xamarintvos) (< xamarinwatchos)
      System.Resources.ResourceManager (>= 4.3) - restriction: && (< monoandroid) (< monotouch) (< net45) (>= netstandard1.0) (< win8) (< wp8) (< wpa81) (< xamarinios) (< xamarinmac) (< xamarintvos) (< xamarinwatchos)
      System.Runtime (>= 4.3) - restriction: && (< monoandroid) (< monotouch) (< net45) (>= netstandard1.0) (< win8) (< wp8) (< wpa81) (< xamarinios) (< xamarinmac) (< xamarintvos) (< xamarinwatchos)
    System.ComponentModel.TypeConverter (4.3) - restriction: || (&& (< net35) (>= net40) (>= netstandard1.3) (< netstandard1.5)) (&& (< net35) (>= net40) (>= netstandard1.5) (< netstandard1.6)) (&& (< net35) (>= net45) (>= netstandard1.3) (< netstandard1.5)) (&& (< net35) (>= net45) (>= netstandard1.5)) (&& (< net35) (< netstandard1.5) (>= netstandard1.6)) (&& (< net35) (>= netstandard1.6) (< netstandard2.0)) (&& (< net35) (>= netstandard2.0)) (>= netstandard2.1)
      System.Collections (>= 4.3) - restriction: || (&& (< monoandroid) (< monotouch) (< net45) (>= netstandard1.5) (< win8) (< wpa81) (< xamarinios) (< xamarinmac) (< xamarintvos) (< xamarinwatchos)) (&& (< monoandroid) (< net45) (>= netstandard1.0) (< netstandard1.5) (< win8) (< wp8) (< wpa81))
      System.Collections.NonGeneric (>= 4.3) - restriction: || (&& (< monoandroid) (< monotouch) (< net45) (>= netstandard1.5) (< win8) (< wpa81) (< xamarinios) (< xamarinmac) (< xamarintvos) (< xamarinwatchos)) (>= net462)
      System.Collections.Specialized (>= 4.3) - restriction: && (< monoandroid) (< monotouch) (< net45) (>= netstandard1.5) (< win8) (< wpa81) (< xamarinios) (< xamarinmac) (< xamarintvos) (< xamarinwatchos)
      System.ComponentModel (>= 4.3) - restriction: || (&& (< monoandroid) (< monotouch) (< net45) (>= netstandard1.5) (< win8) (< wpa81) (< xamarinios) (< xamarinmac) (< xamarintvos) (< xamarinwatchos)) (&& (< monoandroid) (< net45) (>= netstandard1.0) (< netstandard1.5) (< win8) (< wp8) (< wpa81))
      System.ComponentModel.Primitives (>= 4.3) - restriction: || (&& (< monoandroid) (< monotouch) (< net45) (>= netstandard1.5) (< win8) (< xamarinios) (< xamarinmac) (< xamarintvos) (< xamarinwatchos)) (&& (< monoandroid) (< net45) (>= netstandard1.0) (< netstandard1.5) (< win8)) (&& (>= net45) (< netstandard1.5)) (>= net462) (&& (< netstandard1.0) (>= win8)) (>= wp8) (>= wpa81)
      System.Globalization (>= 4.3) - restriction: || (&& (< monoandroid) (< monotouch) (< net45) (>= netstandard1.5) (< win8) (< wpa81) (< xamarinios) (< xamarinmac) (< xamarintvos) (< xamarinwatchos)) (&& (< monoandroid) (< net45) (>= netstandard1.0) (< netstandard1.5) (< win8) (< wp8) (< wpa81))
      System.Linq (>= 4.3) - restriction: && (< monoandroid) (< monotouch) (< net45) (>= netstandard1.5) (< win8) (< wpa81) (< xamarinios) (< xamarinmac) (< xamarintvos) (< xamarinwatchos)
      System.Reflection (>= 4.3) - restriction: || (&& (< monoandroid) (< monotouch) (< net45) (>= netstandard1.5) (< win8) (< wpa81) (< xamarinios) (< xamarinmac) (< xamarintvos) (< xamarinwatchos)) (&& (< monoandroid) (< net45) (>= netstandard1.0) (< netstandard1.5) (< win8) (< wp8) (< wpa81))
      System.Reflection.Extensions (>= 4.3) - restriction: || (&& (< monoandroid) (< monotouch) (< net45) (>= netstandard1.5) (< win8) (< wpa81) (< xamarinios) (< xamarinmac) (< xamarintvos) (< xamarinwatchos)) (&& (< monoandroid) (< net45) (>= netstandard1.0) (< netstandard1.5) (< win8) (< wp8) (< wpa81))
      System.Reflection.Primitives (>= 4.3) - restriction: || (&& (< monoandroid) (< monotouch) (< net45) (>= netstandard1.5) (< win8) (< wpa81) (< xamarinios) (< xamarinmac) (< xamarintvos) (< xamarinwatchos)) (&& (< monoandroid) (< net45) (>= netstandard1.0) (< netstandard1.5) (< win8) (< wp8) (< wpa81))
      System.Reflection.TypeExtensions (>= 4.3) - restriction: && (< monoandroid) (< monotouch) (< net45) (>= netstandard1.5) (< win8) (< wpa81) (< xamarinios) (< xamarinmac) (< xamarintvos) (< xamarinwatchos)
      System.Resources.ResourceManager (>= 4.3) - restriction: || (&& (< monoandroid) (< monotouch) (< net45) (>= netstandard1.5) (< win8) (< wpa81) (< xamarinios) (< xamarinmac) (< xamarintvos) (< xamarinwatchos)) (&& (< monoandroid) (< net45) (>= netstandard1.0) (< netstandard1.5) (< win8) (< wp8) (< wpa81))
      System.Runtime (>= 4.3) - restriction: || (&& (< monoandroid) (< monotouch) (< net45) (>= netstandard1.5) (< win8) (< wpa81) (< xamarinios) (< xamarinmac) (< xamarintvos) (< xamarinwatchos)) (&& (< monoandroid) (< net45) (>= netstandard1.0) (< netstandard1.5) (< win8) (< wp8) (< wpa81))
      System.Runtime.Extensions (>= 4.3) - restriction: || (&& (< monoandroid) (< monotouch) (< net45) (>= netstandard1.5) (< win8) (< wpa81) (< xamarinios) (< xamarinmac) (< xamarintvos) (< xamarinwatchos)) (&& (< monoandroid) (< net45) (>= netstandard1.0) (< netstandard1.5) (< win8) (< wp8) (< wpa81))
      System.Threading (>= 4.3) - restriction: || (&& (< monoandroid) (< monotouch) (< net45) (>= netstandard1.5) (< win8) (< wpa81) (< xamarinios) (< xamarinmac) (< xamarintvos) (< xamarinwatchos)) (&& (< monoandroid) (< net45) (>= netstandard1.0) (< netstandard1.5) (< win8) (< wp8) (< wpa81))
    System.Configuration.ConfigurationManager (5.0) - restriction: || (&& (< monoandroid) (< net45) (< netcoreapp2.0) (>= netstandard2.0) (< netstandard2.1) (< xamarinios) (< xamarinmac)) (&& (< net461) (< netcoreapp2.0) (>= netstandard2.0) (< netstandard2.1)) (&& (>= netcoreapp2.0) (< netcoreapp2.1) (< netstandard2.1)) (&& (< netcoreapp2.0) (>= netstandard2.1)) (&& (>= netcoreapp2.1) (< netstandard2.1)) (>= netcoreapp3.0)
      System.Security.Cryptography.ProtectedData (>= 5.0) - restriction: && (< monoandroid) (< net461) (>= netstandard2.0) (< xamarinios) (< xamarinmac)
      System.Security.Permissions (>= 5.0) - restriction: || (>= monoandroid) (>= monotouch) (>= net461) (>= netstandard2.0) (>= xamarintvos) (>= xamarinwatchos)
    System.Console (4.3.1) - restriction: || (&& (< net40) (>= net46) (< netstandard1.4) (>= netstandard1.6)) (&& (< net40) (< netstandard1.4) (>= netstandard1.6) (< win8) (< wpa81)) (&& (< net40) (< netstandard1.5) (>= netstandard1.6) (< win8) (< wpa81)) (&& (< net40) (>= netstandard1.6) (< netstandard2.0) (< win8) (< wpa81)) (&& (< netstandard1.5) (>= netstandard1.6) (>= uap10.0))
      Microsoft.NETCore.Platforms (>= 1.1) - restriction: && (< monoandroid) (< monotouch) (< net46) (>= netstandard1.3) (< xamarinios) (< xamarinmac) (< xamarintvos) (< xamarinwatchos)
      Microsoft.NETCore.Targets (>= 1.1.2) - restriction: && (< monoandroid) (< monotouch) (< net46) (>= netstandard1.3) (< xamarinios) (< xamarinmac) (< xamarintvos) (< xamarinwatchos)
      System.IO (>= 4.3) - restriction: && (< monoandroid) (< monotouch) (< net46) (>= netstandard1.3) (< xamarinios) (< xamarinmac) (< xamarintvos) (< xamarinwatchos)
      System.Runtime (>= 4.3) - restriction: && (< monoandroid) (< monotouch) (< net46) (>= netstandard1.3) (< xamarinios) (< xamarinmac) (< xamarintvos) (< xamarinwatchos)
      System.Text.Encoding (>= 4.3) - restriction: && (< monoandroid) (< monotouch) (< net46) (>= netstandard1.3) (< xamarinios) (< xamarinmac) (< xamarintvos) (< xamarinwatchos)
    System.Data.DataSetExtensions (4.5) - restriction: || (&& (< net461) (< netcoreapp2.0) (>= netstandard2.0) (< netstandard2.1)) (&& (>= netcoreapp2.0) (< netcoreapp2.1) (< netstandard2.1)) (&& (< netcoreapp2.0) (>= netstandard2.1)) (&& (>= netcoreapp2.1) (< netstandard2.1)) (>= netcoreapp3.0)
    System.Data.Odbc (5.0) - restriction: || (&& (< net461) (< netcoreapp2.0) (>= netstandard2.0) (< netstandard2.1)) (&& (>= netcoreapp2.0) (< netcoreapp2.1) (< netstandard2.1)) (&& (< netcoreapp2.0) (>= netstandard2.1)) (&& (>= netcoreapp2.1) (< netstandard2.1)) (>= netcoreapp3.0)
      Microsoft.NETCore.Platforms (>= 5.0) - restriction: >= netcoreapp2.0
    System.Data.OleDb (5.0) - restriction: || (&& (< net461) (< netcoreapp2.0) (>= netstandard2.0) (< netstandard2.1)) (&& (>= netcoreapp2.0) (< netcoreapp2.1) (< netstandard2.1)) (&& (< netcoreapp2.0) (>= netstandard2.1)) (&& (>= netcoreapp2.1) (< netstandard2.1)) (>= netcoreapp3.0)
      Microsoft.Win32.Registry (>= 5.0) - restriction: || (>= monoandroid) (>= monotouch) (&& (< net461) (>= netstandard2.0)) (>= netcoreapp2.1) (>= xamarinios) (>= xamarinmac) (>= xamarintvos) (>= xamarinwatchos)
      System.Configuration.ConfigurationManager (>= 5.0) - restriction: || (>= monoandroid) (>= monotouch) (&& (< net461) (>= netstandard2.0)) (>= netcoreapp2.1) (>= xamarinios) (>= xamarinmac) (>= xamarintvos) (>= xamarinwatchos)
      System.Diagnostics.PerformanceCounter (>= 5.0) - restriction: || (&& (< monoandroid) (< net461) (>= netstandard2.0) (< xamarinios) (< xamarinmac)) (>= netcoreapp2.1)
      System.Memory (>= 4.5.4) - restriction: && (< monoandroid) (< net461) (< netcoreapp2.1) (>= netstandard2.0) (< xamarinios) (< xamarinmac)
      System.Security.Principal.Windows (>= 5.0) - restriction: || (>= monoandroid) (>= monotouch) (&& (< net461) (>= netstandard2.0)) (>= netcoreapp2.1) (>= xamarinios) (>= xamarinmac) (>= xamarintvos) (>= xamarinwatchos)
    System.Data.SqlClient (4.8.2) - restriction: || (&& (< net461) (< netcoreapp2.0) (>= netstandard2.0) (< netstandard2.1)) (&& (>= netcoreapp2.0) (< netcoreapp2.1) (< netstandard2.1)) (&& (< netcoreapp2.0) (>= netstandard2.1)) (&& (>= netcoreapp2.1) (< netstandard2.1)) (>= netcoreapp3.0)
      Microsoft.Win32.Registry (>= 4.7) - restriction: || (&& (< monoandroid) (< net451) (>= netstandard2.0) (< xamarinios) (< xamarinmac)) (>= netcoreapp2.0)
      runtime.native.System.Data.SqlClient.sni (>= 4.7) - restriction: || (&& (< monoandroid) (< monotouch) (< net451) (>= netstandard1.3) (< netstandard2.0) (< win81) (< wpa81) (< xamarintvos) (< xamarinwatchos)) (&& (< monoandroid) (< net451) (>= netstandard2.0) (< xamarinios) (< xamarinmac)) (>= netcoreapp2.0)
      System.Buffers (>= 4.5.1) - restriction: && (< monoandroid) (< net451) (< netcoreapp2.0) (>= netstandard2.0) (< xamarinios) (< xamarinmac)
      System.Diagnostics.DiagnosticSource (>= 4.7) - restriction: || (&& (< monoandroid) (< monotouch) (< net451) (>= netstandard1.3) (< netstandard2.0) (< win81) (< wpa81) (< xamarintvos) (< xamarinwatchos)) (&& (< monoandroid) (< net451) (< netcoreapp2.0) (>= netstandard2.0) (< xamarinios) (< xamarinmac)) (&& (>= netcoreapp2.0) (< netcoreapp2.1)) (&& (>= netcoreapp2.1) (< netcoreapp3.1)) (>= uap10.1)
      System.Memory (>= 4.5.4) - restriction: || (&& (< monoandroid) (< net451) (< netcoreapp2.0) (>= netstandard2.0) (< xamarinios) (< xamarinmac)) (&& (>= netcoreapp2.0) (< netcoreapp2.1)) (>= uap10.1)
      System.Security.Principal.Windows (>= 4.7) - restriction: || (&& (< monoandroid) (< monotouch) (< net451) (>= netstandard1.3) (< netstandard2.0) (< win81) (< wpa81) (< xamarintvos) (< xamarinwatchos)) (&& (< monoandroid) (< net451) (>= netstandard2.0) (< xamarinios) (< xamarinmac)) (>= netcoreapp2.0)
      System.Text.Encoding.CodePages (>= 4.7) - restriction: || (&& (< monoandroid) (< monotouch) (< net451) (>= netstandard1.3) (< netstandard2.0) (< win81) (< wpa81) (< xamarintvos) (< xamarinwatchos)) (&& (< monoandroid) (< net451) (< netcoreapp2.0) (>= netstandard2.0) (< xamarinios) (< xamarinmac)) (&& (>= netcoreapp2.0) (< netcoreapp2.1)) (&& (>= netcoreapp2.1) (< netcoreapp3.1)) (>= uap10.1)
    System.Diagnostics.Debug (4.3) - restriction: || (&& (>= monoandroid) (>= netstandard1.1) (< netstandard2.0)) (&& (< monoandroid) (< net35) (< netstandard1.5) (>= netstandard1.6)) (&& (< monoandroid) (< net35) (>= netstandard1.6) (< netstandard2.0)) (&& (< monoandroid) (< net35) (>= netstandard2.0) (< xamarinios) (< xamarinmac)) (>= monotouch) (&& (< net35) (>= net40) (>= netstandard1.3) (< netstandard1.5)) (&& (< net35) (>= net40) (>= netstandard1.5) (< netstandard1.6)) (&& (< net35) (>= net45) (>= netstandard1.3) (< netstandard1.5)) (&& (< net35) (>= net45) (>= netstandard1.5)) (&& (< net40) (< netstandard1.2) (>= netstandard1.6) (< win8)) (&& (< net40) (< netstandard1.3) (>= netstandard1.6) (< win8) (< wpa81)) (&& (< net40) (< netstandard1.4) (>= netstandard1.6) (< win8) (< wpa81)) (&& (< net40) (< netstandard1.5) (>= netstandard1.6) (< win8) (< wpa81)) (&& (< net40) (>= netstandard1.6) (< netstandard2.0) (< win8) (< wpa81)) (&& (< net40) (>= netstandard1.6) (< portable-net45+win8+wpa81)) (&& (< net45) (>= net461) (< netstandard2.0)) (&& (< netstandard1.5) (>= netstandard1.6) (>= uap10.0)) (&& (< netstandard2.0) (>= xamarinios)) (&& (< netstandard2.0) (>= xamarinmac)) (>= netstandard2.1) (>= xamarintvos) (>= xamarinwatchos)
      Microsoft.NETCore.Platforms (>= 1.1) - restriction: || (&& (< monoandroid) (< monotouch) (< net45) (>= netstandard1.3) (< win8) (< wpa81) (< xamarinios) (< xamarinmac) (< xamarintvos) (< xamarinwatchos)) (&& (< monoandroid) (< net45) (>= netstandard1.0) (< netstandard1.3) (< win8) (< wp8) (< wpa81))
      Microsoft.NETCore.Targets (>= 1.1) - restriction: || (&& (< monoandroid) (< monotouch) (< net45) (>= netstandard1.3) (< win8) (< wpa81) (< xamarinios) (< xamarinmac) (< xamarintvos) (< xamarinwatchos)) (&& (< monoandroid) (< net45) (>= netstandard1.0) (< netstandard1.3) (< win8) (< wp8) (< wpa81))
      System.Runtime (>= 4.3) - restriction: || (&& (< monoandroid) (< monotouch) (< net45) (>= netstandard1.3) (< win8) (< wpa81) (< xamarinios) (< xamarinmac) (< xamarintvos) (< xamarinwatchos)) (&& (< monoandroid) (< net45) (>= netstandard1.0) (< netstandard1.3) (< win8) (< wp8) (< wpa81))
    System.Diagnostics.DiagnosticSource (5.0) - restriction: || (&& (< monoandroid) (< monotouch) (< net40) (>= netstandard1.6) (< netstandard2.0) (< win8) (< wpa81) (< xamarintvos) (< xamarinwatchos)) (&& (< monoandroid) (< net40) (< netstandard1.2) (>= netstandard1.6) (< win8)) (&& (< monoandroid) (< net40) (< netstandard1.3) (>= netstandard1.6) (< win8) (< wpa81)) (&& (< monoandroid) (< net40) (< netstandard1.4) (>= netstandard1.6) (< win8) (< wpa81)) (&& (< monoandroid) (< net40) (< netstandard1.5) (>= netstandard1.6) (< win8) (< wpa81)) (&& (< net40) (>= net46) (< netstandard1.4) (>= netstandard1.6)) (&& (>= net461) (>= netstandard2.0)) (&& (< net5.0) (>= netstandard2.1)) (&& (>= netcoreapp2.0) (< netcoreapp2.1) (< netstandard2.1)) (&& (>= netcoreapp2.0) (< netstandard2.0)) (&& (>= netcoreapp2.0) (>= uap10.1)) (&& (< netcoreapp2.0) (>= netcoreapp3.0)) (&& (< netcoreapp2.0) (>= netstandard2.1)) (&& (>= netcoreapp2.1) (< netstandard2.0)) (&& (>= netcoreapp2.1) (< netstandard2.1)) (&& (>= netcoreapp2.1) (>= uap10.1)) (&& (< netcoreapp2.1) (>= netcoreapp3.0)) (&& (>= netcoreapp3.0) (< netcoreapp3.1)) (&& (>= netcoreapp3.0) (< netstandard2.0)) (&& (>= netcoreapp3.0) (>= uap10.1)) (&& (< netstandard1.5) (>= netstandard1.6) (>= uap10.0)) (&& (>= netstandard2.0) (< netstandard2.1)) (&& (>= netstandard2.0) (>= uap10.1)) (&& (< netstandard2.0) (>= netstandard2.1)) (&& (>= netstandard2.1) (>= uap10.1))
      System.Memory (>= 4.5.4) - restriction: || (&& (< monoandroid) (< monotouch) (< net45) (>= netstandard1.3) (< netstandard2.0) (< win8) (< wpa81) (< xamarintvos) (< xamarinwatchos)) (&& (< monoandroid) (< net45) (< netcoreapp2.1) (>= netstandard2.0) (< xamarinios) (< xamarinmac)) (&& (>= net45) (< netstandard1.3)) (>= net46) (>= uap10.1)
      System.Runtime.CompilerServices.Unsafe (>= 5.0) - restriction: || (>= monoandroid) (>= monotouch) (&& (>= net45) (< netstandard1.3)) (&& (< net45) (< netcoreapp2.1) (>= netstandard2.0)) (&& (< net45) (>= netstandard1.3) (< netstandard2.0) (< win8) (< wpa81)) (>= net46) (&& (>= netcoreapp2.1) (< netcoreapp3.0)) (>= uap10.1) (>= xamarinios) (>= xamarinmac) (>= xamarintvos) (>= xamarinwatchos)
    System.Diagnostics.EventLog (5.0) - restriction: || (&& (< net461) (< netcoreapp2.0) (>= netstandard2.0) (< netstandard2.1)) (&& (>= netcoreapp2.0) (< netcoreapp2.1) (< netstandard2.1)) (&& (< netcoreapp2.0) (>= netstandard2.1)) (&& (>= netcoreapp2.1) (< netstandard2.1)) (>= netcoreapp3.0)
      Microsoft.NETCore.Platforms (>= 5.0) - restriction: >= netcoreapp2.0
      Microsoft.Win32.Registry (>= 5.0) - restriction: >= netcoreapp2.0
      System.Security.Principal.Windows (>= 5.0) - restriction: || (>= net461) (>= netstandard2.0)
    System.Diagnostics.PerformanceCounter (5.0) - restriction: || (&& (< net461) (< netcoreapp2.0) (>= netstandard2.0) (< netstandard2.1)) (&& (>= netcoreapp2.0) (< netcoreapp2.1) (< netstandard2.1)) (&& (< netcoreapp2.0) (>= netstandard2.1)) (&& (>= netcoreapp2.1) (< netstandard2.1)) (>= netcoreapp3.0)
      Microsoft.NETCore.Platforms (>= 5.0) - restriction: >= netcoreapp2.0
      Microsoft.Win32.Registry (>= 5.0) - restriction: >= netcoreapp2.0
      System.Configuration.ConfigurationManager (>= 5.0) - restriction: >= netcoreapp2.0
      System.Memory (>= 4.5.4) - restriction: && (>= netcoreapp2.0) (< netcoreapp2.1)
      System.Security.Principal.Windows (>= 5.0) - restriction: >= netcoreapp2.0
    System.Diagnostics.Tools (4.3) - restriction: || (&& (< net40) (< netstandard1.2) (>= netstandard1.6) (< win8)) (&& (< net40) (< netstandard1.3) (>= netstandard1.6) (< win8) (< wpa81)) (&& (< net40) (< netstandard1.4) (>= netstandard1.6) (< win8) (< wpa81)) (&& (< net40) (< netstandard1.5) (>= netstandard1.6) (< win8) (< wpa81)) (&& (< net40) (>= netstandard1.6) (< netstandard2.0) (< win8) (< wpa81)) (&& (< net40) (>= netstandard1.6) (< portable-net45+win8+wpa81)) (&& (< netstandard1.5) (>= netstandard1.6) (>= uap10.0))
      Microsoft.NETCore.Platforms (>= 1.1) - restriction: && (< monoandroid) (< monotouch) (< net45) (>= netstandard1.0) (< win8) (< wp8) (< wpa81) (< xamarinios) (< xamarinmac) (< xamarintvos) (< xamarinwatchos)
      Microsoft.NETCore.Targets (>= 1.1) - restriction: && (< monoandroid) (< monotouch) (< net45) (>= netstandard1.0) (< win8) (< wp8) (< wpa81) (< xamarinios) (< xamarinmac) (< xamarintvos) (< xamarinwatchos)
      System.Runtime (>= 4.3) - restriction: && (< monoandroid) (< monotouch) (< net45) (>= netstandard1.0) (< win8) (< wp8) (< wpa81) (< xamarinios) (< xamarinmac) (< xamarintvos) (< xamarinwatchos)
    System.Diagnostics.TraceSource (4.3) - restriction: || (&& (< net35) (>= net40) (>= netstandard1.3) (< netstandard1.5)) (&& (< net35) (>= net40) (>= netstandard1.5) (< netstandard1.6)) (&& (< net35) (>= net45) (>= netstandard1.3) (< netstandard1.5)) (&& (< net35) (>= net45) (>= netstandard1.5)) (&& (< net35) (< netstandard1.5) (>= netstandard1.6)) (&& (< net35) (>= netstandard1.6) (< netstandard2.0)) (&& (< net35) (>= netstandard2.0)) (>= netstandard2.1)
      Microsoft.NETCore.Platforms (>= 1.1) - restriction: && (< monoandroid) (< monotouch) (< net46) (>= netstandard1.3) (< xamarinios) (< xamarinmac) (< xamarintvos) (< xamarinwatchos)
      runtime.native.System (>= 4.3) - restriction: && (< monoandroid) (< monotouch) (< net46) (>= netstandard1.3) (< xamarinios) (< xamarinmac) (< xamarintvos) (< xamarinwatchos)
      System.Collections (>= 4.3) - restriction: && (< monoandroid) (< monotouch) (< net46) (>= netstandard1.3) (< xamarinios) (< xamarinmac) (< xamarintvos) (< xamarinwatchos)
      System.Diagnostics.Debug (>= 4.3) - restriction: && (< monoandroid) (< monotouch) (< net46) (>= netstandard1.3) (< xamarinios) (< xamarinmac) (< xamarintvos) (< xamarinwatchos)
      System.Globalization (>= 4.3) - restriction: && (< monoandroid) (< monotouch) (< net46) (>= netstandard1.3) (< xamarinios) (< xamarinmac) (< xamarintvos) (< xamarinwatchos)
      System.Resources.ResourceManager (>= 4.3) - restriction: && (< monoandroid) (< monotouch) (< net46) (>= netstandard1.3) (< xamarinios) (< xamarinmac) (< xamarintvos) (< xamarinwatchos)
      System.Runtime (>= 4.3) - restriction: && (< monoandroid) (< monotouch) (< net46) (>= netstandard1.3) (< xamarinios) (< xamarinmac) (< xamarintvos) (< xamarinwatchos)
      System.Runtime.Extensions (>= 4.3) - restriction: && (< monoandroid) (< monotouch) (< net46) (>= netstandard1.3) (< xamarinios) (< xamarinmac) (< xamarintvos) (< xamarinwatchos)
      System.Threading (>= 4.3) - restriction: && (< monoandroid) (< monotouch) (< net46) (>= netstandard1.3) (< xamarinios) (< xamarinmac) (< xamarintvos) (< xamarinwatchos)
    System.Diagnostics.Tracing (4.3) - restriction: || (&& (>= monoandroid) (>= netstandard1.1) (< netstandard2.0)) (>= monotouch) (&& (< net40) (< netstandard1.2) (>= netstandard1.6) (< win8)) (&& (< net40) (< netstandard1.3) (>= netstandard1.6) (< win8) (< wpa81)) (&& (< net40) (< netstandard1.4) (>= netstandard1.6) (< win8) (< wpa81)) (&& (< net40) (< netstandard1.5) (>= netstandard1.6) (< win8) (< wpa81)) (&& (< net40) (>= netstandard1.6) (< netstandard2.0) (< win8) (< wpa81)) (&& (< net45) (>= net461) (< netstandard2.0)) (&& (< netstandard1.5) (>= netstandard1.6) (>= uap10.0)) (&& (< netstandard2.0) (>= xamarinios)) (&& (< netstandard2.0) (>= xamarinmac)) (>= xamarintvos) (>= xamarinwatchos)
      Microsoft.NETCore.Platforms (>= 1.1) - restriction: || (&& (< monoandroid) (< monotouch) (< net45) (>= netstandard1.5) (< win8) (< wpa81) (< xamarinios) (< xamarinmac) (< xamarintvos) (< xamarinwatchos)) (&& (< monoandroid) (< net45) (>= netstandard1.1) (< netstandard1.2) (< win8)) (&& (< monoandroid) (< net45) (>= netstandard1.2) (< netstandard1.3) (< win8) (< wpa81)) (&& (< monoandroid) (< net45) (>= netstandard1.3) (< netstandard1.5) (< win8) (< wpa81))
      Microsoft.NETCore.Targets (>= 1.1) - restriction: || (&& (< monoandroid) (< monotouch) (< net45) (>= netstandard1.5) (< win8) (< wpa81) (< xamarinios) (< xamarinmac) (< xamarintvos) (< xamarinwatchos)) (&& (< monoandroid) (< net45) (>= netstandard1.1) (< netstandard1.2) (< win8)) (&& (< monoandroid) (< net45) (>= netstandard1.2) (< netstandard1.3) (< win8) (< wpa81)) (&& (< monoandroid) (< net45) (>= netstandard1.3) (< netstandard1.5) (< win8) (< wpa81))
      System.Runtime (>= 4.3) - restriction: || (&& (< monoandroid) (< monotouch) (< net45) (>= netstandard1.5) (< win8) (< wpa81) (< xamarinios) (< xamarinmac) (< xamarintvos) (< xamarinwatchos)) (&& (< monoandroid) (< net45) (>= netstandard1.1) (< netstandard1.2) (< win8)) (&& (< monoandroid) (< net45) (>= netstandard1.2) (< netstandard1.3) (< win8) (< wpa81)) (&& (< monoandroid) (< net45) (>= netstandard1.3) (< netstandard1.5) (< win8) (< wpa81))
    System.DirectoryServices (5.0) - restriction: || (&& (< net461) (< netcoreapp2.0) (>= netstandard2.0) (< netstandard2.1)) (&& (>= netcoreapp2.0) (< netcoreapp2.1) (< netstandard2.1)) (&& (< netcoreapp2.0) (>= netstandard2.1)) (&& (>= netcoreapp2.1) (< netstandard2.1)) (>= netcoreapp3.0)
      Microsoft.NETCore.Platforms (>= 5.0) - restriction: >= netcoreapp2.0
      System.IO.FileSystem.AccessControl (>= 5.0) - restriction: || (&& (< net45) (>= netstandard2.0)) (>= netcoreapp2.0)
      System.Security.AccessControl (>= 5.0) - restriction: || (&& (< net45) (>= netstandard2.0)) (>= netcoreapp2.0)
      System.Security.Permissions (>= 5.0) - restriction: || (&& (< net45) (>= netstandard2.0)) (>= netcoreapp2.0)
      System.Security.Principal.Windows (>= 5.0) - restriction: || (&& (< net45) (>= netstandard2.0)) (>= netcoreapp2.0)
    System.DirectoryServices.AccountManagement (5.0) - restriction: || (&& (< net461) (< netcoreapp2.0) (>= netstandard2.0) (< netstandard2.1)) (&& (>= netcoreapp2.0) (< netcoreapp2.1) (< netstandard2.1)) (&& (< netcoreapp2.0) (>= netstandard2.1)) (&& (>= netcoreapp2.1) (< netstandard2.1)) (>= netcoreapp3.0)
      Microsoft.NETCore.Platforms (>= 5.0) - restriction: >= netcoreapp2.0
      System.Configuration.ConfigurationManager (>= 5.0) - restriction: >= netcoreapp2.0
      System.DirectoryServices (>= 5.0) - restriction: >= netcoreapp2.0
      System.DirectoryServices.Protocols (>= 5.0) - restriction: >= netcoreapp2.0
      System.IO.FileSystem.AccessControl (>= 5.0) - restriction: >= netcoreapp2.0
      System.Security.AccessControl (>= 5.0) - restriction: >= netcoreapp2.0
      System.Security.Principal.Windows (>= 5.0) - restriction: || (&& (< net45) (>= netstandard2.0)) (>= netcoreapp2.0)
    System.DirectoryServices.Protocols (5.0) - restriction: || (&& (< net461) (< netcoreapp2.0) (>= netstandard2.0) (< netstandard2.1)) (&& (>= netcoreapp2.0) (< netcoreapp2.1) (< netstandard2.1)) (&& (< netcoreapp2.0) (>= netstandard2.1)) (&& (>= netcoreapp2.1) (< netstandard2.1)) (>= netcoreapp3.0)
      Microsoft.NETCore.Platforms (>= 5.0) - restriction: >= netcoreapp2.0
      System.Security.Principal.Windows (>= 5.0) - restriction: || (&& (< net45) (>= netstandard2.0)) (>= netcoreapp2.0)
    System.Drawing.Common (5.0) - restriction: || (&& (< net461) (< netcoreapp2.0) (>= netstandard2.0) (< netstandard2.1)) (&& (>= netcoreapp2.0) (< netcoreapp2.1) (< netstandard2.1)) (&& (< netcoreapp2.0) (>= netstandard2.1)) (&& (>= netcoreapp2.1) (< netstandard2.1)) (>= netcoreapp3.0)
      Microsoft.NETCore.Platforms (>= 5.0) - restriction: && (>= netcoreapp2.0) (< netcoreapp3.0)
      Microsoft.Win32.SystemEvents (>= 5.0) - restriction: >= netcoreapp2.0
    System.Dynamic.Runtime (4.3) - restriction: || (&& (< net35) (>= net40) (>= netstandard1.3) (< netstandard1.5)) (&& (< net35) (>= net40) (>= netstandard1.5) (< netstandard1.6)) (&& (< net35) (>= net45) (>= netstandard1.3) (< netstandard1.5)) (&& (< net35) (>= net45) (>= netstandard1.5)) (&& (< net35) (< netstandard1.5) (>= netstandard1.6)) (&& (< net35) (>= netstandard1.6) (< netstandard2.0)) (&& (< net35) (>= netstandard2.0)) (>= netstandard2.1)
      System.Collections (>= 4.3) - restriction: && (< monoandroid) (< monotouch) (< net45) (>= netstandard1.3) (< win8) (< wpa81) (< xamarinios) (< xamarinmac) (< xamarintvos) (< xamarinwatchos)
      System.Diagnostics.Debug (>= 4.3) - restriction: && (< monoandroid) (< monotouch) (< net45) (>= netstandard1.3) (< win8) (< wpa81) (< xamarinios) (< xamarinmac) (< xamarintvos) (< xamarinwatchos)
      System.Linq (>= 4.3) - restriction: && (< monoandroid) (< monotouch) (< net45) (>= netstandard1.3) (< win8) (< wpa81) (< xamarinios) (< xamarinmac) (< xamarintvos) (< xamarinwatchos)
      System.Linq.Expressions (>= 4.3) - restriction: || (&& (< monoandroid) (< monotouch) (< net45) (>= netstandard1.3) (< win8) (< wpa81) (< xamarinios) (< xamarinmac) (< xamarintvos) (< xamarinwatchos)) (&& (< monoandroid) (< net45) (>= netstandard1.0) (< netstandard1.3) (< win8) (< wp8) (< wpa81))
      System.ObjectModel (>= 4.3) - restriction: || (&& (< monoandroid) (< monotouch) (< net45) (>= netstandard1.3) (< win8) (< wpa81) (< xamarinios) (< xamarinmac) (< xamarintvos) (< xamarinwatchos)) (&& (< monoandroid) (< net45) (>= netstandard1.0) (< netstandard1.3) (< win8) (< wp8) (< wpa81))
      System.Reflection (>= 4.3) - restriction: || (&& (< monoandroid) (< monotouch) (< net45) (>= netstandard1.3) (< win8) (< wpa81) (< xamarinios) (< xamarinmac) (< xamarintvos) (< xamarinwatchos)) (&& (< monoandroid) (< net45) (>= netstandard1.0) (< netstandard1.3) (< win8) (< wp8) (< wpa81))
      System.Reflection.Emit (>= 4.3) - restriction: && (< monoandroid) (< monotouch) (< net45) (>= netstandard1.3) (< win8) (< wpa81) (< xamarinios) (< xamarinmac) (< xamarintvos) (< xamarinwatchos)
      System.Reflection.Emit.ILGeneration (>= 4.3) - restriction: && (< monoandroid) (< monotouch) (< net45) (>= netstandard1.3) (< win8) (< wpa81) (< xamarinios) (< xamarinmac) (< xamarintvos) (< xamarinwatchos)
      System.Reflection.Primitives (>= 4.3) - restriction: && (< monoandroid) (< monotouch) (< net45) (>= netstandard1.3) (< win8) (< wpa81) (< xamarinios) (< xamarinmac) (< xamarintvos) (< xamarinwatchos)
      System.Reflection.TypeExtensions (>= 4.3) - restriction: && (< monoandroid) (< monotouch) (< net45) (>= netstandard1.3) (< win8) (< wpa81) (< xamarinios) (< xamarinmac) (< xamarintvos) (< xamarinwatchos)
      System.Resources.ResourceManager (>= 4.3) - restriction: && (< monoandroid) (< monotouch) (< net45) (>= netstandard1.3) (< win8) (< wpa81) (< xamarinios) (< xamarinmac) (< xamarintvos) (< xamarinwatchos)
      System.Runtime (>= 4.3) - restriction: || (&& (< monoandroid) (< monotouch) (< net45) (>= netstandard1.3) (< win8) (< wpa81) (< xamarinios) (< xamarinmac) (< xamarintvos) (< xamarinwatchos)) (&& (< monoandroid) (< net45) (>= netstandard1.0) (< netstandard1.3) (< win8) (< wp8) (< wpa81))
      System.Runtime.Extensions (>= 4.3) - restriction: && (< monoandroid) (< monotouch) (< net45) (>= netstandard1.3) (< win8) (< wpa81) (< xamarinios) (< xamarinmac) (< xamarintvos) (< xamarinwatchos)
      System.Threading (>= 4.3) - restriction: && (< monoandroid) (< monotouch) (< net45) (>= netstandard1.3) (< win8) (< wpa81) (< xamarinios) (< xamarinmac) (< xamarintvos) (< xamarinwatchos)
    System.Formats.Asn1 (5.0) - restriction: || (&& (>= monoandroid) (>= netcoreapp2.0)) (&& (>= monoandroid) (>= netcoreapp2.1)) (&& (>= monoandroid) (>= netstandard2.0)) (&& (>= monoandroid) (>= netstandard2.1)) (&& (>= monotouch) (>= netcoreapp2.0)) (&& (>= monotouch) (>= netcoreapp2.1)) (&& (>= monotouch) (>= netstandard2.0)) (&& (>= monotouch) (>= netstandard2.1)) (&& (< net46) (< netcoreapp2.0) (>= netstandard2.0) (< netstandard2.1)) (&& (>= netcoreapp2.0) (< netcoreapp2.1) (< netstandard2.1)) (&& (>= netcoreapp2.0) (>= uap10.1)) (&& (>= netcoreapp2.0) (>= xamarintvos)) (&& (>= netcoreapp2.0) (>= xamarinwatchos)) (&& (< netcoreapp2.0) (>= netcoreapp2.1) (< netstandard2.1)) (&& (< netcoreapp2.0) (>= netstandard2.1)) (&& (>= netcoreapp2.1) (>= uap10.1)) (&& (>= netcoreapp2.1) (>= xamarintvos)) (&& (>= netcoreapp2.1) (>= xamarinwatchos)) (>= netcoreapp3.0) (&& (>= netstandard2.0) (>= uap10.1)) (&& (>= netstandard2.0) (>= xamarintvos)) (&& (>= netstandard2.0) (>= xamarinwatchos)) (&& (>= netstandard2.1) (>= uap10.1)) (&& (>= netstandard2.1) (>= xamarintvos)) (&& (>= netstandard2.1) (>= xamarinwatchos)) (>= xamarinios) (>= xamarinmac)
    System.Globalization (4.3) - restriction: || (&& (< monoandroid) (< monotouch) (< net35) (>= netstandard1.6) (< netstandard2.0) (< xamarintvos) (< xamarinwatchos)) (&& (< monoandroid) (< net35) (< netstandard1.5) (>= netstandard1.6)) (&& (< monoandroid) (< net35) (< netstandard1.5) (>= netstandard2.0) (< win8) (< wpa81)) (&& (< monoandroid) (< net35) (>= netstandard2.0) (< xamarinios) (< xamarinmac)) (&& (< net35) (>= net40) (>= netstandard1.3) (< netstandard1.5)) (&& (< net35) (>= net40) (>= netstandard1.5) (< netstandard1.6)) (&& (< net35) (>= net45) (>= netstandard1.3) (< netstandard1.5)) (&& (< net35) (>= net45) (>= netstandard1.5)) (&& (< net40) (< netstandard1.2) (>= netstandard1.6) (< win8)) (&& (< net40) (< netstandard1.3) (>= netstandard1.6) (< win8) (< wpa81)) (&& (< net40) (< netstandard1.4) (>= netstandard1.6) (< win8) (< wpa81)) (&& (< net40) (< netstandard1.5) (>= netstandard1.6) (< win8) (< wpa81)) (&& (< net40) (>= netstandard1.6) (< netstandard2.0) (< win8) (< wpa81)) (&& (< net40) (>= netstandard1.6) (< portable-net45+win8+wpa81)) (&& (< netstandard1.5) (>= netstandard1.6) (>= uap10.0)) (>= netstandard2.1)
      Microsoft.NETCore.Platforms (>= 1.1) - restriction: || (&& (< monoandroid) (< monotouch) (< net45) (>= netstandard1.3) (< win8) (< wpa81) (< xamarinios) (< xamarinmac) (< xamarintvos) (< xamarinwatchos)) (&& (< monoandroid) (< net45) (>= netstandard1.0) (< netstandard1.3) (< win8) (< wp8) (< wpa81))
      Microsoft.NETCore.Targets (>= 1.1) - restriction: || (&& (< monoandroid) (< monotouch) (< net45) (>= netstandard1.3) (< win8) (< wpa81) (< xamarinios) (< xamarinmac) (< xamarintvos) (< xamarinwatchos)) (&& (< monoandroid) (< net45) (>= netstandard1.0) (< netstandard1.3) (< win8) (< wp8) (< wpa81))
      System.Runtime (>= 4.3) - restriction: || (&& (< monoandroid) (< monotouch) (< net45) (>= netstandard1.3) (< win8) (< wpa81) (< xamarinios) (< xamarinmac) (< xamarintvos) (< xamarinwatchos)) (&& (< monoandroid) (< net45) (>= netstandard1.0) (< netstandard1.3) (< win8) (< wp8) (< wpa81))
    System.Globalization.Calendars (4.3) - restriction: || (&& (< net40) (>= net46) (< netstandard1.4) (>= netstandard1.6)) (&& (< net40) (< netstandard1.4) (>= netstandard1.6) (< win8) (< wpa81)) (&& (< net40) (< netstandard1.5) (>= netstandard1.6) (< win8) (< wpa81)) (&& (< net40) (>= netstandard1.6) (< netstandard2.0) (< win8) (< wpa81)) (&& (< netstandard1.5) (>= netstandard1.6) (>= uap10.0))
      Microsoft.NETCore.Platforms (>= 1.1) - restriction: && (< monoandroid) (< monotouch) (< net46) (>= netstandard1.3) (< xamarinios) (< xamarinmac) (< xamarintvos) (< xamarinwatchos)
      Microsoft.NETCore.Targets (>= 1.1) - restriction: && (< monoandroid) (< monotouch) (< net46) (>= netstandard1.3) (< xamarinios) (< xamarinmac) (< xamarintvos) (< xamarinwatchos)
      System.Globalization (>= 4.3) - restriction: && (< monoandroid) (< monotouch) (< net46) (>= netstandard1.3) (< xamarinios) (< xamarinmac) (< xamarintvos) (< xamarinwatchos)
      System.Runtime (>= 4.3) - restriction: && (< monoandroid) (< monotouch) (< net46) (>= netstandard1.3) (< xamarinios) (< xamarinmac) (< xamarintvos) (< xamarinwatchos)
    System.Globalization.Extensions (4.3) - restriction: || (&& (< monoandroid) (< monotouch) (< net35) (>= netstandard1.6) (< netstandard2.0) (< xamarintvos) (< xamarinwatchos)) (&& (< monoandroid) (< monotouch) (< net40) (>= netstandard1.6) (< netstandard2.0) (< win8) (< wpa81) (< xamarintvos) (< xamarinwatchos)) (&& (< monoandroid) (< net35) (< netstandard1.5) (>= netstandard1.6)) (&& (< monoandroid) (< net35) (>= netstandard2.0) (< xamarinios) (< xamarinmac)) (&& (< monoandroid) (< net40) (< netstandard1.2) (>= netstandard1.6) (< win8)) (&& (< monoandroid) (< net40) (< netstandard1.3) (>= netstandard1.6) (< win8) (< wpa81)) (&& (< monoandroid) (< net40) (< netstandard1.4) (>= netstandard1.6) (< win8) (< wpa81)) (&& (< monoandroid) (< net40) (< netstandard1.5) (>= netstandard1.6) (< win8) (< wpa81)) (&& (< net35) (>= net40) (>= netstandard1.3) (< netstandard1.5)) (&& (< net35) (>= net40) (>= netstandard1.5) (< netstandard1.6)) (&& (< net35) (>= net45) (>= netstandard1.3) (< netstandard1.5)) (&& (< net35) (>= net45) (>= netstandard1.5)) (&& (< net40) (>= net46) (< netstandard1.4) (>= netstandard1.6)) (&& (< netstandard1.5) (>= netstandard1.6) (>= uap10.0)) (>= netstandard2.1)
      Microsoft.NETCore.Platforms (>= 1.1) - restriction: && (< monoandroid) (< monotouch) (< net46) (>= netstandard1.3) (< xamarinios) (< xamarinmac) (< xamarintvos) (< xamarinwatchos)
      System.Globalization (>= 4.3) - restriction: && (< monoandroid) (< monotouch) (< net46) (>= netstandard1.3) (< xamarinios) (< xamarinmac) (< xamarintvos) (< xamarinwatchos)
      System.Resources.ResourceManager (>= 4.3) - restriction: && (< monoandroid) (< monotouch) (< net46) (>= netstandard1.3) (< xamarinios) (< xamarinmac) (< xamarintvos) (< xamarinwatchos)
      System.Runtime (>= 4.3) - restriction: && (< monoandroid) (< monotouch) (< net46) (>= netstandard1.3) (< xamarinios) (< xamarinmac) (< xamarintvos) (< xamarinwatchos)
      System.Runtime.Extensions (>= 4.3) - restriction: && (< monoandroid) (< monotouch) (< net46) (>= netstandard1.3) (< xamarinios) (< xamarinmac) (< xamarintvos) (< xamarinwatchos)
      System.Runtime.InteropServices (>= 4.3) - restriction: && (< monoandroid) (< monotouch) (< net46) (>= netstandard1.3) (< xamarinios) (< xamarinmac) (< xamarintvos) (< xamarinwatchos)
    System.IO (4.3) - restriction: || (&& (< monoandroid) (< monotouch) (< net35) (>= netstandard1.6) (< netstandard2.0) (< xamarintvos) (< xamarinwatchos)) (&& (< monoandroid) (< monotouch) (< net40) (>= netstandard1.6) (< netstandard2.0) (< xamarintvos) (< xamarinwatchos)) (&& (< monoandroid) (< net35) (< netstandard1.3) (>= netstandard1.6) (< win8) (< wpa81)) (&& (< monoandroid) (< net35) (< netstandard1.3) (>= netstandard2.0) (< win8) (< wpa81)) (&& (< monoandroid) (< net35) (< netstandard1.5) (>= netstandard1.6)) (&& (< monoandroid) (< net35) (< netstandard1.5) (>= netstandard2.0) (< win8) (< wpa81)) (&& (< monoandroid) (< net35) (>= netstandard2.0) (< xamarinios) (< xamarinmac)) (&& (< net35) (>= net40) (>= netstandard1.3) (< netstandard1.5)) (&& (< net35) (>= net40) (< netstandard1.3) (>= netstandard1.5)) (&& (< net35) (>= net40) (>= netstandard1.5) (< netstandard1.6)) (&& (< net35) (>= net45) (>= netstandard1.3) (< netstandard1.5)) (&& (< net35) (>= net45) (>= netstandard1.5)) (&& (< net40) (< netstandard1.2) (>= netstandard1.6) (< win8)) (&& (< net40) (< netstandard1.3) (>= netstandard1.6) (< win8) (< wpa81)) (&& (< net40) (< netstandard1.4) (>= netstandard1.6) (< win8) (< wpa81)) (&& (< net40) (< netstandard1.5) (>= netstandard1.6) (< win8) (< wpa81)) (&& (< net40) (>= netstandard1.6) (< netstandard2.0) (< win8) (< wpa81)) (&& (< net40) (>= netstandard1.6) (< portable-net45+win8+wpa81)) (&& (< netstandard1.5) (>= netstandard1.6) (>= uap10.0)) (>= netstandard2.1)
      Microsoft.NETCore.Platforms (>= 1.1) - restriction: || (&& (< monoandroid) (< monotouch) (< net45) (>= netstandard1.5) (< win8) (< wpa81) (< xamarinios) (< xamarinmac) (< xamarintvos) (< xamarinwatchos)) (&& (< monoandroid) (< net45) (>= netstandard1.0) (< netstandard1.3) (< win8) (< wp8) (< wpa81)) (&& (< monoandroid) (< net45) (>= netstandard1.3) (< netstandard1.5) (< win8) (< wpa81))
      Microsoft.NETCore.Targets (>= 1.1) - restriction: || (&& (< monoandroid) (< monotouch) (< net45) (>= netstandard1.5) (< win8) (< wpa81) (< xamarinios) (< xamarinmac) (< xamarintvos) (< xamarinwatchos)) (&& (< monoandroid) (< net45) (>= netstandard1.0) (< netstandard1.3) (< win8) (< wp8) (< wpa81)) (&& (< monoandroid) (< net45) (>= netstandard1.3) (< netstandard1.5) (< win8) (< wpa81))
      System.Runtime (>= 4.3) - restriction: || (&& (< monoandroid) (< monotouch) (< net45) (>= netstandard1.5) (< win8) (< wpa81) (< xamarinios) (< xamarinmac) (< xamarintvos) (< xamarinwatchos)) (&& (< monoandroid) (< net45) (>= netstandard1.0) (< netstandard1.3) (< win8) (< wp8) (< wpa81)) (&& (< monoandroid) (< net45) (>= netstandard1.3) (< netstandard1.5) (< win8) (< wpa81))
      System.Text.Encoding (>= 4.3) - restriction: || (&& (< monoandroid) (< monotouch) (< net45) (>= netstandard1.5) (< win8) (< wpa81) (< xamarinios) (< xamarinmac) (< xamarintvos) (< xamarinwatchos)) (&& (< monoandroid) (< net45) (>= netstandard1.0) (< netstandard1.3) (< win8) (< wp8) (< wpa81)) (&& (< monoandroid) (< net45) (>= netstandard1.3) (< netstandard1.5) (< win8) (< wpa81))
      System.Threading.Tasks (>= 4.3) - restriction: || (&& (< monoandroid) (< monotouch) (< net45) (>= netstandard1.5) (< win8) (< wpa81) (< xamarinios) (< xamarinmac) (< xamarintvos) (< xamarinwatchos)) (&& (< monoandroid) (< net45) (>= netstandard1.0) (< netstandard1.3) (< win8) (< wp8) (< wpa81)) (&& (< monoandroid) (< net45) (>= netstandard1.3) (< netstandard1.5) (< win8) (< wpa81))
    System.IO.Compression (4.3) - restriction: || (&& (< net40) (>= net46) (< netstandard1.4) (>= netstandard1.6)) (&& (< net40) (< netstandard1.2) (>= netstandard1.6) (< win8)) (&& (< net40) (< netstandard1.3) (>= netstandard1.6) (< win8) (< wpa81)) (&& (< net40) (< netstandard1.4) (>= netstandard1.6) (< win8) (< wpa81)) (&& (< net40) (< netstandard1.5) (>= netstandard1.6) (< win8) (< wpa81)) (&& (< net40) (>= netstandard1.6) (< netstandard2.0) (< win8) (< wpa81)) (&& (< netstandard1.5) (>= netstandard1.6) (>= uap10.0))
      Microsoft.NETCore.Platforms (>= 1.1) - restriction: && (< monoandroid) (< monotouch) (< net45) (>= netstandard1.3) (< win8) (< wpa81) (< xamarinios) (< xamarinmac) (< xamarintvos) (< xamarinwatchos)
      runtime.native.System (>= 4.3) - restriction: && (< monoandroid) (< monotouch) (< net45) (>= netstandard1.3) (< win8) (< wpa81) (< xamarinios) (< xamarinmac) (< xamarintvos) (< xamarinwatchos)
      runtime.native.System.IO.Compression (>= 4.3) - restriction: && (< monoandroid) (< monotouch) (< net45) (>= netstandard1.3) (< win8) (< wpa81) (< xamarinios) (< xamarinmac) (< xamarintvos) (< xamarinwatchos)
      System.Buffers (>= 4.3) - restriction: && (< monoandroid) (< monotouch) (< net45) (>= netstandard1.3) (< win8) (< wpa81) (< xamarinios) (< xamarinmac) (< xamarintvos) (< xamarinwatchos)
      System.Collections (>= 4.3) - restriction: && (< monoandroid) (< monotouch) (< net45) (>= netstandard1.3) (< win8) (< wpa81) (< xamarinios) (< xamarinmac) (< xamarintvos) (< xamarinwatchos)
      System.Diagnostics.Debug (>= 4.3) - restriction: && (< monoandroid) (< monotouch) (< net45) (>= netstandard1.3) (< win8) (< wpa81) (< xamarinios) (< xamarinmac) (< xamarintvos) (< xamarinwatchos)
      System.IO (>= 4.3) - restriction: || (&& (< monoandroid) (< monotouch) (< net45) (>= netstandard1.3) (< win8) (< wpa81) (< xamarinios) (< xamarinmac) (< xamarintvos) (< xamarinwatchos)) (&& (< monoandroid) (< net45) (>= netstandard1.1) (< netstandard1.3) (< win8) (< wpa81))
      System.Resources.ResourceManager (>= 4.3) - restriction: && (< monoandroid) (< monotouch) (< net45) (>= netstandard1.3) (< win8) (< wpa81) (< xamarinios) (< xamarinmac) (< xamarintvos) (< xamarinwatchos)
      System.Runtime (>= 4.3) - restriction: || (&& (< monoandroid) (< monotouch) (< net45) (>= netstandard1.3) (< win8) (< wpa81) (< xamarinios) (< xamarinmac) (< xamarintvos) (< xamarinwatchos)) (&& (< monoandroid) (< net45) (>= netstandard1.1) (< netstandard1.3) (< win8) (< wpa81))
      System.Runtime.Extensions (>= 4.3) - restriction: && (< monoandroid) (< monotouch) (< net45) (>= netstandard1.3) (< win8) (< wpa81) (< xamarinios) (< xamarinmac) (< xamarintvos) (< xamarinwatchos)
      System.Runtime.Handles (>= 4.3) - restriction: && (< monoandroid) (< monotouch) (< net45) (>= netstandard1.3) (< win8) (< wpa81) (< xamarinios) (< xamarinmac) (< xamarintvos) (< xamarinwatchos)
      System.Runtime.InteropServices (>= 4.3) - restriction: && (< monoandroid) (< monotouch) (< net45) (>= netstandard1.3) (< win8) (< wpa81) (< xamarinios) (< xamarinmac) (< xamarintvos) (< xamarinwatchos)
      System.Text.Encoding (>= 4.3) - restriction: || (&& (< monoandroid) (< monotouch) (< net45) (>= netstandard1.3) (< win8) (< wpa81) (< xamarinios) (< xamarinmac) (< xamarintvos) (< xamarinwatchos)) (&& (< monoandroid) (< net45) (>= netstandard1.1) (< netstandard1.3) (< win8) (< wpa81))
      System.Threading (>= 4.3) - restriction: && (< monoandroid) (< monotouch) (< net45) (>= netstandard1.3) (< win8) (< wpa81) (< xamarinios) (< xamarinmac) (< xamarintvos) (< xamarinwatchos)
      System.Threading.Tasks (>= 4.3) - restriction: && (< monoandroid) (< monotouch) (< net45) (>= netstandard1.3) (< win8) (< wpa81) (< xamarinios) (< xamarinmac) (< xamarintvos) (< xamarinwatchos)
    System.IO.Compression.ZipFile (4.3) - restriction: || (&& (< net40) (>= net46) (< netstandard1.4) (>= netstandard1.6)) (&& (< net40) (< netstandard1.4) (>= netstandard1.6) (< win8) (< wpa81)) (&& (< net40) (< netstandard1.5) (>= netstandard1.6) (< win8) (< wpa81)) (&& (< net40) (>= netstandard1.6) (< netstandard2.0) (< win8) (< wpa81)) (&& (< netstandard1.5) (>= netstandard1.6) (>= uap10.0))
      System.Buffers (>= 4.3) - restriction: && (< monoandroid) (< monotouch) (< net46) (>= netstandard1.3) (< xamarinios) (< xamarinmac) (< xamarintvos) (< xamarinwatchos)
      System.IO (>= 4.3) - restriction: && (< monoandroid) (< monotouch) (< net46) (>= netstandard1.3) (< xamarinios) (< xamarinmac) (< xamarintvos) (< xamarinwatchos)
      System.IO.Compression (>= 4.3) - restriction: && (< monoandroid) (< monotouch) (< net46) (>= netstandard1.3) (< xamarinios) (< xamarinmac) (< xamarintvos) (< xamarinwatchos)
      System.IO.FileSystem (>= 4.3) - restriction: && (< monoandroid) (< monotouch) (< net46) (>= netstandard1.3) (< xamarinios) (< xamarinmac) (< xamarintvos) (< xamarinwatchos)
      System.IO.FileSystem.Primitives (>= 4.3) - restriction: && (< monoandroid) (< monotouch) (< net46) (>= netstandard1.3) (< xamarinios) (< xamarinmac) (< xamarintvos) (< xamarinwatchos)
      System.Resources.ResourceManager (>= 4.3) - restriction: && (< monoandroid) (< monotouch) (< net46) (>= netstandard1.3) (< xamarinios) (< xamarinmac) (< xamarintvos) (< xamarinwatchos)
      System.Runtime (>= 4.3) - restriction: && (< monoandroid) (< monotouch) (< net46) (>= netstandard1.3) (< xamarinios) (< xamarinmac) (< xamarintvos) (< xamarinwatchos)
      System.Runtime.Extensions (>= 4.3) - restriction: && (< monoandroid) (< monotouch) (< net46) (>= netstandard1.3) (< xamarinios) (< xamarinmac) (< xamarintvos) (< xamarinwatchos)
      System.Text.Encoding (>= 4.3) - restriction: && (< monoandroid) (< monotouch) (< net46) (>= netstandard1.3) (< xamarinios) (< xamarinmac) (< xamarintvos) (< xamarinwatchos)
    System.IO.FileSystem (4.3) - restriction: || (&& (< monoandroid) (< net40) (< netstandard1.2) (>= netstandard1.6) (< win8)) (&& (< monoandroid) (< net40) (< netstandard1.3) (>= netstandard1.6) (< win8) (< wpa81)) (&& (< net40) (>= net46) (< netstandard1.4) (>= netstandard1.6)) (&& (< net40) (< netstandard1.4) (>= netstandard1.6) (< win8) (< wpa81)) (&& (< net40) (< netstandard1.5) (>= netstandard1.6) (< win8) (< wpa81)) (&& (< net40) (>= netstandard1.6) (< netstandard2.0) (< win8) (< wpa81)) (&& (< netstandard1.5) (>= netstandard1.6) (>= uap10.0))
      Microsoft.NETCore.Platforms (>= 1.1) - restriction: && (< monoandroid) (< monotouch) (< net46) (>= netstandard1.3) (< xamarinios) (< xamarinmac) (< xamarintvos) (< xamarinwatchos)
      Microsoft.NETCore.Targets (>= 1.1) - restriction: && (< monoandroid) (< monotouch) (< net46) (>= netstandard1.3) (< xamarinios) (< xamarinmac) (< xamarintvos) (< xamarinwatchos)
      System.IO (>= 4.3) - restriction: && (< monoandroid) (< monotouch) (< net46) (>= netstandard1.3) (< xamarinios) (< xamarinmac) (< xamarintvos) (< xamarinwatchos)
      System.IO.FileSystem.Primitives (>= 4.3) - restriction: || (&& (< monoandroid) (< monotouch) (>= netstandard1.3) (< xamarinios) (< xamarinmac) (< xamarintvos) (< xamarinwatchos)) (>= net46)
      System.Runtime (>= 4.3) - restriction: && (< monoandroid) (< monotouch) (< net46) (>= netstandard1.3) (< xamarinios) (< xamarinmac) (< xamarintvos) (< xamarinwatchos)
      System.Runtime.Handles (>= 4.3) - restriction: && (< monoandroid) (< monotouch) (< net46) (>= netstandard1.3) (< xamarinios) (< xamarinmac) (< xamarintvos) (< xamarinwatchos)
      System.Text.Encoding (>= 4.3) - restriction: && (< monoandroid) (< monotouch) (< net46) (>= netstandard1.3) (< xamarinios) (< xamarinmac) (< xamarintvos) (< xamarinwatchos)
      System.Threading.Tasks (>= 4.3) - restriction: && (< monoandroid) (< monotouch) (< net46) (>= netstandard1.3) (< xamarinios) (< xamarinmac) (< xamarintvos) (< xamarinwatchos)
    System.IO.FileSystem.AccessControl (5.0) - restriction: || (&& (< net461) (< netcoreapp2.0) (>= netstandard2.0) (< netstandard2.1)) (&& (>= netcoreapp2.0) (< netcoreapp2.1) (< netstandard2.1)) (&& (< netcoreapp2.0) (>= netstandard2.1)) (&& (>= netcoreapp2.1) (< netstandard2.1)) (>= netcoreapp3.0)
      System.Buffers (>= 4.5.1) - restriction: || (>= monoandroid) (>= monotouch) (&& (< net46) (< netcoreapp2.0) (>= netstandard2.0)) (>= xamarinios) (>= xamarinmac) (>= xamarintvos) (>= xamarinwatchos)
      System.Memory (>= 4.5.4) - restriction: || (&& (< monoandroid) (< net46) (< netcoreapp2.0) (>= netstandard2.0) (< xamarinios) (< xamarinmac)) (&& (>= netcoreapp2.0) (< netcoreapp2.1)) (>= uap10.1)
      System.Security.AccessControl (>= 5.0) - restriction: || (>= monoandroid) (>= monotouch) (&& (>= net46) (< netstandard2.0)) (&& (< net46) (>= netstandard1.3) (< netstandard2.0)) (&& (< net46) (>= netstandard2.0)) (>= net461) (>= netcoreapp2.0) (>= uap10.1) (>= xamarinios) (>= xamarinmac) (>= xamarintvos) (>= xamarinwatchos)
      System.Security.Principal.Windows (>= 5.0) - restriction: || (>= monoandroid) (>= monotouch) (&& (>= net46) (< netstandard2.0)) (&& (< net46) (>= netstandard1.3) (< netstandard2.0)) (&& (< net46) (>= netstandard2.0)) (>= net461) (>= netcoreapp2.0) (>= uap10.1) (>= xamarinios) (>= xamarinmac) (>= xamarintvos) (>= xamarinwatchos)
    System.IO.FileSystem.Primitives (4.3) - restriction: || (&& (< net40) (>= net46) (< netstandard1.4) (>= netstandard1.6)) (&& (< net40) (< netstandard1.4) (>= netstandard1.6) (< win8) (< wpa81)) (&& (< net40) (< netstandard1.5) (>= netstandard1.6) (< win8) (< wpa81)) (&& (< net40) (>= netstandard1.6) (< netstandard2.0) (< win8) (< wpa81)) (&& (< netstandard1.5) (>= netstandard1.6) (>= uap10.0))
      System.Runtime (>= 4.3) - restriction: && (< monoandroid) (< monotouch) (< net46) (>= netstandard1.3) (< xamarinios) (< xamarinmac) (< xamarintvos) (< xamarinwatchos)
    System.IO.Packaging (5.0) - restriction: || (&& (< net461) (< netcoreapp2.0) (>= netstandard2.0) (< netstandard2.1)) (&& (>= netcoreapp2.0) (< netcoreapp2.1) (< netstandard2.1)) (&& (< netcoreapp2.0) (>= netstandard2.1)) (&& (>= netcoreapp2.1) (< netstandard2.1)) (>= netcoreapp3.0)
    System.IO.Pipelines (5.0) - restriction: || (&& (>= net461) (>= netstandard2.0)) (&& (< netcoreapp3.0) (>= netstandard2.0))
      System.Buffers (>= 4.5.1) - restriction: || (>= monoandroid) (>= monotouch) (&& (>= net46) (< netstandard2.0)) (&& (< net46) (< netcoreapp2.0) (>= netstandard2.0)) (&& (< net46) (>= netstandard1.3) (< netstandard2.0) (< uap10.1)) (>= net461) (>= xamarinios) (>= xamarinmac) (>= xamarintvos) (>= xamarinwatchos)
      System.Memory (>= 4.5.4) - restriction: || (&& (< monoandroid) (< monotouch) (< net46) (>= netstandard1.3) (< netstandard2.0) (< xamarintvos) (< xamarinwatchos)) (&& (< monoandroid) (< net46) (< netcoreapp2.0) (>= netstandard2.0) (< xamarinios) (< xamarinmac)) (&& (>= net46) (< netstandard2.0)) (>= net461) (&& (>= netcoreapp2.0) (< netcoreapp2.1)) (>= uap10.1)
      System.Threading.Tasks.Extensions (>= 4.5.4) - restriction: || (&& (< monoandroid) (< monotouch) (< net46) (>= netstandard1.3) (< netstandard2.0) (< xamarintvos) (< xamarinwatchos)) (&& (< monoandroid) (< net46) (< netcoreapp2.0) (>= netstandard2.0) (< xamarinios) (< xamarinmac)) (&& (>= net46) (< netstandard2.0)) (>= net461) (&& (>= netcoreapp2.0) (< netcoreapp2.1)) (>= uap10.1)
    System.IO.Pipes.AccessControl (5.0) - restriction: || (&& (< net461) (< netcoreapp2.0) (>= netstandard2.0) (< netstandard2.1)) (&& (>= netcoreapp2.0) (< netcoreapp2.1) (< netstandard2.1)) (&& (< netcoreapp2.0) (>= netstandard2.1)) (&& (>= netcoreapp2.1) (< netstandard2.1)) (>= netcoreapp3.0)
      Microsoft.NETCore.Platforms (>= 5.0) - restriction: && (< net5.0) (>= netcoreapp2.1)
      System.Security.AccessControl (>= 5.0) - restriction: || (&& (>= net46) (< netstandard2.0)) (&& (< net46) (>= netstandard1.3) (< netstandard2.0) (< uap10.1)) (&& (< net46) (>= netstandard2.0)) (>= net461) (>= netcoreapp2.1)
      System.Security.Principal.Windows (>= 5.0) - restriction: || (&& (>= net46) (< netstandard2.0)) (&& (< net46) (>= netstandard1.3) (< netstandard2.0) (< uap10.1)) (&& (< net46) (>= netstandard2.0)) (>= net461) (>= netcoreapp2.1)
    System.IO.Ports (5.0) - restriction: || (&& (< net461) (< netcoreapp2.0) (>= netstandard2.0) (< netstandard2.1)) (&& (>= netcoreapp2.0) (< netcoreapp2.1) (< netstandard2.1)) (&& (< netcoreapp2.0) (>= netstandard2.1)) (&& (>= netcoreapp2.1) (< netstandard2.1)) (>= netcoreapp3.0)
      Microsoft.Win32.Registry (>= 5.0) - restriction: || (>= monoandroid) (>= monotouch) (&& (< net461) (>= netstandard2.0)) (>= netcoreapp2.1) (>= xamarinios) (>= xamarinmac) (>= xamarintvos) (>= xamarinwatchos)
      runtime.native.System.IO.Ports (>= 5.0) - restriction: || (>= monoandroid) (>= monotouch) (&& (< net461) (>= netstandard2.0)) (>= netcoreapp2.1) (>= xamarinios) (>= xamarinmac) (>= xamarintvos) (>= xamarinwatchos)
      System.Memory (>= 4.5.4) - restriction: && (< monoandroid) (< net461) (< netcoreapp2.1) (>= netstandard2.0) (< xamarinios) (< xamarinmac)
    System.Linq (4.3) - restriction: || (&& (< monoandroid) (< monotouch) (< net35) (>= netstandard1.6) (< netstandard2.0) (< win8) (< wpa81) (< xamarintvos) (< xamarinwatchos)) (&& (< monoandroid) (< net35) (< netstandard1.5) (>= netstandard1.6) (< win8) (< wpa81)) (&& (< monoandroid) (< net35) (>= netstandard2.0) (< win8) (< wpa81) (< xamarinios) (< xamarinmac)) (&& (< net35) (>= net40) (>= netstandard1.5) (< netstandard1.6)) (&& (< net35) (>= net45) (>= netstandard1.5)) (&& (< net40) (< netstandard1.2) (>= netstandard1.6) (< win8)) (&& (< net40) (< netstandard1.3) (>= netstandard1.6) (< win8) (< wpa81)) (&& (< net40) (< netstandard1.4) (>= netstandard1.6) (< win8) (< wpa81)) (&& (< net40) (< netstandard1.5) (>= netstandard1.6) (< win8) (< wpa81)) (&& (< net40) (>= netstandard1.6) (< netstandard2.0) (< win8) (< wpa81)) (&& (< net40) (>= netstandard1.6) (< portable-net45+win8+wpa81)) (&& (< netstandard1.5) (>= netstandard1.6) (>= uap10.0)) (>= netstandard2.1)
      System.Collections (>= 4.3) - restriction: || (&& (< monoandroid) (< monotouch) (< net45) (>= netstandard1.6) (< xamarinios) (< xamarinmac) (< xamarintvos) (< xamarinwatchos)) (&& (< monoandroid) (< net45) (>= netstandard1.0) (< netstandard1.6) (< win8) (< wp8) (< wpa81))
      System.Diagnostics.Debug (>= 4.3) - restriction: && (< monoandroid) (< monotouch) (< net45) (>= netstandard1.6) (< xamarinios) (< xamarinmac) (< xamarintvos) (< xamarinwatchos)
      System.Resources.ResourceManager (>= 4.3) - restriction: && (< monoandroid) (< monotouch) (< net45) (>= netstandard1.6) (< xamarinios) (< xamarinmac) (< xamarintvos) (< xamarinwatchos)
      System.Runtime (>= 4.3) - restriction: || (&& (< monoandroid) (< monotouch) (< net45) (>= netstandard1.6) (< xamarinios) (< xamarinmac) (< xamarintvos) (< xamarinwatchos)) (&& (< monoandroid) (< net45) (>= netstandard1.0) (< netstandard1.6) (< win8) (< wp8) (< wpa81))
      System.Runtime.Extensions (>= 4.3) - restriction: && (< monoandroid) (< monotouch) (< net45) (>= netstandard1.6) (< xamarinios) (< xamarinmac) (< xamarintvos) (< xamarinwatchos)
    System.Linq.Expressions (4.3) - restriction: || (&& (< monoandroid) (< monotouch) (< net35) (>= netstandard1.6) (< netstandard2.0) (< win8) (< wpa81) (< xamarintvos) (< xamarinwatchos)) (&& (< monoandroid) (< net35) (< netstandard1.3) (>= netstandard1.6) (< win8) (< wpa81)) (&& (< monoandroid) (< net35) (< netstandard1.3) (>= netstandard2.0) (< win8) (< wpa81)) (&& (< monoandroid) (< net35) (< netstandard1.5) (>= netstandard1.6) (< win8) (< wpa81)) (&& (< monoandroid) (< net35) (>= netstandard2.0) (< win8) (< wpa81) (< xamarinios) (< xamarinmac)) (&& (< net35) (>= net40) (>= netstandard1.3) (< netstandard1.5)) (&& (< net35) (>= net40) (< netstandard1.3) (>= netstandard1.5)) (&& (< net35) (>= net40) (>= netstandard1.5) (< netstandard1.6)) (&& (< net35) (>= net45) (>= netstandard1.3) (< netstandard1.5)) (&& (< net35) (>= net45) (>= netstandard1.5)) (&& (< net40) (< netstandard1.2) (>= netstandard1.6) (< win8)) (&& (< net40) (< netstandard1.3) (>= netstandard1.6) (< win8) (< wpa81)) (&& (< net40) (< netstandard1.4) (>= netstandard1.6) (< win8) (< wpa81)) (&& (< net40) (< netstandard1.5) (>= netstandard1.6) (< win8) (< wpa81)) (&& (< net40) (>= netstandard1.6) (< netstandard2.0) (< win8) (< wpa81)) (&& (< net40) (>= netstandard1.6) (< portable-net45+win8+wpa81)) (&& (< netstandard1.5) (>= netstandard1.6) (>= uap10.0)) (>= netstandard2.1)
      System.Collections (>= 4.3) - restriction: && (< monoandroid) (< monotouch) (< net45) (>= netstandard1.6) (< xamarinios) (< xamarinmac) (< xamarintvos) (< xamarinwatchos)
      System.Diagnostics.Debug (>= 4.3) - restriction: && (< monoandroid) (< monotouch) (< net45) (>= netstandard1.6) (< xamarinios) (< xamarinmac) (< xamarintvos) (< xamarinwatchos)
      System.Globalization (>= 4.3) - restriction: && (< monoandroid) (< monotouch) (< net45) (>= netstandard1.6) (< xamarinios) (< xamarinmac) (< xamarintvos) (< xamarinwatchos)
      System.IO (>= 4.3) - restriction: && (< monoandroid) (< monotouch) (< net45) (>= netstandard1.6) (< xamarinios) (< xamarinmac) (< xamarintvos) (< xamarinwatchos)
      System.Linq (>= 4.3) - restriction: && (< monoandroid) (< monotouch) (< net45) (>= netstandard1.6) (< xamarinios) (< xamarinmac) (< xamarintvos) (< xamarinwatchos)
      System.ObjectModel (>= 4.3) - restriction: && (< monoandroid) (< monotouch) (< net45) (>= netstandard1.6) (< xamarinios) (< xamarinmac) (< xamarintvos) (< xamarinwatchos)
      System.Reflection (>= 4.3) - restriction: || (&& (< monoandroid) (< monotouch) (< net45) (>= netstandard1.6) (< xamarinios) (< xamarinmac) (< xamarintvos) (< xamarinwatchos)) (&& (< monoandroid) (< net45) (>= netstandard1.0) (< netstandard1.3) (< win8) (< wp8) (< wpa81)) (&& (< monoandroid) (< net45) (>= netstandard1.3) (< netstandard1.6) (< win8) (< wpa81))
      System.Reflection.Emit (>= 4.3) - restriction: && (< monoandroid) (< monotouch) (< net45) (>= netstandard1.6) (< xamarinios) (< xamarinmac) (< xamarintvos) (< xamarinwatchos)
      System.Reflection.Emit.ILGeneration (>= 4.3) - restriction: && (< monoandroid) (< monotouch) (< net45) (>= netstandard1.6) (< xamarinios) (< xamarinmac) (< xamarintvos) (< xamarinwatchos)
      System.Reflection.Emit.Lightweight (>= 4.3) - restriction: && (< monoandroid) (< monotouch) (< net45) (>= netstandard1.6) (< xamarinios) (< xamarinmac) (< xamarintvos) (< xamarinwatchos)
      System.Reflection.Extensions (>= 4.3) - restriction: && (< monoandroid) (< monotouch) (< net45) (>= netstandard1.6) (< xamarinios) (< xamarinmac) (< xamarintvos) (< xamarinwatchos)
      System.Reflection.Primitives (>= 4.3) - restriction: && (< monoandroid) (< monotouch) (< net45) (>= netstandard1.6) (< xamarinios) (< xamarinmac) (< xamarintvos) (< xamarinwatchos)
      System.Reflection.TypeExtensions (>= 4.3) - restriction: && (< monoandroid) (< monotouch) (< net45) (>= netstandard1.6) (< xamarinios) (< xamarinmac) (< xamarintvos) (< xamarinwatchos)
      System.Resources.ResourceManager (>= 4.3) - restriction: && (< monoandroid) (< monotouch) (< net45) (>= netstandard1.6) (< xamarinios) (< xamarinmac) (< xamarintvos) (< xamarinwatchos)
      System.Runtime (>= 4.3) - restriction: || (&& (< monoandroid) (< monotouch) (< net45) (>= netstandard1.6) (< xamarinios) (< xamarinmac) (< xamarintvos) (< xamarinwatchos)) (&& (< monoandroid) (< net45) (>= netstandard1.0) (< netstandard1.3) (< win8) (< wp8) (< wpa81)) (&& (< monoandroid) (< net45) (>= netstandard1.3) (< netstandard1.6) (< win8) (< wpa81))
      System.Runtime.Extensions (>= 4.3) - restriction: && (< monoandroid) (< monotouch) (< net45) (>= netstandard1.6) (< xamarinios) (< xamarinmac) (< xamarintvos) (< xamarinwatchos)
      System.Threading (>= 4.3) - restriction: && (< monoandroid) (< monotouch) (< net45) (>= netstandard1.6) (< xamarinios) (< xamarinmac) (< xamarintvos) (< xamarinwatchos)
    System.Management (5.0) - restriction: || (&& (< net461) (< netcoreapp2.0) (>= netstandard2.0) (< netstandard2.1)) (&& (>= netcoreapp2.0) (< netcoreapp2.1) (< netstandard2.1)) (&& (< netcoreapp2.0) (>= netstandard2.1)) (&& (>= netcoreapp2.1) (< netstandard2.1)) (>= netcoreapp3.0)
      Microsoft.NETCore.Platforms (>= 5.0) - restriction: >= netcoreapp2.0
      Microsoft.Win32.Registry (>= 5.0) - restriction: >= netcoreapp2.0
      System.CodeDom (>= 5.0) - restriction: || (&& (< net45) (>= netstandard2.0)) (>= netcoreapp2.0)
    System.Memory (4.5.4) - restriction: || (&& (>= net45) (< netstandard1.3) (>= netstandard2.1)) (&& (>= net46) (>= netstandard2.1)) (>= net461) (&& (>= netcoreapp2.0) (< netcoreapp2.1)) (&& (< netcoreapp2.0) (>= netcoreapp2.1) (< netstandard2.1)) (&& (< netcoreapp2.0) (>= netcoreapp3.0)) (&& (< netcoreapp2.0) (>= netstandard2.1)) (&& (< netcoreapp2.1) (>= netcoreapp3.0)) (&& (< netcoreapp2.1) (>= netstandard2.1)) (>= netstandard2.0) (>= uap10.1)
      System.Buffers (>= 4.5.1) - restriction: || (>= monoandroid) (>= monotouch) (&& (>= net45) (< netstandard2.0)) (&& (< net45) (< netcoreapp2.0) (>= netstandard2.0)) (&& (< net45) (>= netstandard1.1) (< netstandard2.0) (< win8) (< wpa81)) (>= net461) (&& (< netstandard1.1) (>= portable-net45+win8+wpa81) (< win8)) (&& (< netstandard1.1) (>= win8)) (&& (< netstandard2.0) (< uap10.1) (>= wpa81)) (>= xamarinios) (>= xamarinmac) (>= xamarintvos) (>= xamarinwatchos)
      System.Numerics.Vectors (>= 4.4) - restriction: && (< monoandroid) (< net45) (< netcoreapp2.0) (>= netstandard2.0) (< xamarinios) (< xamarinmac)
      System.Numerics.Vectors (>= 4.5) - restriction: >= net461
      System.Runtime.CompilerServices.Unsafe (>= 4.5.3) - restriction: || (>= monoandroid) (>= monotouch) (&& (>= net45) (< netstandard2.0)) (&& (< net45) (< netcoreapp2.0) (>= netstandard2.0)) (&& (< net45) (>= netstandard1.1) (< netstandard2.0) (< win8) (< wpa81)) (>= net461) (&& (>= netcoreapp2.0) (< netcoreapp2.1)) (&& (< netstandard1.1) (>= portable-net45+win8+wpa81) (< win8)) (&& (< netstandard1.1) (>= win8)) (&& (< netstandard2.0) (>= wpa81)) (>= uap10.1) (>= xamarinios) (>= xamarinmac) (>= xamarintvos) (>= xamarinwatchos)
    System.Net.Http (4.3.4) - restriction: || (&& (< net40) (>= net46) (< netstandard1.4) (>= netstandard1.6)) (&& (< net40) (< netstandard1.2) (>= netstandard1.6) (< win8)) (&& (< net40) (< netstandard1.3) (>= netstandard1.6) (< win8) (< wpa81)) (&& (< net40) (< netstandard1.4) (>= netstandard1.6) (< win8) (< wpa81)) (&& (< net40) (< netstandard1.5) (>= netstandard1.6) (< win8) (< wpa81)) (&& (< net40) (>= netstandard1.6) (< netstandard2.0) (< win8) (< wpa81)) (&& (< netstandard1.5) (>= netstandard1.6) (>= uap10.0))
      Microsoft.NETCore.Platforms (>= 1.1.1) - restriction: || (&& (< monoandroid) (< monotouch) (< net45) (>= netstandard1.6) (< xamarinios) (< xamarinmac) (< xamarintvos) (< xamarinwatchos)) (&& (< monoandroid) (< net45) (>= netstandard1.3) (< netstandard1.6) (< win8) (< wpa81))
      runtime.native.System (>= 4.3) - restriction: && (< monoandroid) (< monotouch) (< net45) (>= netstandard1.6) (< xamarinios) (< xamarinmac) (< xamarintvos) (< xamarinwatchos)
      runtime.native.System.Net.Http (>= 4.3) - restriction: && (< monoandroid) (< monotouch) (< net45) (>= netstandard1.6) (< xamarinios) (< xamarinmac) (< xamarintvos) (< xamarinwatchos)
      runtime.native.System.Security.Cryptography.OpenSsl (>= 4.3.2) - restriction: && (< monoandroid) (< monotouch) (< net45) (>= netstandard1.6) (< xamarinios) (< xamarinmac) (< xamarintvos) (< xamarinwatchos)
      System.Collections (>= 4.3) - restriction: || (&& (< monoandroid) (< monotouch) (< net45) (>= netstandard1.6) (< xamarinios) (< xamarinmac) (< xamarintvos) (< xamarinwatchos)) (&& (< monoandroid) (< net45) (>= netstandard1.3) (< netstandard1.6) (< win8) (< wpa81))
      System.Diagnostics.Debug (>= 4.3) - restriction: || (&& (< monoandroid) (< monotouch) (< net45) (>= netstandard1.6) (< xamarinios) (< xamarinmac) (< xamarintvos) (< xamarinwatchos)) (&& (< monoandroid) (< net45) (>= netstandard1.3) (< netstandard1.6) (< win8) (< wpa81))
      System.Diagnostics.DiagnosticSource (>= 4.3) - restriction: || (&& (< monoandroid) (< monotouch) (< net45) (>= netstandard1.6) (< xamarinios) (< xamarinmac) (< xamarintvos) (< xamarinwatchos)) (&& (< monoandroid) (< net45) (>= netstandard1.3) (< netstandard1.6) (< win8) (< wpa81))
      System.Diagnostics.Tracing (>= 4.3) - restriction: || (&& (< monoandroid) (< monotouch) (< net45) (>= netstandard1.6) (< xamarinios) (< xamarinmac) (< xamarintvos) (< xamarinwatchos)) (&& (< monoandroid) (< net45) (>= netstandard1.3) (< netstandard1.6) (< win8) (< wpa81))
      System.Globalization (>= 4.3) - restriction: || (&& (< monoandroid) (< monotouch) (< net45) (>= netstandard1.6) (< xamarinios) (< xamarinmac) (< xamarintvos) (< xamarinwatchos)) (&& (< monoandroid) (< net45) (>= netstandard1.3) (< netstandard1.6) (< win8) (< wpa81))
      System.Globalization.Extensions (>= 4.3) - restriction: && (< monoandroid) (< monotouch) (< net45) (>= netstandard1.6) (< xamarinios) (< xamarinmac) (< xamarintvos) (< xamarinwatchos)
      System.IO (>= 4.3) - restriction: || (&& (< monoandroid) (< monotouch) (< net45) (>= netstandard1.6) (< xamarinios) (< xamarinmac) (< xamarintvos) (< xamarinwatchos)) (&& (< monoandroid) (< net45) (>= netstandard1.1) (< netstandard1.3) (< win8) (< wpa81)) (&& (< monoandroid) (< net45) (>= netstandard1.3) (< netstandard1.6) (< win8) (< wpa81))
      System.IO.FileSystem (>= 4.3) - restriction: && (< monoandroid) (< monotouch) (< net45) (>= netstandard1.6) (< xamarinios) (< xamarinmac) (< xamarintvos) (< xamarinwatchos)
      System.Net.Primitives (>= 4.3) - restriction: || (&& (< monoandroid) (< monotouch) (< net45) (>= netstandard1.6) (< xamarinios) (< xamarinmac) (< xamarintvos) (< xamarinwatchos)) (&& (< monoandroid) (< net45) (>= netstandard1.1) (< netstandard1.3) (< win8) (< wpa81)) (&& (< monoandroid) (< net45) (>= netstandard1.3) (< netstandard1.6) (< win8) (< wpa81))
      System.Resources.ResourceManager (>= 4.3) - restriction: || (&& (< monoandroid) (< monotouch) (< net45) (>= netstandard1.6) (< xamarinios) (< xamarinmac) (< xamarintvos) (< xamarinwatchos)) (&& (< monoandroid) (< net45) (>= netstandard1.3) (< netstandard1.6) (< win8) (< wpa81))
      System.Runtime (>= 4.3) - restriction: || (&& (< monoandroid) (< monotouch) (< net45) (>= netstandard1.6) (< xamarinios) (< xamarinmac) (< xamarintvos) (< xamarinwatchos)) (&& (< monoandroid) (< net45) (>= netstandard1.1) (< netstandard1.3) (< win8) (< wpa81)) (&& (< monoandroid) (< net45) (>= netstandard1.3) (< netstandard1.6) (< win8) (< wpa81))
      System.Runtime.Extensions (>= 4.3) - restriction: || (&& (< monoandroid) (< monotouch) (< net45) (>= netstandard1.6) (< xamarinios) (< xamarinmac) (< xamarintvos) (< xamarinwatchos)) (&& (< monoandroid) (< net45) (>= netstandard1.3) (< netstandard1.6) (< win8) (< wpa81))
      System.Runtime.Handles (>= 4.3) - restriction: || (&& (< monoandroid) (< monotouch) (< net45) (>= netstandard1.6) (< xamarinios) (< xamarinmac) (< xamarintvos) (< xamarinwatchos)) (&& (< monoandroid) (< net45) (>= netstandard1.3) (< netstandard1.6) (< win8) (< wpa81))
      System.Runtime.InteropServices (>= 4.3) - restriction: || (&& (< monoandroid) (< monotouch) (< net45) (>= netstandard1.6) (< xamarinios) (< xamarinmac) (< xamarintvos) (< xamarinwatchos)) (&& (< monoandroid) (< net45) (>= netstandard1.3) (< netstandard1.6) (< win8) (< wpa81))
      System.Security.Cryptography.Algorithms (>= 4.3) - restriction: && (< monoandroid) (< monotouch) (< net45) (>= netstandard1.6) (< xamarinios) (< xamarinmac) (< xamarintvos) (< xamarinwatchos)
      System.Security.Cryptography.Encoding (>= 4.3) - restriction: || (&& (< monoandroid) (< monotouch) (< net45) (>= netstandard1.6) (< xamarinios) (< xamarinmac) (< xamarintvos) (< xamarinwatchos)) (&& (< monoandroid) (< net45) (>= netstandard1.3) (< netstandard1.6) (< win8) (< wpa81))
      System.Security.Cryptography.OpenSsl (>= 4.3) - restriction: && (< monoandroid) (< monotouch) (< net45) (>= netstandard1.6) (< xamarinios) (< xamarinmac) (< xamarintvos) (< xamarinwatchos)
      System.Security.Cryptography.Primitives (>= 4.3) - restriction: && (< monoandroid) (< monotouch) (< net45) (>= netstandard1.6) (< xamarinios) (< xamarinmac) (< xamarintvos) (< xamarinwatchos)
      System.Security.Cryptography.X509Certificates (>= 4.3) - restriction: || (&& (< monoandroid) (< monotouch) (< net45) (>= netstandard1.6) (< xamarinios) (< xamarinmac) (< xamarintvos) (< xamarinwatchos)) (&& (< monoandroid) (< net45) (>= netstandard1.3) (< netstandard1.6) (< win8) (< wpa81)) (>= net46)
      System.Text.Encoding (>= 4.3) - restriction: || (&& (< monoandroid) (< monotouch) (< net45) (>= netstandard1.6) (< xamarinios) (< xamarinmac) (< xamarintvos) (< xamarinwatchos)) (&& (< monoandroid) (< net45) (>= netstandard1.1) (< netstandard1.3) (< win8) (< wpa81)) (&& (< monoandroid) (< net45) (>= netstandard1.3) (< netstandard1.6) (< win8) (< wpa81))
      System.Threading (>= 4.3) - restriction: || (&& (< monoandroid) (< monotouch) (< net45) (>= netstandard1.6) (< xamarinios) (< xamarinmac) (< xamarintvos) (< xamarinwatchos)) (&& (< monoandroid) (< net45) (>= netstandard1.3) (< netstandard1.6) (< win8) (< wpa81))
      System.Threading.Tasks (>= 4.3) - restriction: || (&& (< monoandroid) (< monotouch) (< net45) (>= netstandard1.6) (< xamarinios) (< xamarinmac) (< xamarintvos) (< xamarinwatchos)) (&& (< monoandroid) (< net45) (>= netstandard1.1) (< netstandard1.3) (< win8) (< wpa81)) (&& (< monoandroid) (< net45) (>= netstandard1.3) (< netstandard1.6) (< win8) (< wpa81))
    System.Net.Primitives (4.3.1) - restriction: || (&& (< net40) (>= net46) (< netstandard1.3) (>= netstandard1.6)) (&& (< net40) (>= net46) (< netstandard1.4) (>= netstandard1.6)) (&& (< net40) (< netstandard1.2) (>= netstandard1.6) (< win8)) (&& (< net40) (< netstandard1.3) (>= netstandard1.6) (< win8) (< wpa81)) (&& (< net40) (< netstandard1.4) (>= netstandard1.6) (< win8) (< wpa81)) (&& (< net40) (< netstandard1.5) (>= netstandard1.6) (< win8) (< wpa81)) (&& (< net40) (>= netstandard1.6) (< netstandard2.0) (< win8) (< wpa81)) (&& (< net40) (>= netstandard1.6) (< portable-net45+win8+wpa81)) (&& (< netstandard1.3) (>= netstandard1.6) (>= uap10.0) (< win8) (< wpa81)) (&& (< netstandard1.5) (>= netstandard1.6) (>= uap10.0))
      Microsoft.NETCore.Platforms (>= 1.1.1) - restriction: || (&& (< monoandroid) (< monotouch) (< net45) (>= netstandard1.3) (< win8) (< wpa81) (< xamarinios) (< xamarinmac) (< xamarintvos) (< xamarinwatchos)) (&& (< monoandroid) (< net45) (>= netstandard1.1) (< netstandard1.3) (< win8) (< wpa81)) (&& (< monoandroid) (>= netstandard1.0) (< netstandard1.1) (< win8) (< wp8))
      Microsoft.NETCore.Targets (>= 1.1.3) - restriction: || (&& (< monoandroid) (< monotouch) (< net45) (>= netstandard1.3) (< win8) (< wpa81) (< xamarinios) (< xamarinmac) (< xamarintvos) (< xamarinwatchos)) (&& (< monoandroid) (< net45) (>= netstandard1.1) (< netstandard1.3) (< win8) (< wpa81)) (&& (< monoandroid) (>= netstandard1.0) (< netstandard1.1) (< win8) (< wp8))
      System.Runtime (>= 4.3.1) - restriction: || (&& (< monoandroid) (< monotouch) (< net45) (>= netstandard1.3) (< win8) (< wpa81) (< xamarinios) (< xamarinmac) (< xamarintvos) (< xamarinwatchos)) (&& (< monoandroid) (< net45) (>= netstandard1.1) (< netstandard1.3) (< win8) (< wpa81)) (&& (< monoandroid) (>= netstandard1.0) (< netstandard1.1) (< win8) (< wp8))
      System.Runtime.Handles (>= 4.3) - restriction: && (< monoandroid) (< monotouch) (< net45) (>= netstandard1.3) (< win8) (< wpa81) (< xamarinios) (< xamarinmac) (< xamarintvos) (< xamarinwatchos)
    System.Net.Sockets (4.3) - restriction: || (&& (< net40) (>= net46) (< netstandard1.4) (>= netstandard1.6)) (&& (< net40) (< netstandard1.4) (>= netstandard1.6) (< win8) (< wpa81)) (&& (< net40) (< netstandard1.5) (>= netstandard1.6) (< win8) (< wpa81)) (&& (< net40) (>= netstandard1.6) (< netstandard2.0) (< win8) (< wpa81)) (&& (< netstandard1.5) (>= netstandard1.6) (>= uap10.0))
      Microsoft.NETCore.Platforms (>= 1.1) - restriction: && (< monoandroid) (< monotouch) (< net46) (>= netstandard1.3) (< xamarinios) (< xamarinmac) (< xamarintvos) (< xamarinwatchos)
      Microsoft.NETCore.Targets (>= 1.1) - restriction: && (< monoandroid) (< monotouch) (< net46) (>= netstandard1.3) (< xamarinios) (< xamarinmac) (< xamarintvos) (< xamarinwatchos)
      System.IO (>= 4.3) - restriction: && (< monoandroid) (< monotouch) (< net46) (>= netstandard1.3) (< xamarinios) (< xamarinmac) (< xamarintvos) (< xamarinwatchos)
      System.Net.Primitives (>= 4.3) - restriction: && (< monoandroid) (< monotouch) (< net46) (>= netstandard1.3) (< xamarinios) (< xamarinmac) (< xamarintvos) (< xamarinwatchos)
      System.Runtime (>= 4.3) - restriction: && (< monoandroid) (< monotouch) (< net46) (>= netstandard1.3) (< xamarinios) (< xamarinmac) (< xamarintvos) (< xamarinwatchos)
      System.Threading.Tasks (>= 4.3) - restriction: && (< monoandroid) (< monotouch) (< net46) (>= netstandard1.3) (< xamarinios) (< xamarinmac) (< xamarintvos) (< xamarinwatchos)
    System.Numerics.Vectors (4.5) - restriction: || (&& (< monoandroid) (< net45) (< netcoreapp2.0) (>= netstandard2.0) (< netstandard2.1) (< xamarinios) (< xamarinmac)) (&& (< monoandroid) (< net451) (< netcoreapp2.0) (>= netstandard2.0) (< xamarinios) (< xamarinmac)) (&& (>= monotouch) (>= netstandard2.0)) (>= net461) (&& (>= netcoreapp2.0) (< netcoreapp2.1) (< netstandard2.1)) (&& (< netcoreapp2.0) (>= netcoreapp2.1)) (&& (< netcoreapp2.0) (>= netstandard2.1)) (&& (>= netcoreapp2.1) (< netstandard2.1)) (>= netcoreapp3.0) (&& (>= netstandard2.0) (>= uap10.1)) (&& (>= netstandard2.0) (>= xamarintvos)) (&& (>= netstandard2.0) (>= xamarinwatchos))
    System.ObjectModel (4.3) - restriction: || (&& (< monoandroid) (< monotouch) (< net35) (>= netstandard1.6) (< netstandard2.0) (< win8) (< wpa81) (< xamarintvos) (< xamarinwatchos)) (&& (< monoandroid) (< net35) (< netstandard1.3) (>= netstandard1.6) (< win8) (< wpa81)) (&& (< monoandroid) (< net35) (< netstandard1.3) (>= netstandard2.0) (< win8) (< wpa81)) (&& (< monoandroid) (< net35) (< netstandard1.5) (>= netstandard1.6) (< win8) (< wpa81)) (&& (< monoandroid) (< net35) (>= netstandard2.0) (< win8) (< wpa81) (< xamarinios) (< xamarinmac)) (&& (< net35) (>= net40) (>= netstandard1.3) (< netstandard1.5)) (&& (< net35) (>= net40) (< netstandard1.3) (>= netstandard1.5)) (&& (< net35) (>= net40) (>= netstandard1.5) (< netstandard1.6)) (&& (< net35) (>= net45) (>= netstandard1.3) (< netstandard1.5)) (&& (< net35) (>= net45) (>= netstandard1.5)) (&& (< net40) (< netstandard1.2) (>= netstandard1.6) (< win8)) (&& (< net40) (< netstandard1.3) (>= netstandard1.6) (< win8) (< wpa81)) (&& (< net40) (< netstandard1.4) (>= netstandard1.6) (< win8) (< wpa81)) (&& (< net40) (< netstandard1.5) (>= netstandard1.6) (< win8) (< wpa81)) (&& (< net40) (>= netstandard1.6) (< netstandard2.0) (< win8) (< wpa81)) (&& (< net40) (>= netstandard1.6) (< portable-net45+win8+wpa81)) (&& (< netstandard1.5) (>= netstandard1.6) (>= uap10.0)) (>= netstandard2.1)
      System.Collections (>= 4.3) - restriction: && (< monoandroid) (< monotouch) (< net45) (>= netstandard1.3) (< win8) (< wpa81) (< xamarinios) (< xamarinmac) (< xamarintvos) (< xamarinwatchos)
      System.Diagnostics.Debug (>= 4.3) - restriction: && (< monoandroid) (< monotouch) (< net45) (>= netstandard1.3) (< win8) (< wpa81) (< xamarinios) (< xamarinmac) (< xamarintvos) (< xamarinwatchos)
      System.Resources.ResourceManager (>= 4.3) - restriction: && (< monoandroid) (< monotouch) (< net45) (>= netstandard1.3) (< win8) (< wpa81) (< xamarinios) (< xamarinmac) (< xamarintvos) (< xamarinwatchos)
      System.Runtime (>= 4.3) - restriction: || (&& (< monoandroid) (< monotouch) (< net45) (>= netstandard1.3) (< win8) (< wpa81) (< xamarinios) (< xamarinmac) (< xamarintvos) (< xamarinwatchos)) (&& (< monoandroid) (< net45) (>= netstandard1.0) (< netstandard1.3) (< win8) (< wp8) (< wpa81))
      System.Threading (>= 4.3) - restriction: && (< monoandroid) (< monotouch) (< net45) (>= netstandard1.3) (< win8) (< wpa81) (< xamarinios) (< xamarinmac) (< xamarintvos) (< xamarinwatchos)
    System.Private.ServiceModel (4.8) - restriction: || (&& (< monoandroid) (< net45) (< netcoreapp2.0) (>= netstandard2.0) (< netstandard2.1) (< xamarinios) (< xamarinmac)) (&& (>= netcoreapp2.0) (< netcoreapp2.1) (< netstandard2.1)) (&& (< netcoreapp2.0) (>= netstandard2.1)) (&& (>= netcoreapp2.1) (< netstandard2.1)) (>= netcoreapp3.0)
      System.Numerics.Vectors (>= 4.5) - restriction: >= netstandard2.0
      System.Reflection.DispatchProxy (>= 4.7.1) - restriction: >= netstandard2.0
      System.Security.Cryptography.Xml (>= 4.7) - restriction: >= netstandard2.0
      System.Security.Principal.Windows (>= 4.7) - restriction: >= netstandard2.0
    System.Reflection (4.3) - restriction: || (&& (< net35) (>= net40) (>= netstandard1.3) (< netstandard1.5)) (&& (< net35) (>= net40) (>= netstandard1.5) (< netstandard1.6)) (&& (< net35) (>= net45) (>= netstandard1.3) (< netstandard1.5)) (&& (< net35) (>= net45) (>= netstandard1.5)) (&& (< net35) (< netstandard1.5) (>= netstandard1.6)) (&& (< net35) (>= netstandard1.6) (< netstandard2.0)) (&& (< net35) (>= netstandard2.0)) (&& (< net40) (< netstandard1.2) (>= netstandard1.6) (< win8)) (&& (< net40) (< netstandard1.3) (>= netstandard1.6) (< win8) (< wpa81)) (&& (< net40) (< netstandard1.4) (>= netstandard1.6) (< win8) (< wpa81)) (&& (< net40) (< netstandard1.5) (>= netstandard1.6) (< win8) (< wpa81)) (&& (< net40) (>= netstandard1.6) (< netstandard2.0) (< win8) (< wpa81)) (&& (< net40) (>= netstandard1.6) (< portable-net45+win8+wpa81)) (&& (< netstandard1.5) (>= netstandard1.6) (>= uap10.0)) (>= netstandard2.1)
      Microsoft.NETCore.Platforms (>= 1.1) - restriction: || (&& (< monoandroid) (< monotouch) (< net45) (>= netstandard1.5) (< win8) (< wpa81) (< xamarinios) (< xamarinmac) (< xamarintvos) (< xamarinwatchos)) (&& (< monoandroid) (< net45) (>= netstandard1.0) (< netstandard1.3) (< win8) (< wp8) (< wpa81)) (&& (< monoandroid) (< net45) (>= netstandard1.3) (< netstandard1.5) (< win8) (< wpa81))
      Microsoft.NETCore.Targets (>= 1.1) - restriction: || (&& (< monoandroid) (< monotouch) (< net45) (>= netstandard1.5) (< win8) (< wpa81) (< xamarinios) (< xamarinmac) (< xamarintvos) (< xamarinwatchos)) (&& (< monoandroid) (< net45) (>= netstandard1.0) (< netstandard1.3) (< win8) (< wp8) (< wpa81)) (&& (< monoandroid) (< net45) (>= netstandard1.3) (< netstandard1.5) (< win8) (< wpa81))
      System.IO (>= 4.3) - restriction: || (&& (< monoandroid) (< monotouch) (< net45) (>= netstandard1.5) (< win8) (< wpa81) (< xamarinios) (< xamarinmac) (< xamarintvos) (< xamarinwatchos)) (&& (< monoandroid) (< net45) (>= netstandard1.0) (< netstandard1.3) (< win8) (< wp8) (< wpa81)) (&& (< monoandroid) (< net45) (>= netstandard1.3) (< netstandard1.5) (< win8) (< wpa81))
      System.Reflection.Primitives (>= 4.3) - restriction: || (&& (< monoandroid) (< monotouch) (< net45) (>= netstandard1.5) (< win8) (< wpa81) (< xamarinios) (< xamarinmac) (< xamarintvos) (< xamarinwatchos)) (&& (< monoandroid) (< net45) (>= netstandard1.0) (< netstandard1.3) (< win8) (< wp8) (< wpa81)) (&& (< monoandroid) (< net45) (>= netstandard1.3) (< netstandard1.5) (< win8) (< wpa81))
      System.Runtime (>= 4.3) - restriction: || (&& (< monoandroid) (< monotouch) (< net45) (>= netstandard1.5) (< win8) (< wpa81) (< xamarinios) (< xamarinmac) (< xamarintvos) (< xamarinwatchos)) (&& (< monoandroid) (< net45) (>= netstandard1.0) (< netstandard1.3) (< win8) (< wp8) (< wpa81)) (&& (< monoandroid) (< net45) (>= netstandard1.3) (< netstandard1.5) (< win8) (< wpa81))
    System.Reflection.Context (5.0) - restriction: || (&& (< netcoreapp2.0) (>= netstandard2.1)) (>= netcoreapp3.0)
    System.Reflection.DispatchProxy (4.7.1) - restriction: || (&& (< monoandroid) (< net45) (< netcoreapp2.0) (>= netstandard2.0) (< netstandard2.1) (< xamarinios) (< xamarinmac)) (&& (>= netcoreapp2.0) (< netcoreapp2.1) (< netstandard2.1)) (&& (< netcoreapp2.0) (>= netstandard2.1)) (&& (>= netcoreapp2.1) (< netstandard2.1)) (>= netcoreapp3.0)
    System.Reflection.Emit (4.7) - restriction: || (&& (< monoandroid) (< monotouch) (< net40) (>= netstandard1.6) (< netstandard2.0) (< win8) (< wpa81) (< xamarintvos) (< xamarinwatchos)) (&& (< monoandroid) (< net40) (< netstandard1.2) (>= netstandard1.6) (< win8)) (&& (< monoandroid) (< net40) (< netstandard1.3) (>= netstandard1.6) (< win8) (< wpa81)) (&& (< monoandroid) (< net40) (< netstandard1.4) (>= netstandard1.6) (< win8) (< wpa81)) (&& (< monoandroid) (< net40) (< netstandard1.5) (>= netstandard1.6) (< win8) (< wpa81)) (&& (< net35) (>= net40) (>= netstandard1.3) (< netstandard1.5)) (&& (< net35) (>= net40) (>= netstandard1.5) (< netstandard1.6)) (&& (< net35) (>= net45) (>= netstandard1.3) (< netstandard1.5)) (&& (< net35) (>= net45) (>= netstandard1.5)) (&& (< net35) (< netstandard1.5) (>= netstandard1.6)) (&& (< net35) (>= netstandard1.6) (< netstandard2.0)) (&& (< net35) (>= netstandard2.0)) (&& (< net40) (>= netstandard1.6) (< portable-net45+win8+wpa81)) (&& (< net461) (>= netstandard2.0)) (>= netcoreapp2.0) (&& (< netstandard1.5) (>= netstandard1.6) (>= uap10.0)) (>= netstandard2.1)
      System.IO (>= 4.3) - restriction: && (< monoandroid) (< monotouch) (< net45) (>= netstandard1.1) (< netstandard2.0) (< win8) (< wpa81) (< xamarintvos) (< xamarinwatchos)
      System.Reflection (>= 4.3) - restriction: && (< monoandroid) (< monotouch) (< net45) (>= netstandard1.1) (< netstandard2.0) (< win8) (< wpa81) (< xamarintvos) (< xamarinwatchos)
      System.Reflection.Emit.ILGeneration (>= 4.7) - restriction: || (&& (< monoandroid) (< monotouch) (< net45) (>= netstandard1.1) (< netstandard2.0) (< win8) (< wpa81) (< xamarintvos) (< xamarinwatchos)) (&& (< monoandroid) (< net45) (< netcoreapp2.0) (>= netstandard2.0) (< netstandard2.1) (< xamarinios) (< xamarinmac)) (&& (< monoandroid) (< netstandard1.1) (>= portable-net45+win8+wpa81) (< win8)) (&& (< netstandard1.1) (>= win8)) (&& (< netstandard2.0) (>= wpa81)) (>= uap10.1)
      System.Reflection.Primitives (>= 4.3) - restriction: && (< monoandroid) (< monotouch) (< net45) (>= netstandard1.1) (< netstandard2.0) (< win8) (< wpa81) (< xamarintvos) (< xamarinwatchos)
      System.Resources.ResourceManager (>= 4.3) - restriction: && (< monoandroid) (< monotouch) (< net45) (>= netstandard1.1) (< netstandard2.0) (< win8) (< wpa81) (< xamarintvos) (< xamarinwatchos)
      System.Runtime (>= 4.3) - restriction: && (< monoandroid) (< monotouch) (< net45) (>= netstandard1.1) (< netstandard2.0) (< win8) (< wpa81) (< xamarintvos) (< xamarinwatchos)
      System.Runtime.InteropServices (>= 4.3) - restriction: && (< monoandroid) (< monotouch) (< net45) (>= netstandard1.1) (< netstandard2.0) (< win8) (< wpa81) (< xamarintvos) (< xamarinwatchos)
    System.Reflection.Emit.ILGeneration (4.7) - restriction: || (&& (< monoandroid) (< monotouch) (< net35) (>= netstandard1.6) (< netstandard2.0) (< win8) (< wpa81) (< xamarintvos) (< xamarinwatchos)) (&& (< monoandroid) (< monotouch) (< net40) (>= netstandard1.6) (< netstandard2.0) (< win8) (< wpa81) (< xamarintvos) (< xamarinwatchos)) (&& (< monoandroid) (< net35) (< netstandard1.1) (>= netstandard1.6) (< win8)) (&& (< monoandroid) (< net35) (< netstandard1.1) (>= netstandard2.0) (< win8)) (&& (< monoandroid) (< net35) (< netstandard1.5) (>= netstandard1.6) (< win8) (< wpa81)) (&& (< monoandroid) (< net35) (< netstandard1.5) (>= netstandard2.0)) (&& (< monoandroid) (< net35) (>= netstandard2.0) (< xamarinios) (< xamarinmac)) (&& (< monoandroid) (< net40) (< netstandard1.2) (>= netstandard1.6) (< win8)) (&& (< monoandroid) (< net40) (< netstandard1.3) (>= netstandard1.6) (< win8) (< wpa81)) (&& (< monoandroid) (< net40) (< netstandard1.4) (>= netstandard1.6) (< win8) (< wpa81)) (&& (< monoandroid) (< net40) (< netstandard1.5) (>= netstandard1.6) (< win8) (< wpa81)) (&& (< monoandroid) (< net45) (>= netstandard2.0) (< xamarinios) (< xamarinmac)) (&& (< net35) (>= net40) (< netstandard1.1) (>= netstandard1.3)) (&& (< net35) (>= net40) (< netstandard1.1) (>= netstandard1.5)) (&& (< net35) (>= net40) (>= netstandard1.3) (< netstandard1.5)) (&& (< net35) (>= net40) (>= netstandard1.5) (< netstandard1.6)) (&& (< net35) (>= net40) (< netstandard1.5) (>= netstandard2.0)) (&& (< net35) (>= net40) (< netstandard1.6) (>= netstandard2.0)) (&& (< net35) (>= net45) (< netstandard1.1) (>= netstandard1.3)) (&& (< net35) (>= net45) (>= netstandard1.3) (< netstandard1.5)) (&& (< net35) (>= net45) (>= netstandard1.5)) (&& (< net35) (>= net45) (>= netstandard2.0)) (&& (>= net40) (< netstandard1.1) (>= netstandard1.3) (>= win8)) (&& (>= net40) (< netstandard1.1) (>= netstandard1.5) (>= win8)) (&& (>= net40) (>= netstandard1.3) (< netstandard1.5) (>= wpa81)) (&& (>= net40) (>= netstandard1.5) (< netstandard1.6) (>= wpa81)) (&& (>= net40) (>= uap10.1)) (&& (< net40) (>= netstandard1.6) (< portable-net45+win8+wpa81)) (&& (>= net45) (< netstandard1.1) (>= netstandard1.3) (>= win8)) (&& (>= net45) (< netstandard1.1) (>= netstandard1.5) (>= win8)) (&& (>= net45) (>= netstandard1.3) (< netstandard1.5) (>= wpa81)) (&& (>= net45) (>= netstandard1.5) (< netstandard2.0) (>= wpa81)) (&& (>= net45) (>= uap10.1)) (&& (< net461) (>= netstandard2.0)) (>= netcoreapp2.0) (&& (>= netcoreapp2.1) (< netstandard2.0)) (&& (>= netcoreapp2.1) (< portable-net45+wp8)) (&& (>= netcoreapp2.1) (>= uap10.1)) (&& (>= netcoreapp3.0) (< netstandard2.0)) (&& (>= netcoreapp3.0) (< portable-net45+wp8)) (&& (>= netcoreapp3.0) (>= uap10.1)) (&& (< netstandard1.1) (>= netstandard1.6) (>= win8)) (&& (< netstandard1.1) (>= netstandard2.0) (>= win8)) (&& (< netstandard1.5) (>= netstandard1.6) (>= uap10.0)) (&& (< netstandard1.5) (>= netstandard1.6) (>= wpa81)) (&& (>= netstandard1.6) (< netstandard2.0) (>= wpa81)) (&& (>= netstandard1.6) (>= uap10.1)) (&& (>= netstandard2.0) (< portable-net45+wp8) (>= win8)) (&& (>= netstandard2.0) (< portable-net45+wp8) (< win8)) (&& (>= netstandard2.0) (>= uap10.1)) (>= netstandard2.1)
    System.Reflection.Emit.Lightweight (4.7) - restriction: || (&& (< monoandroid) (< monotouch) (< net40) (>= netstandard1.6) (< netstandard2.0) (< win8) (< wpa81) (< xamarintvos) (< xamarinwatchos)) (&& (< monoandroid) (< net40) (< netstandard1.2) (>= netstandard1.6) (< win8)) (&& (< monoandroid) (< net40) (< netstandard1.3) (>= netstandard1.6) (< win8) (< wpa81)) (&& (< monoandroid) (< net40) (< netstandard1.4) (>= netstandard1.6) (< win8) (< wpa81)) (&& (< monoandroid) (< net40) (< netstandard1.5) (>= netstandard1.6) (< win8) (< wpa81)) (&& (< net40) (>= netstandard1.6) (< portable-net45+win8+wpa81)) (&& (< net461) (< netcoreapp2.0) (>= netstandard2.0) (< netstandard2.1)) (&& (>= netcoreapp2.0) (< netcoreapp2.1) (< netstandard2.1)) (&& (< netcoreapp2.0) (>= netstandard2.1)) (&& (>= netcoreapp2.1) (< netstandard2.1)) (>= netcoreapp3.0) (&& (< netstandard1.5) (>= netstandard1.6) (>= uap10.0))
      System.Reflection.Emit.ILGeneration (>= 4.7) - restriction: || (&& (< monoandroid) (< monotouch) (< net45) (>= netstandard1.0) (< netstandard2.0) (< win8) (< wp8) (< wpa81) (< xamarintvos) (< xamarinwatchos)) (&& (< monoandroid) (< net45) (< netcoreapp2.0) (>= netstandard2.0) (< netstandard2.1) (< xamarinios) (< xamarinmac)) (&& (< netstandard2.0) (>= wpa81)) (&& (>= portable-net45+win8+wp8+wpa81) (< portable-net45+wp8) (< win8)) (&& (< portable-net45+wp8) (>= win8)) (>= uap10.1)
    System.Reflection.Extensions (4.3) - restriction: || (&& (< monoandroid) (< monotouch) (< net35) (>= netstandard1.6) (< netstandard2.0) (< win8) (< wpa81) (< xamarintvos) (< xamarinwatchos)) (&& (< monoandroid) (< net35) (< netstandard1.5) (>= netstandard1.6) (< win8) (< wpa81)) (&& (< monoandroid) (< net35) (< netstandard1.5) (>= netstandard2.0) (< win8) (< wpa81)) (&& (< monoandroid) (< net35) (>= netstandard2.0) (< win8) (< wpa81) (< xamarinios) (< xamarinmac)) (&& (< net35) (>= net40) (>= netstandard1.3) (< netstandard1.5)) (&& (< net35) (>= net40) (>= netstandard1.5) (< netstandard1.6)) (&& (< net35) (>= net45) (>= netstandard1.3) (< netstandard1.5)) (&& (< net35) (>= net45) (>= netstandard1.5)) (&& (< net40) (< netstandard1.2) (>= netstandard1.6) (< win8)) (&& (< net40) (< netstandard1.3) (>= netstandard1.6) (< win8) (< wpa81)) (&& (< net40) (< netstandard1.4) (>= netstandard1.6) (< win8) (< wpa81)) (&& (< net40) (< netstandard1.5) (>= netstandard1.6) (< win8) (< wpa81)) (&& (< net40) (>= netstandard1.6) (< netstandard2.0) (< win8) (< wpa81)) (&& (< net40) (>= netstandard1.6) (< portable-net45+win8+wpa81)) (&& (< netstandard1.5) (>= netstandard1.6) (>= uap10.0)) (>= netstandard2.1)
      Microsoft.NETCore.Platforms (>= 1.1) - restriction: && (< monoandroid) (< monotouch) (< net45) (>= netstandard1.0) (< win8) (< wp8) (< wpa81) (< xamarinios) (< xamarinmac) (< xamarintvos) (< xamarinwatchos)
      Microsoft.NETCore.Targets (>= 1.1) - restriction: && (< monoandroid) (< monotouch) (< net45) (>= netstandard1.0) (< win8) (< wp8) (< wpa81) (< xamarinios) (< xamarinmac) (< xamarintvos) (< xamarinwatchos)
      System.Reflection (>= 4.3) - restriction: && (< monoandroid) (< monotouch) (< net45) (>= netstandard1.0) (< win8) (< wp8) (< wpa81) (< xamarinios) (< xamarinmac) (< xamarintvos) (< xamarinwatchos)
      System.Runtime (>= 4.3) - restriction: && (< monoandroid) (< monotouch) (< net45) (>= netstandard1.0) (< win8) (< wp8) (< wpa81) (< xamarinios) (< xamarinmac) (< xamarintvos) (< xamarinwatchos)
    System.Reflection.Primitives (4.3) - restriction: || (&& (< monoandroid) (< monotouch) (< net35) (>= netstandard1.6) (< netstandard2.0) (< win8) (< wpa81) (< xamarintvos) (< xamarinwatchos)) (&& (< monoandroid) (< net35) (< netstandard1.5) (>= netstandard1.6) (< win8) (< wpa81)) (&& (< monoandroid) (< net35) (< netstandard1.5) (>= netstandard2.0) (< win8) (< wpa81)) (&& (< monoandroid) (< net35) (>= netstandard2.0) (< win8) (< wpa81) (< xamarinios) (< xamarinmac)) (&& (< net35) (>= net40) (>= netstandard1.3) (< netstandard1.5)) (&& (< net35) (>= net40) (>= netstandard1.5) (< netstandard1.6)) (&& (< net35) (>= net45) (>= netstandard1.3) (< netstandard1.5)) (&& (< net35) (>= net45) (>= netstandard1.5)) (&& (< net40) (< netstandard1.2) (>= netstandard1.6) (< win8)) (&& (< net40) (< netstandard1.3) (>= netstandard1.6) (< win8) (< wpa81)) (&& (< net40) (< netstandard1.4) (>= netstandard1.6) (< win8) (< wpa81)) (&& (< net40) (< netstandard1.5) (>= netstandard1.6) (< win8) (< wpa81)) (&& (< net40) (>= netstandard1.6) (< netstandard2.0) (< win8) (< wpa81)) (&& (< net40) (>= netstandard1.6) (< portable-net45+win8+wpa81)) (&& (< netstandard1.5) (>= netstandard1.6) (>= uap10.0)) (>= netstandard2.1)
      Microsoft.NETCore.Platforms (>= 1.1) - restriction: && (< monoandroid) (< monotouch) (< net45) (>= netstandard1.0) (< win8) (< wp8) (< wpa81) (< xamarinios) (< xamarinmac) (< xamarintvos) (< xamarinwatchos)
      Microsoft.NETCore.Targets (>= 1.1) - restriction: && (< monoandroid) (< monotouch) (< net45) (>= netstandard1.0) (< win8) (< wp8) (< wpa81) (< xamarinios) (< xamarinmac) (< xamarintvos) (< xamarinwatchos)
      System.Runtime (>= 4.3) - restriction: && (< monoandroid) (< monotouch) (< net45) (>= netstandard1.0) (< win8) (< wp8) (< wpa81) (< xamarinios) (< xamarinmac) (< xamarintvos) (< xamarinwatchos)
    System.Reflection.TypeExtensions (4.7) - restriction: || (&& (< monoandroid) (< monotouch) (< net40) (>= netstandard1.6) (< netstandard2.0) (< win8) (< wpa81) (< xamarintvos) (< xamarinwatchos)) (&& (< monoandroid) (< net40) (< netstandard1.2) (>= netstandard1.6) (< win8)) (&& (< monoandroid) (< net40) (< netstandard1.3) (>= netstandard1.6) (< win8) (< wpa81)) (&& (< monoandroid) (< net40) (< netstandard1.4) (>= netstandard1.6) (< win8) (< wpa81)) (&& (< monoandroid) (< net40) (< netstandard1.5) (>= netstandard1.6) (< win8) (< wpa81)) (&& (< net35) (>= net40) (>= netstandard1.3) (< netstandard1.5)) (&& (< net35) (>= net40) (>= netstandard1.5) (< netstandard1.6)) (&& (< net35) (>= net45) (>= netstandard1.3) (< netstandard1.5)) (&& (< net35) (>= net45) (>= netstandard1.5)) (&& (< net35) (< netstandard1.5) (>= netstandard1.6)) (&& (< net35) (>= netstandard1.6) (< netstandard2.0)) (&& (< net35) (>= netstandard2.0)) (&& (< net40) (>= netstandard1.6) (< portable-net45+win8+wpa81)) (&& (< netstandard1.5) (>= netstandard1.6) (>= uap10.0)) (>= netstandard2.1)
      System.Reflection (>= 4.3) - restriction: || (&& (< monoandroid) (< monotouch) (< net46) (>= netstandard1.5) (< netstandard2.0) (< xamarintvos) (< xamarinwatchos)) (&& (< monoandroid) (< net46) (>= netstandard1.3) (< netstandard1.5) (< uap10.1))
      System.Resources.ResourceManager (>= 4.3) - restriction: || (&& (< monoandroid) (< monotouch) (< net46) (>= netstandard1.5) (< netstandard2.0) (< xamarintvos) (< xamarinwatchos)) (&& (< monoandroid) (< net46) (>= netstandard1.3) (< netstandard1.5) (< uap10.1))
      System.Runtime (>= 4.3) - restriction: || (&& (< monoandroid) (< monotouch) (< net46) (>= netstandard1.5) (< netstandard2.0) (< xamarintvos) (< xamarinwatchos)) (&& (< monoandroid) (< net46) (>= netstandard1.3) (< netstandard1.5) (< uap10.1))
    System.Resources.ResourceManager (4.3) - restriction: || (&& (>= monoandroid) (>= netstandard1.1) (< netstandard2.0)) (&& (< monoandroid) (< net35) (< netstandard1.5) (>= netstandard1.6)) (&& (< monoandroid) (< net35) (< netstandard1.5) (>= netstandard2.0) (< win8) (< wpa81)) (&& (< monoandroid) (< net35) (>= netstandard1.6) (< netstandard2.0)) (&& (< monoandroid) (< net35) (>= netstandard2.0) (< xamarinios) (< xamarinmac)) (>= monotouch) (&& (< net35) (>= net40) (>= netstandard1.3) (< netstandard1.5)) (&& (< net35) (>= net40) (>= netstandard1.5) (< netstandard1.6)) (&& (< net35) (>= net45) (>= netstandard1.3) (< netstandard1.5)) (&& (< net35) (>= net45) (>= netstandard1.5)) (&& (< net40) (< netstandard1.2) (>= netstandard1.6) (< win8)) (&& (< net40) (< netstandard1.3) (>= netstandard1.6) (< win8) (< wpa81)) (&& (< net40) (< netstandard1.4) (>= netstandard1.6) (< win8) (< wpa81)) (&& (< net40) (< netstandard1.5) (>= netstandard1.6) (< win8) (< wpa81)) (&& (< net40) (>= netstandard1.6) (< netstandard2.0) (< win8) (< wpa81)) (&& (< net40) (>= netstandard1.6) (< portable-net45+win8+wpa81)) (&& (< net45) (>= net461) (< netstandard2.0)) (&& (< netstandard1.5) (>= netstandard1.6) (>= uap10.0)) (&& (< netstandard2.0) (>= xamarinios)) (&& (< netstandard2.0) (>= xamarinmac)) (>= netstandard2.1) (>= xamarintvos) (>= xamarinwatchos)
      Microsoft.NETCore.Platforms (>= 1.1) - restriction: && (< monoandroid) (< monotouch) (< net45) (>= netstandard1.0) (< win8) (< wp8) (< wpa81) (< xamarinios) (< xamarinmac) (< xamarintvos) (< xamarinwatchos)
      Microsoft.NETCore.Targets (>= 1.1) - restriction: && (< monoandroid) (< monotouch) (< net45) (>= netstandard1.0) (< win8) (< wp8) (< wpa81) (< xamarinios) (< xamarinmac) (< xamarintvos) (< xamarinwatchos)
      System.Globalization (>= 4.3) - restriction: && (< monoandroid) (< monotouch) (< net45) (>= netstandard1.0) (< win8) (< wp8) (< wpa81) (< xamarinios) (< xamarinmac) (< xamarintvos) (< xamarinwatchos)
      System.Reflection (>= 4.3) - restriction: && (< monoandroid) (< monotouch) (< net45) (>= netstandard1.0) (< win8) (< wp8) (< wpa81) (< xamarinios) (< xamarinmac) (< xamarintvos) (< xamarinwatchos)
      System.Runtime (>= 4.3) - restriction: && (< monoandroid) (< monotouch) (< net45) (>= netstandard1.0) (< win8) (< wp8) (< wpa81) (< xamarinios) (< xamarinmac) (< xamarintvos) (< xamarinwatchos)
    System.Runtime (4.3.1) - restriction: || (&& (>= monoandroid) (>= netstandard1.1) (< netstandard2.0)) (&& (< monoandroid) (< net35) (< netstandard1.3) (>= netstandard1.6) (< win8) (< wpa81)) (&& (< monoandroid) (< net35) (< netstandard1.3) (>= netstandard2.0) (< win8) (< wpa81)) (&& (< monoandroid) (< net35) (< netstandard1.5) (>= netstandard1.6)) (&& (< monoandroid) (< net35) (>= netstandard1.6) (< netstandard2.0)) (&& (< monoandroid) (< net35) (>= netstandard2.0) (< xamarinios) (< xamarinmac)) (&& (< monoandroid) (< net40) (< netstandard1.1) (>= netstandard1.6) (< win8)) (>= monotouch) (&& (< net35) (>= net40) (>= netstandard1.3) (< netstandard1.5)) (&& (< net35) (>= net40) (< netstandard1.3) (>= netstandard1.5)) (&& (< net35) (>= net40) (>= netstandard1.5) (< netstandard1.6)) (&& (< net35) (>= net45) (>= netstandard1.3) (< netstandard1.5)) (&& (< net35) (>= net45) (>= netstandard1.5)) (&& (< net40) (< netstandard1.2) (>= netstandard1.6) (< win8)) (&& (< net40) (< netstandard1.3) (>= netstandard1.6) (< win8) (< wpa81)) (&& (< net40) (< netstandard1.4) (>= netstandard1.6) (< win8) (< wpa81)) (&& (< net40) (< netstandard1.5) (>= netstandard1.6) (< win8) (< wpa81)) (&& (< net40) (>= netstandard1.6) (< netstandard2.0) (< win8) (< wpa81)) (&& (< net40) (>= netstandard1.6) (< portable-net45+win8+wpa81)) (&& (< net45) (>= net461) (< netstandard2.0)) (&& (< netstandard1.1) (>= netstandard1.6) (>= uap10.0) (< win8)) (&& (< netstandard1.3) (>= netstandard1.6) (>= uap10.0) (< win8) (< wpa81)) (&& (< netstandard1.5) (>= netstandard1.6) (>= uap10.0)) (&& (< netstandard2.0) (>= xamarinios)) (&& (< netstandard2.0) (>= xamarinmac)) (>= netstandard2.1) (>= xamarintvos) (>= xamarinwatchos)
      Microsoft.NETCore.Platforms (>= 1.1.1) - restriction: || (&& (< monoandroid) (< monotouch) (< net45) (>= netstandard1.5) (< win8) (< wpa81) (< xamarinios) (< xamarinmac) (< xamarintvos) (< xamarinwatchos)) (&& (< monoandroid) (< net45) (>= netstandard1.0) (< netstandard1.2) (< win8) (< wp8)) (&& (< monoandroid) (< net45) (>= netstandard1.2) (< netstandard1.3) (< win8) (< wpa81)) (&& (< monoandroid) (< net45) (>= netstandard1.3) (< netstandard1.5) (< win8) (< wpa81))
      Microsoft.NETCore.Targets (>= 1.1.3) - restriction: || (&& (< monoandroid) (< monotouch) (< net45) (>= netstandard1.5) (< win8) (< wpa81) (< xamarinios) (< xamarinmac) (< xamarintvos) (< xamarinwatchos)) (&& (< monoandroid) (< net45) (>= netstandard1.0) (< netstandard1.2) (< win8) (< wp8)) (&& (< monoandroid) (< net45) (>= netstandard1.2) (< netstandard1.3) (< win8) (< wpa81)) (&& (< monoandroid) (< net45) (>= netstandard1.3) (< netstandard1.5) (< win8) (< wpa81))
    System.Runtime.Caching (5.0) - restriction: || (&& (< net461) (< netcoreapp2.0) (>= netstandard2.0) (< netstandard2.1)) (&& (>= netcoreapp2.0) (< netcoreapp2.1) (< netstandard2.1)) (&& (< netcoreapp2.0) (>= netstandard2.1)) (&& (>= netcoreapp2.1) (< netstandard2.1)) (>= netcoreapp3.0)
      System.Configuration.ConfigurationManager (>= 5.0) - restriction: && (< monoandroid) (< net45) (>= netstandard2.0) (< xamarinios) (< xamarinmac)
    System.Runtime.CompilerServices.Unsafe (5.0) - restriction: || (>= monoandroid) (>= monotouch) (&& (>= net45) (< netstandard1.3) (>= netstandard2.0)) (&& (>= net45) (< netstandard1.3) (>= netstandard2.1)) (&& (< net45) (< netcoreapp2.0) (>= netstandard2.0)) (&& (< net45) (< netcoreapp2.1) (>= netstandard2.0) (< netstandard2.1)) (&& (< net451) (< netcoreapp2.0) (>= netstandard2.0)) (&& (>= net46) (>= netstandard2.0)) (&& (>= net46) (>= netstandard2.1)) (&& (< net46) (< netcoreapp2.0) (>= netstandard2.0) (< netstandard2.1)) (>= net461) (&& (< net5.0) (>= netcoreapp3.0)) (&& (>= netcoreapp2.0) (< netcoreapp2.1)) (&& (>= netcoreapp2.0) (< netstandard1.1)) (&& (>= netcoreapp2.0) (< netstandard2.0)) (&& (< netcoreapp2.0) (>= netcoreapp2.1)) (&& (< netcoreapp2.0) (>= netcoreapp3.0)) (&& (< netcoreapp2.0) (>= netstandard2.1)) (&& (>= netcoreapp2.1) (< netcoreapp3.0)) (&& (>= netcoreapp2.1) (< netstandard2.1)) (&& (< netcoreapp2.1) (>= netstandard2.1)) (&& (< netstandard1.1) (>= netstandard2.0) (>= win8)) (&& (< netstandard1.1) (>= netstandard2.0) (< win8)) (&& (< netstandard2.0) (>= netstandard2.1)) (>= uap10.1) (>= xamarinios) (>= xamarinmac) (>= xamarintvos) (>= xamarinwatchos)
      System.Runtime (>= 4.3) - restriction: && (< net45) (>= netstandard1.0) (< netstandard2.0) (< win8) (< wp8) (< wpa81)
    System.Runtime.Extensions (4.3.1) - restriction: || (&& (< monoandroid) (< monotouch) (< net35) (>= netstandard1.6) (< netstandard2.0) (< xamarintvos) (< xamarinwatchos)) (&& (< monoandroid) (< net35) (< netstandard1.5) (>= netstandard1.6)) (&& (< monoandroid) (< net35) (< netstandard1.5) (>= netstandard2.0) (< win8) (< wpa81)) (&& (< monoandroid) (< net35) (>= netstandard2.0) (< xamarinios) (< xamarinmac)) (&& (< net35) (>= net40) (>= netstandard1.3) (< netstandard1.5)) (&& (< net35) (>= net40) (>= netstandard1.5) (< netstandard1.6)) (&& (< net35) (>= net45) (>= netstandard1.3) (< netstandard1.5)) (&& (< net35) (>= net45) (>= netstandard1.5)) (&& (< net40) (< netstandard1.2) (>= netstandard1.6) (< win8)) (&& (< net40) (< netstandard1.3) (>= netstandard1.6) (< win8) (< wpa81)) (&& (< net40) (< netstandard1.4) (>= netstandard1.6) (< win8) (< wpa81)) (&& (< net40) (< netstandard1.5) (>= netstandard1.6) (< win8) (< wpa81)) (&& (< net40) (>= netstandard1.6) (< netstandard2.0) (< win8) (< wpa81)) (&& (< net40) (>= netstandard1.6) (< portable-net45+win8+wpa81)) (&& (< netstandard1.5) (>= netstandard1.6) (>= uap10.0)) (>= netstandard2.1)
      Microsoft.NETCore.Platforms (>= 1.1.1) - restriction: || (&& (< monoandroid) (< monotouch) (< net45) (>= netstandard1.5) (< win8) (< wpa81) (< xamarinios) (< xamarinmac) (< xamarintvos) (< xamarinwatchos)) (&& (< monoandroid) (< net45) (>= netstandard1.0) (< netstandard1.3) (< win8) (< wp8) (< wpa81)) (&& (< monoandroid) (< net45) (>= netstandard1.3) (< netstandard1.5) (< win8) (< wpa81))
      Microsoft.NETCore.Targets (>= 1.1.3) - restriction: || (&& (< monoandroid) (< monotouch) (< net45) (>= netstandard1.5) (< win8) (< wpa81) (< xamarinios) (< xamarinmac) (< xamarintvos) (< xamarinwatchos)) (&& (< monoandroid) (< net45) (>= netstandard1.0) (< netstandard1.3) (< win8) (< wp8) (< wpa81)) (&& (< monoandroid) (< net45) (>= netstandard1.3) (< netstandard1.5) (< win8) (< wpa81))
      System.Runtime (>= 4.3.1) - restriction: || (&& (< monoandroid) (< monotouch) (< net45) (>= netstandard1.5) (< win8) (< wpa81) (< xamarinios) (< xamarinmac) (< xamarintvos) (< xamarinwatchos)) (&& (< monoandroid) (< net45) (>= netstandard1.0) (< netstandard1.3) (< win8) (< wp8) (< wpa81)) (&& (< monoandroid) (< net45) (>= netstandard1.3) (< netstandard1.5) (< win8) (< wpa81))
    System.Runtime.Handles (4.3) - restriction: || (&& (< monoandroid) (< net40) (< netstandard1.2) (>= netstandard1.6) (< win8)) (&& (< monoandroid) (< net40) (< netstandard1.3) (>= netstandard1.6) (< win8) (< wpa81)) (&& (< net40) (>= net46) (< netstandard1.4) (>= netstandard1.6)) (&& (< net40) (< netstandard1.4) (>= netstandard1.6) (< win8) (< wpa81)) (&& (< net40) (< netstandard1.5) (>= netstandard1.6) (< win8) (< wpa81)) (&& (< net40) (>= netstandard1.6) (< netstandard2.0) (< win8) (< wpa81)) (&& (< netstandard1.5) (>= netstandard1.6) (>= uap10.0))
      Microsoft.NETCore.Platforms (>= 1.1) - restriction: && (< monoandroid) (< monotouch) (< net46) (>= netstandard1.3) (< xamarinios) (< xamarinmac) (< xamarintvos) (< xamarinwatchos)
      Microsoft.NETCore.Targets (>= 1.1) - restriction: && (< monoandroid) (< monotouch) (< net46) (>= netstandard1.3) (< xamarinios) (< xamarinmac) (< xamarintvos) (< xamarinwatchos)
      System.Runtime (>= 4.3) - restriction: && (< monoandroid) (< monotouch) (< net46) (>= netstandard1.3) (< xamarinios) (< xamarinmac) (< xamarintvos) (< xamarinwatchos)
    System.Runtime.InteropServices (4.3) - restriction: || (&& (< monoandroid) (< monotouch) (< net35) (>= netstandard1.6) (< netstandard2.0) (< xamarintvos) (< xamarinwatchos)) (&& (< monoandroid) (< net35) (< netstandard1.5) (>= netstandard1.6)) (&& (< monoandroid) (< net35) (>= netstandard2.0) (< xamarinios) (< xamarinmac)) (&& (< net35) (>= net40) (>= netstandard1.3) (< netstandard1.5)) (&& (< net35) (>= net40) (>= netstandard1.5) (< netstandard1.6)) (&& (< net35) (>= net45) (>= netstandard1.3) (< netstandard1.5)) (&& (< net35) (>= net45) (>= netstandard1.5)) (&& (< net40) (>= net46) (< netstandard1.4) (>= netstandard1.6)) (&& (< net40) (< netstandard1.2) (>= netstandard1.6) (< win8)) (&& (< net40) (< netstandard1.3) (>= netstandard1.6) (< win8) (< wpa81)) (&& (< net40) (< netstandard1.4) (>= netstandard1.6) (< win8) (< wpa81)) (&& (< net40) (< netstandard1.5) (>= netstandard1.6) (< win8) (< wpa81)) (&& (< net40) (>= netstandard1.6) (< netstandard2.0) (< win8) (< wpa81)) (&& (< netstandard1.5) (>= netstandard1.6) (>= uap10.0)) (>= netstandard2.1)
      Microsoft.NETCore.Platforms (>= 1.1) - restriction: || (&& (< monoandroid) (< monotouch) (< net45) (>= netstandard1.5) (< win8) (< wpa81) (< xamarinios) (< xamarinmac) (< xamarintvos) (< xamarinwatchos)) (&& (< monoandroid) (< net45) (>= netstandard1.1) (< netstandard1.2) (< win8)) (&& (< monoandroid) (< net45) (>= netstandard1.2) (< netstandard1.3) (< win8) (< wpa81)) (&& (< monoandroid) (< net45) (>= netstandard1.3) (< netstandard1.5) (< win8) (< wpa81)) (>= netcoreapp1.1)
      Microsoft.NETCore.Targets (>= 1.1) - restriction: || (&& (< monoandroid) (< monotouch) (< net45) (>= netstandard1.5) (< win8) (< wpa81) (< xamarinios) (< xamarinmac) (< xamarintvos) (< xamarinwatchos)) (&& (< monoandroid) (< net45) (>= netstandard1.1) (< netstandard1.2) (< win8)) (&& (< monoandroid) (< net45) (>= netstandard1.2) (< netstandard1.3) (< win8) (< wpa81)) (&& (< monoandroid) (< net45) (>= netstandard1.3) (< netstandard1.5) (< win8) (< wpa81)) (>= netcoreapp1.1)
      System.Reflection (>= 4.3) - restriction: || (&& (< monoandroid) (< monotouch) (< net45) (>= netstandard1.5) (< win8) (< wpa81) (< xamarinios) (< xamarinmac) (< xamarintvos) (< xamarinwatchos)) (&& (< monoandroid) (< net45) (>= netstandard1.1) (< netstandard1.2) (< win8)) (&& (< monoandroid) (< net45) (>= netstandard1.2) (< netstandard1.3) (< win8) (< wpa81)) (&& (< monoandroid) (< net45) (>= netstandard1.3) (< netstandard1.5) (< win8) (< wpa81)) (>= netcoreapp1.1)
      System.Reflection.Primitives (>= 4.3) - restriction: || (&& (< monoandroid) (< monotouch) (< net45) (>= netstandard1.5) (< win8) (< wpa81) (< xamarinios) (< xamarinmac) (< xamarintvos) (< xamarinwatchos)) (&& (< monoandroid) (< net45) (>= netstandard1.1) (< netstandard1.2) (< win8)) (&& (< monoandroid) (< net45) (>= netstandard1.2) (< netstandard1.3) (< win8) (< wpa81)) (&& (< monoandroid) (< net45) (>= netstandard1.3) (< netstandard1.5) (< win8) (< wpa81)) (>= netcoreapp1.1)
      System.Runtime (>= 4.3) - restriction: || (&& (< monoandroid) (< monotouch) (< net45) (>= netstandard1.5) (< win8) (< wpa81) (< xamarinios) (< xamarinmac) (< xamarintvos) (< xamarinwatchos)) (&& (< monoandroid) (< net45) (>= netstandard1.1) (< netstandard1.2) (< win8)) (&& (< monoandroid) (< net45) (>= netstandard1.2) (< netstandard1.3) (< win8) (< wpa81)) (&& (< monoandroid) (< net45) (>= netstandard1.3) (< netstandard1.5) (< win8) (< wpa81)) (>= net462) (>= netcoreapp1.1)
      System.Runtime.Handles (>= 4.3) - restriction: || (&& (< monoandroid) (< monotouch) (< net45) (>= netstandard1.5) (< win8) (< wpa81) (< xamarinios) (< xamarinmac) (< xamarintvos) (< xamarinwatchos)) (&& (< monoandroid) (< net45) (>= netstandard1.3) (< netstandard1.5) (< win8) (< wpa81)) (>= netcoreapp1.1)
    System.Runtime.InteropServices.RuntimeInformation (4.3) - restriction: || (&& (< net40) (>= net45) (< netstandard1.3) (>= netstandard1.6)) (&& (< net40) (>= net46) (< netstandard1.4) (>= netstandard1.6)) (&& (< net40) (< netstandard1.0) (>= netstandard1.6) (< portable-net45+win8)) (&& (< net40) (< netstandard1.0) (>= netstandard1.6) (< win8)) (&& (< net40) (< netstandard1.2) (>= netstandard1.6) (< win8)) (&& (< net40) (< netstandard1.3) (>= netstandard1.6) (< win8) (< wpa81)) (&& (< net40) (< netstandard1.4) (>= netstandard1.6) (< win8) (< wpa81)) (&& (< net40) (< netstandard1.5) (>= netstandard1.6) (< win8) (< wpa81)) (&& (< net40) (>= netstandard1.6) (< netstandard2.0) (< win8) (< wpa81)) (>= net461) (&& (< netstandard1.0) (>= netstandard1.6) (>= win8)) (&& (< netstandard1.3) (>= netstandard1.6) (< win8) (>= wpa81)) (&& (< netstandard1.5) (>= netstandard1.6) (>= uap10.0))
    System.Runtime.Loader (4.3) - restriction: && (< net40) (>= netstandard1.6) (< netstandard2.0)
      System.IO (>= 4.3) - restriction: && (< monoandroid) (< monotouch) (< net462) (>= netstandard1.5) (< xamarinios) (< xamarinmac) (< xamarintvos) (< xamarinwatchos)
      System.Reflection (>= 4.3) - restriction: && (< monoandroid) (< monotouch) (< net462) (>= netstandard1.5) (< xamarinios) (< xamarinmac) (< xamarintvos) (< xamarinwatchos)
      System.Runtime (>= 4.3) - restriction: && (< monoandroid) (< monotouch) (< net462) (>= netstandard1.5) (< xamarinios) (< xamarinmac) (< xamarintvos) (< xamarinwatchos)
    System.Runtime.Numerics (4.3) - restriction: || (&& (< net40) (>= net46) (< netstandard1.4) (>= netstandard1.6)) (&& (< net40) (< netstandard1.2) (>= netstandard1.6) (< win8)) (&& (< net40) (< netstandard1.3) (>= netstandard1.6) (< win8) (< wpa81)) (&& (< net40) (< netstandard1.4) (>= netstandard1.6) (< win8) (< wpa81)) (&& (< net40) (< netstandard1.5) (>= netstandard1.6) (< win8) (< wpa81)) (&& (< net40) (>= netstandard1.6) (< netstandard2.0) (< win8) (< wpa81)) (&& (< netstandard1.5) (>= netstandard1.6) (>= uap10.0))
      System.Globalization (>= 4.3) - restriction: && (< monoandroid) (< monotouch) (< net45) (>= netstandard1.3) (< win8) (< wpa81) (< xamarinios) (< xamarinmac) (< xamarintvos) (< xamarinwatchos)
      System.Resources.ResourceManager (>= 4.3) - restriction: && (< monoandroid) (< monotouch) (< net45) (>= netstandard1.3) (< win8) (< wpa81) (< xamarinios) (< xamarinmac) (< xamarintvos) (< xamarinwatchos)
      System.Runtime (>= 4.3) - restriction: || (&& (< monoandroid) (< monotouch) (< net45) (>= netstandard1.3) (< win8) (< wpa81) (< xamarinios) (< xamarinmac) (< xamarintvos) (< xamarinwatchos)) (&& (< monoandroid) (< net45) (>= netstandard1.1) (< netstandard1.3) (< win8) (< wpa81))
      System.Runtime.Extensions (>= 4.3) - restriction: && (< monoandroid) (< monotouch) (< net45) (>= netstandard1.3) (< win8) (< wpa81) (< xamarinios) (< xamarinmac) (< xamarintvos) (< xamarinwatchos)
    System.Security.AccessControl (5.0) - restriction: || (&& (< net461) (< netcoreapp2.0) (>= netstandard2.0) (< netstandard2.1)) (&& (>= netcoreapp2.0) (< netcoreapp2.1) (< netstandard2.1)) (&& (< netcoreapp2.0) (>= netstandard2.1)) (&& (>= netcoreapp2.1) (< netstandard2.1)) (>= netcoreapp3.0)
      Microsoft.NETCore.Platforms (>= 5.0) - restriction: >= netcoreapp2.0
      System.Security.Principal.Windows (>= 5.0) - restriction: || (&& (>= net46) (< netstandard2.0)) (&& (< net46) (>= netstandard1.3) (< netstandard2.0) (< uap10.1)) (&& (< net46) (>= netstandard2.0)) (>= net461) (>= netcoreapp2.0)
    System.Security.Cryptography.Algorithms (4.3.1) - restriction: || (&& (< monoandroid) (< net40) (< netstandard1.2) (>= netstandard1.6) (< win8)) (&& (< monoandroid) (< net40) (< netstandard1.3) (>= netstandard1.6) (< win8) (< wpa81)) (&& (< net40) (>= net46) (< netstandard1.4) (>= netstandard1.6)) (&& (< net40) (>= net461) (< netstandard1.2) (>= netstandard1.6)) (&& (< net40) (>= net461) (< netstandard1.3) (>= netstandard1.6)) (&& (< net40) (>= net461) (< netstandard1.4) (>= netstandard1.6)) (&& (< net40) (>= net461) (< netstandard1.5) (>= netstandard1.6)) (&& (< net40) (>= net461) (>= netstandard1.6) (< netstandard2.0)) (&& (< net40) (< netstandard1.4) (>= netstandard1.6) (< win8) (< wpa81)) (&& (< net40) (< netstandard1.5) (>= netstandard1.6) (< win8) (< wpa81)) (&& (< net40) (>= netstandard1.6) (< netstandard2.0) (< win8) (< wpa81)) (&& (< netstandard1.5) (>= netstandard1.6) (>= uap10.0))
      Microsoft.NETCore.Platforms (>= 1.1) - restriction: && (< monoandroid) (< monotouch) (< net46) (>= netstandard1.6) (< xamarinios) (< xamarinmac) (< xamarintvos) (< xamarinwatchos)
      runtime.native.System.Security.Cryptography.Apple (>= 4.3.1) - restriction: && (< monoandroid) (< monotouch) (< net46) (>= netstandard1.6) (< xamarinios) (< xamarinmac) (< xamarintvos) (< xamarinwatchos)
      runtime.native.System.Security.Cryptography.OpenSsl (>= 4.3.2) - restriction: && (< monoandroid) (< monotouch) (< net46) (>= netstandard1.6) (< xamarinios) (< xamarinmac) (< xamarintvos) (< xamarinwatchos)
      System.Collections (>= 4.3) - restriction: && (< monoandroid) (< monotouch) (< net46) (>= netstandard1.6) (< xamarinios) (< xamarinmac) (< xamarintvos) (< xamarinwatchos)
      System.IO (>= 4.3) - restriction: || (&& (< monoandroid) (< monotouch) (< net46) (>= netstandard1.6) (< xamarinios) (< xamarinmac) (< xamarintvos) (< xamarinwatchos)) (&& (< monoandroid) (< net46) (>= netstandard1.3) (< netstandard1.4)) (&& (< monoandroid) (< net46) (>= netstandard1.4) (< netstandard1.6)) (>= net463)
      System.Resources.ResourceManager (>= 4.3) - restriction: && (< monoandroid) (< monotouch) (< net46) (>= netstandard1.6) (< xamarinios) (< xamarinmac) (< xamarintvos) (< xamarinwatchos)
      System.Runtime (>= 4.3) - restriction: || (&& (< monoandroid) (< monotouch) (< net46) (>= netstandard1.6) (< xamarinios) (< xamarinmac) (< xamarintvos) (< xamarinwatchos)) (&& (< monoandroid) (< net46) (>= netstandard1.3) (< netstandard1.4)) (&& (< monoandroid) (< net46) (>= netstandard1.4) (< netstandard1.6)) (>= net463)
      System.Runtime.Extensions (>= 4.3) - restriction: && (< monoandroid) (< monotouch) (< net46) (>= netstandard1.6) (< xamarinios) (< xamarinmac) (< xamarintvos) (< xamarinwatchos)
      System.Runtime.Handles (>= 4.3) - restriction: && (< monoandroid) (< monotouch) (< net46) (>= netstandard1.6) (< xamarinios) (< xamarinmac) (< xamarintvos) (< xamarinwatchos)
      System.Runtime.InteropServices (>= 4.3) - restriction: && (< monoandroid) (< monotouch) (< net46) (>= netstandard1.6) (< xamarinios) (< xamarinmac) (< xamarintvos) (< xamarinwatchos)
      System.Runtime.Numerics (>= 4.3) - restriction: && (< monoandroid) (< monotouch) (< net46) (>= netstandard1.6) (< xamarinios) (< xamarinmac) (< xamarintvos) (< xamarinwatchos)
      System.Security.Cryptography.Encoding (>= 4.3) - restriction: || (&& (< monoandroid) (< monotouch) (< net46) (>= netstandard1.6) (< xamarinios) (< xamarinmac) (< xamarintvos) (< xamarinwatchos)) (>= net463)
      System.Security.Cryptography.Primitives (>= 4.3) - restriction: || (&& (< monoandroid) (< monotouch) (< net46) (>= netstandard1.6) (< xamarinios) (< xamarinmac) (< xamarintvos) (< xamarinwatchos)) (&& (< monoandroid) (< net46) (>= netstandard1.3) (< netstandard1.4)) (&& (< monoandroid) (< net46) (>= netstandard1.4) (< netstandard1.6)) (&& (>= net46) (< netstandard1.4)) (&& (>= net461) (< netstandard1.6)) (>= net463)
      System.Text.Encoding (>= 4.3) - restriction: && (< monoandroid) (< monotouch) (< net46) (>= netstandard1.6) (< xamarinios) (< xamarinmac) (< xamarintvos) (< xamarinwatchos)
    System.Security.Cryptography.Cng (5.0) - restriction: || (&& (< monoandroid) (< monotouch) (< net40) (>= netstandard1.6) (< netstandard2.0) (< win8) (< wpa81) (< xamarintvos) (< xamarinwatchos)) (&& (< monoandroid) (< net40) (< netstandard1.4) (>= netstandard1.6) (< win8) (< wpa81)) (&& (< monoandroid) (< net40) (< netstandard1.5) (>= netstandard1.6) (< win8) (< wpa81)) (&& (< monoandroid) (< net46) (< netcoreapp2.0) (>= netstandard2.0) (< netstandard2.1) (< xamarinios) (< xamarinmac)) (&& (< net40) (>= net46) (< netstandard1.4) (>= netstandard1.6)) (&& (< net461) (< netcoreapp2.0) (>= netstandard2.0) (< netstandard2.1)) (&& (>= netcoreapp2.0) (< netcoreapp2.1) (< netstandard2.1)) (&& (< netcoreapp2.0) (>= netstandard2.1)) (&& (>= netcoreapp2.1) (< netstandard2.1)) (>= netcoreapp3.0) (&& (< netstandard1.5) (>= netstandard1.6) (>= uap10.0))
      Microsoft.NETCore.Platforms (>= 5.0) - restriction: && (>= netcoreapp2.0) (< netcoreapp2.1) (< netstandard2.1)
      System.Formats.Asn1 (>= 5.0) - restriction: >= netcoreapp3.0
    System.Security.Cryptography.Csp (4.3) - restriction: || (&& (< monoandroid) (< monotouch) (< net40) (>= netstandard1.6) (< netstandard2.0) (< win8) (< wpa81) (< xamarintvos) (< xamarinwatchos)) (&& (< monoandroid) (< net40) (< netstandard1.4) (>= netstandard1.6) (< win8) (< wpa81)) (&& (< monoandroid) (< net40) (< netstandard1.5) (>= netstandard1.6) (< win8) (< wpa81)) (&& (< net40) (>= net46) (< netstandard1.4) (>= netstandard1.6)) (&& (< netstandard1.5) (>= netstandard1.6) (>= uap10.0))
      Microsoft.NETCore.Platforms (>= 1.1) - restriction: && (< monoandroid) (< monotouch) (< net46) (>= netstandard1.3) (< xamarinios) (< xamarinmac) (< xamarintvos) (< xamarinwatchos)
      System.IO (>= 4.3) - restriction: && (< monoandroid) (< monotouch) (< net46) (>= netstandard1.3) (< xamarinios) (< xamarinmac) (< xamarintvos) (< xamarinwatchos)
      System.Reflection (>= 4.3) - restriction: && (< monoandroid) (< monotouch) (< net46) (>= netstandard1.3) (< xamarinios) (< xamarinmac) (< xamarintvos) (< xamarinwatchos)
      System.Resources.ResourceManager (>= 4.3) - restriction: && (< monoandroid) (< monotouch) (< net46) (>= netstandard1.3) (< xamarinios) (< xamarinmac) (< xamarintvos) (< xamarinwatchos)
      System.Runtime (>= 4.3) - restriction: && (< monoandroid) (< monotouch) (< net46) (>= netstandard1.3) (< xamarinios) (< xamarinmac) (< xamarintvos) (< xamarinwatchos)
      System.Runtime.Extensions (>= 4.3) - restriction: && (< monoandroid) (< monotouch) (< net46) (>= netstandard1.3) (< xamarinios) (< xamarinmac) (< xamarintvos) (< xamarinwatchos)
      System.Runtime.Handles (>= 4.3) - restriction: && (< monoandroid) (< monotouch) (< net46) (>= netstandard1.3) (< xamarinios) (< xamarinmac) (< xamarintvos) (< xamarinwatchos)
      System.Runtime.InteropServices (>= 4.3) - restriction: && (< monoandroid) (< monotouch) (< net46) (>= netstandard1.3) (< xamarinios) (< xamarinmac) (< xamarintvos) (< xamarinwatchos)
      System.Security.Cryptography.Algorithms (>= 4.3) - restriction: || (&& (< monoandroid) (< monotouch) (>= netstandard1.3) (< xamarinios) (< xamarinmac) (< xamarintvos) (< xamarinwatchos)) (>= net46)
      System.Security.Cryptography.Encoding (>= 4.3) - restriction: && (< monoandroid) (< monotouch) (< net46) (>= netstandard1.3) (< xamarinios) (< xamarinmac) (< xamarintvos) (< xamarinwatchos)
      System.Security.Cryptography.Primitives (>= 4.3) - restriction: || (&& (< monoandroid) (< monotouch) (>= netstandard1.3) (< xamarinios) (< xamarinmac) (< xamarintvos) (< xamarinwatchos)) (>= net46)
      System.Text.Encoding (>= 4.3) - restriction: && (< monoandroid) (< monotouch) (< net46) (>= netstandard1.3) (< xamarinios) (< xamarinmac) (< xamarintvos) (< xamarinwatchos)
      System.Threading (>= 4.3) - restriction: && (< monoandroid) (< monotouch) (< net46) (>= netstandard1.3) (< xamarinios) (< xamarinmac) (< xamarintvos) (< xamarinwatchos)
    System.Security.Cryptography.Encoding (4.3) - restriction: || (&& (< monoandroid) (< net40) (< netstandard1.2) (>= netstandard1.6) (< win8)) (&& (< monoandroid) (< net40) (< netstandard1.3) (>= netstandard1.6) (< win8) (< wpa81)) (&& (< net40) (>= net46) (< netstandard1.4) (>= netstandard1.6)) (&& (< net40) (< netstandard1.4) (>= netstandard1.6) (< win8) (< wpa81)) (&& (< net40) (< netstandard1.5) (>= netstandard1.6) (< win8) (< wpa81)) (&& (< net40) (>= netstandard1.6) (< netstandard2.0) (< win8) (< wpa81)) (&& (< netstandard1.5) (>= netstandard1.6) (>= uap10.0))
      Microsoft.NETCore.Platforms (>= 1.1) - restriction: && (< monoandroid) (< monotouch) (< net46) (>= netstandard1.3) (< xamarinios) (< xamarinmac) (< xamarintvos) (< xamarinwatchos)
      runtime.native.System.Security.Cryptography.OpenSsl (>= 4.3) - restriction: && (< monoandroid) (< monotouch) (< net46) (>= netstandard1.3) (< xamarinios) (< xamarinmac) (< xamarintvos) (< xamarinwatchos)
      System.Collections (>= 4.3) - restriction: && (< monoandroid) (< monotouch) (< net46) (>= netstandard1.3) (< xamarinios) (< xamarinmac) (< xamarintvos) (< xamarinwatchos)
      System.Collections.Concurrent (>= 4.3) - restriction: && (< monoandroid) (< monotouch) (< net46) (>= netstandard1.3) (< xamarinios) (< xamarinmac) (< xamarintvos) (< xamarinwatchos)
      System.Linq (>= 4.3) - restriction: && (< monoandroid) (< monotouch) (< net46) (>= netstandard1.3) (< xamarinios) (< xamarinmac) (< xamarintvos) (< xamarinwatchos)
      System.Resources.ResourceManager (>= 4.3) - restriction: && (< monoandroid) (< monotouch) (< net46) (>= netstandard1.3) (< xamarinios) (< xamarinmac) (< xamarintvos) (< xamarinwatchos)
      System.Runtime (>= 4.3) - restriction: && (< monoandroid) (< monotouch) (< net46) (>= netstandard1.3) (< xamarinios) (< xamarinmac) (< xamarintvos) (< xamarinwatchos)
      System.Runtime.Extensions (>= 4.3) - restriction: && (< monoandroid) (< monotouch) (< net46) (>= netstandard1.3) (< xamarinios) (< xamarinmac) (< xamarintvos) (< xamarinwatchos)
      System.Runtime.Handles (>= 4.3) - restriction: && (< monoandroid) (< monotouch) (< net46) (>= netstandard1.3) (< xamarinios) (< xamarinmac) (< xamarintvos) (< xamarinwatchos)
      System.Runtime.InteropServices (>= 4.3) - restriction: && (< monoandroid) (< monotouch) (< net46) (>= netstandard1.3) (< xamarinios) (< xamarinmac) (< xamarintvos) (< xamarinwatchos)
      System.Security.Cryptography.Primitives (>= 4.3) - restriction: && (< monoandroid) (< monotouch) (< net46) (>= netstandard1.3) (< xamarinios) (< xamarinmac) (< xamarintvos) (< xamarinwatchos)
      System.Text.Encoding (>= 4.3) - restriction: && (< monoandroid) (< monotouch) (< net46) (>= netstandard1.3) (< xamarinios) (< xamarinmac) (< xamarintvos) (< xamarinwatchos)
    System.Security.Cryptography.OpenSsl (5.0) - restriction: || (&& (< monoandroid) (< monotouch) (< net40) (>= netstandard1.6) (< netstandard2.0) (< win8) (< wpa81) (< xamarintvos) (< xamarinwatchos)) (&& (< monoandroid) (< net40) (< netstandard1.2) (>= netstandard1.6) (< win8)) (&& (< monoandroid) (< net40) (< netstandard1.3) (>= netstandard1.6) (< win8) (< wpa81)) (&& (< monoandroid) (< net40) (< netstandard1.4) (>= netstandard1.6) (< win8) (< wpa81)) (&& (< monoandroid) (< net40) (< netstandard1.5) (>= netstandard1.6) (< win8) (< wpa81)) (&& (< net40) (>= net46) (< netstandard1.4) (>= netstandard1.6)) (&& (< netstandard1.5) (>= netstandard1.6) (>= uap10.0))
      System.Collections (>= 4.3) - restriction: && (< net461) (>= netstandard1.6) (< netstandard2.0)
      System.IO (>= 4.3) - restriction: && (< net461) (>= netstandard1.6) (< netstandard2.0)
      System.Resources.ResourceManager (>= 4.3) - restriction: && (< net461) (>= netstandard1.6) (< netstandard2.0)
      System.Runtime (>= 4.3) - restriction: && (< net461) (>= netstandard1.6) (< netstandard2.0)
      System.Runtime.Extensions (>= 4.3) - restriction: && (< net461) (>= netstandard1.6) (< netstandard2.0)
      System.Runtime.Handles (>= 4.3) - restriction: && (< net461) (>= netstandard1.6) (< netstandard2.0)
      System.Runtime.InteropServices (>= 4.3) - restriction: && (< net461) (>= netstandard1.6) (< netstandard2.0)
      System.Runtime.Numerics (>= 4.3) - restriction: && (< net461) (>= netstandard1.6) (< netstandard2.0)
      System.Security.Cryptography.Algorithms (>= 4.3.1) - restriction: || (>= net461) (&& (>= netstandard1.6) (< netstandard2.0))
      System.Security.Cryptography.Encoding (>= 4.3) - restriction: && (< net461) (>= netstandard1.6) (< netstandard2.0)
      System.Security.Cryptography.Primitives (>= 4.3) - restriction: && (< net461) (>= netstandard1.6) (< netstandard2.0)
      System.Text.Encoding (>= 4.3) - restriction: && (< net461) (>= netstandard1.6) (< netstandard2.0)
    System.Security.Cryptography.Pkcs (5.0) - restriction: || (&& (< net461) (< netcoreapp2.0) (>= netstandard2.0) (< netstandard2.1)) (&& (>= netcoreapp2.0) (< netcoreapp2.1) (< netstandard2.1)) (&& (< netcoreapp2.0) (>= netstandard2.1)) (&& (>= netcoreapp2.1) (< netstandard2.1)) (>= netcoreapp3.0)
      System.Buffers (>= 4.5.1) - restriction: && (< monoandroid) (< net46) (< netcoreapp2.0) (>= netstandard2.0) (< netstandard2.1) (< xamarinios) (< xamarinmac)
      System.Formats.Asn1 (>= 5.0) - restriction: || (>= monoandroid) (>= monotouch) (&& (< net46) (< netcoreapp2.0) (>= netstandard2.0) (< netstandard2.1)) (&& (>= netcoreapp2.0) (< netcoreapp2.1) (< netstandard2.1)) (&& (< netcoreapp2.0) (>= netstandard2.1)) (>= netcoreapp3.0) (>= uap10.1) (>= xamarinios) (>= xamarinmac) (>= xamarintvos) (>= xamarinwatchos)
      System.Memory (>= 4.5.4) - restriction: || (&& (< monoandroid) (< net46) (< netcoreapp2.0) (>= netstandard2.0) (< netstandard2.1) (< xamarinios) (< xamarinmac)) (&& (>= netcoreapp2.0) (< netcoreapp2.1) (< netstandard2.1)) (>= uap10.1)
      System.Security.Cryptography.Cng (>= 5.0) - restriction: || (&& (< monoandroid) (< net46) (< netcoreapp2.0) (>= netstandard2.0) (< netstandard2.1) (< xamarinios) (< xamarinmac)) (&& (>= netcoreapp2.0) (< netcoreapp2.1) (< netstandard2.1)) (&& (< netcoreapp2.0) (>= netstandard2.1)) (&& (>= netcoreapp2.1) (< netstandard2.1)) (>= netcoreapp3.0)
    System.Security.Cryptography.Primitives (4.3) - restriction: || (&& (< monoandroid) (< net40) (< netstandard1.2) (>= netstandard1.6) (< win8)) (&& (< monoandroid) (< net40) (< netstandard1.3) (>= netstandard1.6) (< win8) (< wpa81)) (&& (< net40) (>= net46) (< netstandard1.4) (>= netstandard1.6)) (&& (< net40) (< netstandard1.4) (>= netstandard1.6) (< win8) (< wpa81)) (&& (< net40) (< netstandard1.5) (>= netstandard1.6) (< win8) (< wpa81)) (&& (< net40) (>= netstandard1.6) (< netstandard2.0) (< win8) (< wpa81)) (&& (< netstandard1.5) (>= netstandard1.6) (>= uap10.0))
      System.Diagnostics.Debug (>= 4.3) - restriction: && (< monoandroid) (< monotouch) (< net46) (>= netstandard1.3) (< xamarinios) (< xamarinmac) (< xamarintvos) (< xamarinwatchos)
      System.Globalization (>= 4.3) - restriction: && (< monoandroid) (< monotouch) (< net46) (>= netstandard1.3) (< xamarinios) (< xamarinmac) (< xamarintvos) (< xamarinwatchos)
      System.IO (>= 4.3) - restriction: && (< monoandroid) (< monotouch) (< net46) (>= netstandard1.3) (< xamarinios) (< xamarinmac) (< xamarintvos) (< xamarinwatchos)
      System.Resources.ResourceManager (>= 4.3) - restriction: && (< monoandroid) (< monotouch) (< net46) (>= netstandard1.3) (< xamarinios) (< xamarinmac) (< xamarintvos) (< xamarinwatchos)
      System.Runtime (>= 4.3) - restriction: && (< monoandroid) (< monotouch) (< net46) (>= netstandard1.3) (< xamarinios) (< xamarinmac) (< xamarintvos) (< xamarinwatchos)
      System.Threading (>= 4.3) - restriction: && (< monoandroid) (< monotouch) (< net46) (>= netstandard1.3) (< xamarinios) (< xamarinmac) (< xamarintvos) (< xamarinwatchos)
      System.Threading.Tasks (>= 4.3) - restriction: && (< monoandroid) (< monotouch) (< net46) (>= netstandard1.3) (< xamarinios) (< xamarinmac) (< xamarintvos) (< xamarinwatchos)
    System.Security.Cryptography.ProtectedData (5.0) - restriction: || (&& (< net461) (< netcoreapp2.0) (>= netstandard2.0) (< netstandard2.1)) (&& (>= netcoreapp2.0) (< netcoreapp2.1) (< netstandard2.1)) (&& (< netcoreapp2.0) (>= netstandard2.1)) (&& (>= netcoreapp2.1) (< netstandard2.1)) (>= netcoreapp3.0)
      System.Memory (>= 4.5.4) - restriction: && (< monoandroid) (< net46) (< netcoreapp2.1) (>= netstandard2.0) (< xamarinios) (< xamarinmac)
    System.Security.Cryptography.X509Certificates (4.3.2) - restriction: || (&& (< monoandroid) (< net40) (< netstandard1.2) (>= netstandard1.6) (< win8)) (&& (< monoandroid) (< net40) (< netstandard1.3) (>= netstandard1.6) (< win8) (< wpa81)) (&& (< net40) (>= net46) (< netstandard1.2) (>= netstandard1.6)) (&& (< net40) (>= net46) (< netstandard1.3) (>= netstandard1.6)) (&& (< net40) (>= net46) (< netstandard1.4) (>= netstandard1.6)) (&& (< net40) (>= net46) (< netstandard1.5) (>= netstandard1.6)) (&& (< net40) (>= net46) (>= netstandard1.6) (< netstandard2.0)) (&& (< net40) (< netstandard1.4) (>= netstandard1.6) (< win8) (< wpa81)) (&& (< net40) (< netstandard1.5) (>= netstandard1.6) (< win8) (< wpa81)) (&& (< net40) (>= netstandard1.6) (< netstandard2.0) (< win8) (< wpa81)) (&& (< netstandard1.5) (>= netstandard1.6) (>= uap10.0))
      Microsoft.NETCore.Platforms (>= 1.1) - restriction: && (< monoandroid) (< monotouch) (< net46) (>= netstandard1.6) (< xamarinios) (< xamarinmac) (< xamarintvos) (< xamarinwatchos)
      runtime.native.System (>= 4.3) - restriction: && (< monoandroid) (< monotouch) (< net46) (>= netstandard1.6) (< xamarinios) (< xamarinmac) (< xamarintvos) (< xamarinwatchos)
      runtime.native.System.Net.Http (>= 4.3) - restriction: && (< monoandroid) (< monotouch) (< net46) (>= netstandard1.6) (< xamarinios) (< xamarinmac) (< xamarintvos) (< xamarinwatchos)
      runtime.native.System.Security.Cryptography.OpenSsl (>= 4.3.2) - restriction: && (< monoandroid) (< monotouch) (< net46) (>= netstandard1.6) (< xamarinios) (< xamarinmac) (< xamarintvos) (< xamarinwatchos)
      System.Collections (>= 4.3) - restriction: && (< monoandroid) (< monotouch) (< net46) (>= netstandard1.6) (< xamarinios) (< xamarinmac) (< xamarintvos) (< xamarinwatchos)
      System.Diagnostics.Debug (>= 4.3) - restriction: && (< monoandroid) (< monotouch) (< net46) (>= netstandard1.6) (< xamarinios) (< xamarinmac) (< xamarintvos) (< xamarinwatchos)
      System.Globalization (>= 4.3) - restriction: && (< monoandroid) (< monotouch) (< net46) (>= netstandard1.6) (< xamarinios) (< xamarinmac) (< xamarintvos) (< xamarinwatchos)
      System.Globalization.Calendars (>= 4.3) - restriction: && (< monoandroid) (< monotouch) (< net46) (>= netstandard1.6) (< xamarinios) (< xamarinmac) (< xamarintvos) (< xamarinwatchos)
      System.IO (>= 4.3) - restriction: && (< monoandroid) (< monotouch) (< net46) (>= netstandard1.6) (< xamarinios) (< xamarinmac) (< xamarintvos) (< xamarinwatchos)
      System.IO.FileSystem (>= 4.3) - restriction: && (< monoandroid) (< monotouch) (< net46) (>= netstandard1.6) (< xamarinios) (< xamarinmac) (< xamarintvos) (< xamarinwatchos)
      System.IO.FileSystem.Primitives (>= 4.3) - restriction: && (< monoandroid) (< monotouch) (< net46) (>= netstandard1.6) (< xamarinios) (< xamarinmac) (< xamarintvos) (< xamarinwatchos)
      System.Resources.ResourceManager (>= 4.3) - restriction: && (< monoandroid) (< monotouch) (< net46) (>= netstandard1.6) (< xamarinios) (< xamarinmac) (< xamarintvos) (< xamarinwatchos)
      System.Runtime (>= 4.3) - restriction: || (&& (< monoandroid) (< monotouch) (< net46) (>= netstandard1.6) (< xamarinios) (< xamarinmac) (< xamarintvos) (< xamarinwatchos)) (&& (< monoandroid) (< net46) (>= netstandard1.3) (< netstandard1.4)) (&& (< monoandroid) (< net46) (>= netstandard1.4) (< netstandard1.6))
      System.Runtime.Extensions (>= 4.3) - restriction: && (< monoandroid) (< monotouch) (< net46) (>= netstandard1.6) (< xamarinios) (< xamarinmac) (< xamarintvos) (< xamarinwatchos)
      System.Runtime.Handles (>= 4.3) - restriction: || (&& (< monoandroid) (< monotouch) (< net46) (>= netstandard1.6) (< xamarinios) (< xamarinmac) (< xamarintvos) (< xamarinwatchos)) (&& (< monoandroid) (< net46) (>= netstandard1.3) (< netstandard1.4)) (&& (< monoandroid) (< net46) (>= netstandard1.4) (< netstandard1.6))
      System.Runtime.InteropServices (>= 4.3) - restriction: && (< monoandroid) (< monotouch) (< net46) (>= netstandard1.6) (< xamarinios) (< xamarinmac) (< xamarintvos) (< xamarinwatchos)
      System.Runtime.Numerics (>= 4.3) - restriction: && (< monoandroid) (< monotouch) (< net46) (>= netstandard1.6) (< xamarinios) (< xamarinmac) (< xamarintvos) (< xamarinwatchos)
      System.Security.Cryptography.Algorithms (>= 4.3) - restriction: || (&& (< monoandroid) (< monotouch) (< net46) (>= netstandard1.6) (< xamarinios) (< xamarinmac) (< xamarintvos) (< xamarinwatchos)) (&& (< monoandroid) (< net46) (>= netstandard1.3) (< netstandard1.4)) (&& (< monoandroid) (< net46) (>= netstandard1.4) (< netstandard1.6)) (&& (>= net46) (< netstandard1.4)) (>= net461)
      System.Security.Cryptography.Cng (>= 4.3) - restriction: && (< monoandroid) (< monotouch) (< net46) (>= netstandard1.6) (< xamarinios) (< xamarinmac) (< xamarintvos) (< xamarinwatchos)
      System.Security.Cryptography.Csp (>= 4.3) - restriction: && (< monoandroid) (< monotouch) (< net46) (>= netstandard1.6) (< xamarinios) (< xamarinmac) (< xamarintvos) (< xamarinwatchos)
      System.Security.Cryptography.Encoding (>= 4.3) - restriction: || (&& (< monoandroid) (< monotouch) (< net46) (>= netstandard1.6) (< xamarinios) (< xamarinmac) (< xamarintvos) (< xamarinwatchos)) (&& (< monoandroid) (< net46) (>= netstandard1.3) (< netstandard1.4)) (&& (< monoandroid) (< net46) (>= netstandard1.4) (< netstandard1.6)) (&& (>= net46) (< netstandard1.4)) (>= net461)
      System.Security.Cryptography.OpenSsl (>= 4.3) - restriction: && (< monoandroid) (< monotouch) (< net46) (>= netstandard1.6) (< xamarinios) (< xamarinmac) (< xamarintvos) (< xamarinwatchos)
      System.Security.Cryptography.Primitives (>= 4.3) - restriction: && (< monoandroid) (< monotouch) (< net46) (>= netstandard1.6) (< xamarinios) (< xamarinmac) (< xamarintvos) (< xamarinwatchos)
      System.Text.Encoding (>= 4.3) - restriction: && (< monoandroid) (< monotouch) (< net46) (>= netstandard1.6) (< xamarinios) (< xamarinmac) (< xamarintvos) (< xamarinwatchos)
      System.Threading (>= 4.3) - restriction: && (< monoandroid) (< monotouch) (< net46) (>= netstandard1.6) (< xamarinios) (< xamarinmac) (< xamarintvos) (< xamarinwatchos)
    System.Security.Cryptography.Xml (5.0) - restriction: || (&& (< monoandroid) (< net45) (< netcoreapp2.0) (>= netstandard2.0) (< netstandard2.1) (< xamarinios) (< xamarinmac)) (&& (< net461) (< netcoreapp2.0) (>= netstandard2.0) (< netstandard2.1)) (&& (>= netcoreapp2.0) (< netcoreapp2.1) (< netstandard2.1)) (&& (< netcoreapp2.0) (>= netstandard2.1)) (&& (>= netcoreapp2.1) (< netstandard2.1)) (>= netcoreapp3.0)
      System.Memory (>= 4.5.4) - restriction: && (< monoandroid) (< net461) (< netcoreapp2.1) (>= netstandard2.0) (< xamarinios) (< xamarinmac)
      System.Security.Cryptography.Pkcs (>= 5.0) - restriction: || (>= monoandroid) (>= monotouch) (&& (< net461) (>= netstandard2.0)) (>= netcoreapp2.1) (>= xamarinios) (>= xamarinmac) (>= xamarintvos) (>= xamarinwatchos)
      System.Security.Permissions (>= 5.0) - restriction: || (>= monoandroid) (>= monotouch) (>= net461) (>= netstandard2.0) (>= xamarintvos) (>= xamarinwatchos)
    System.Security.Permissions (5.0) - restriction: || (&& (< net461) (< netcoreapp2.0) (>= netstandard2.0) (< netstandard2.1)) (&& (>= netcoreapp2.0) (< netcoreapp2.1) (< netstandard2.1)) (&& (< netcoreapp2.0) (>= netstandard2.1)) (&& (>= netcoreapp2.1) (< netstandard2.1)) (>= netcoreapp3.0)
      System.Security.AccessControl (>= 5.0) - restriction: || (>= net461) (>= netstandard2.0)
      System.Windows.Extensions (>= 5.0) - restriction: >= netcoreapp3.0
    System.Security.Principal.Windows (5.0) - restriction: || (&& (< monoandroid) (< net451) (< netcoreapp2.0) (>= netstandard2.0) (< netstandard2.1) (< xamarinios) (< xamarinmac)) (&& (< net461) (< netcoreapp2.0) (>= netstandard2.0) (< netstandard2.1)) (&& (>= netcoreapp2.0) (< netcoreapp2.1) (< netstandard2.1)) (&& (>= netcoreapp2.0) (< netstandard2.0)) (&& (< netcoreapp2.0) (>= netstandard2.1)) (&& (>= netcoreapp2.1) (< netstandard2.0)) (&& (>= netcoreapp2.1) (< netstandard2.1)) (>= netcoreapp3.0) (&& (< netstandard2.0) (>= netstandard2.1))
      Microsoft.NETCore.Platforms (>= 5.0) - restriction: || (&& (>= netcoreapp2.0) (< netcoreapp2.1)) (&& (>= netcoreapp2.1) (< netcoreapp3.0))
    System.ServiceModel.Duplex (4.8) - restriction: || (&& (< net461) (< netcoreapp2.0) (>= netstandard2.0) (< netstandard2.1)) (&& (>= netcoreapp2.0) (< netcoreapp2.1) (< netstandard2.1)) (&& (< netcoreapp2.0) (>= netstandard2.1)) (&& (>= netcoreapp2.1) (< netstandard2.1)) (>= netcoreapp3.0)
      System.Private.ServiceModel (>= 4.8) - restriction: && (< monoandroid) (< net45) (>= netstandard2.0) (< xamarinios) (< xamarinmac)
      System.ServiceModel.Primitives (>= 4.8) - restriction: || (&& (< monoandroid) (< net45) (>= netstandard2.0) (< xamarinios) (< xamarinmac)) (>= net461)
    System.ServiceModel.Http (4.8) - restriction: || (&& (< net461) (< netcoreapp2.0) (>= netstandard2.0) (< netstandard2.1)) (&& (>= netcoreapp2.0) (< netcoreapp2.1) (< netstandard2.1)) (&& (< netcoreapp2.0) (>= netstandard2.1)) (&& (>= netcoreapp2.1) (< netstandard2.1)) (>= netcoreapp3.0)
      System.Private.ServiceModel (>= 4.8) - restriction: && (< monoandroid) (< net45) (>= netstandard2.0) (< xamarinios) (< xamarinmac)
      System.ServiceModel.Primitives (>= 4.8) - restriction: || (&& (< monoandroid) (< net45) (>= netstandard2.0) (< xamarinios) (< xamarinmac)) (>= net461)
    System.ServiceModel.NetTcp (4.8) - restriction: || (&& (< net461) (< netcoreapp2.0) (>= netstandard2.0) (< netstandard2.1)) (&& (>= netcoreapp2.0) (< netcoreapp2.1) (< netstandard2.1)) (&& (< netcoreapp2.0) (>= netstandard2.1)) (&& (>= netcoreapp2.1) (< netstandard2.1)) (>= netcoreapp3.0)
      System.Private.ServiceModel (>= 4.8) - restriction: && (< monoandroid) (< net45) (>= netstandard2.0) (< xamarinios) (< xamarinmac)
      System.ServiceModel.Primitives (>= 4.8) - restriction: || (&& (< monoandroid) (< net45) (>= netstandard2.0) (< xamarinios) (< xamarinmac)) (>= net461)
    System.ServiceModel.Primitives (4.8) - restriction: || (&& (< monoandroid) (< net45) (< netcoreapp2.0) (>= netstandard2.0) (< netstandard2.1) (< xamarinios) (< xamarinmac)) (&& (>= net461) (>= netcoreapp2.0)) (&& (>= net461) (>= netcoreapp2.1)) (&& (>= net461) (>= netstandard2.1)) (&& (< net461) (< netcoreapp2.0) (>= netstandard2.0) (< netstandard2.1)) (&& (>= netcoreapp2.0) (< netcoreapp2.1) (< netstandard2.1)) (&& (< netcoreapp2.0) (>= netstandard2.1)) (&& (>= netcoreapp2.1) (< netstandard2.1)) (>= netcoreapp3.0)
      System.Private.ServiceModel (>= 4.8) - restriction: || (&& (< monoandroid) (< net45) (>= netstandard2.0) (< xamarinios) (< xamarinmac)) (>= netcoreapp2.1)
    System.ServiceModel.Security (4.8) - restriction: || (&& (< net461) (< netcoreapp2.0) (>= netstandard2.0) (< netstandard2.1)) (&& (>= netcoreapp2.0) (< netcoreapp2.1) (< netstandard2.1)) (&& (< netcoreapp2.0) (>= netstandard2.1)) (&& (>= netcoreapp2.1) (< netstandard2.1)) (>= netcoreapp3.0)
      System.Private.ServiceModel (>= 4.8) - restriction: && (< monoandroid) (< net45) (>= netstandard2.0) (< xamarinios) (< xamarinmac)
      System.ServiceModel.Primitives (>= 4.8) - restriction: || (&& (< monoandroid) (< net45) (>= netstandard2.0) (< xamarinios) (< xamarinmac)) (>= net461)
    System.ServiceModel.Syndication (5.0) - restriction: || (&& (< net461) (< netcoreapp2.0) (>= netstandard2.0) (< netstandard2.1)) (&& (>= netcoreapp2.0) (< netcoreapp2.1) (< netstandard2.1)) (&& (< netcoreapp2.0) (>= netstandard2.1)) (&& (>= netcoreapp2.1) (< netstandard2.1)) (>= netcoreapp3.0)
    System.ServiceProcess.ServiceController (5.0) - restriction: || (&& (< net461) (< netcoreapp2.0) (>= netstandard2.0) (< netstandard2.1)) (&& (>= netcoreapp2.0) (< netcoreapp2.1) (< netstandard2.1)) (&& (< netcoreapp2.0) (>= netstandard2.1)) (&& (>= netcoreapp2.1) (< netstandard2.1)) (>= netcoreapp3.0)
      System.Buffers (>= 4.5.1) - restriction: || (>= monoandroid) (>= monotouch) (&& (< net461) (< netcoreapp2.0) (>= netstandard2.0)) (>= xamarinios) (>= xamarinmac) (>= xamarintvos) (>= xamarinwatchos)
      System.Diagnostics.EventLog (>= 5.0) - restriction: || (>= monoandroid) (>= monotouch) (>= net461) (>= netstandard2.0) (>= uap10.1) (>= xamarintvos) (>= xamarinwatchos)
      System.Memory (>= 4.5.4) - restriction: || (&& (< monoandroid) (< net461) (< netcoreapp2.0) (>= netstandard2.0) (< xamarinios) (< xamarinmac)) (&& (>= netcoreapp2.0) (< netcoreapp2.1)) (>= uap10.1)
    System.Text.Encoding (4.3) - restriction: || (&& (< monoandroid) (< monotouch) (< net35) (>= netstandard1.6) (< netstandard2.0) (< xamarintvos) (< xamarinwatchos)) (&& (< monoandroid) (< net35) (< netstandard1.5) (>= netstandard1.6)) (&& (< monoandroid) (< net35) (>= netstandard2.0) (< xamarinios) (< xamarinmac)) (&& (< net35) (>= net40) (>= netstandard1.3) (< netstandard1.5)) (&& (< net35) (>= net40) (>= netstandard1.5) (< netstandard1.6)) (&& (< net35) (>= net45) (>= netstandard1.3) (< netstandard1.5)) (&& (< net35) (>= net45) (>= netstandard1.5)) (&& (< net40) (>= net46) (< netstandard1.3) (>= netstandard1.6)) (&& (< net40) (>= net46) (< netstandard1.4) (>= netstandard1.6)) (&& (< net40) (< netstandard1.2) (>= netstandard1.6) (< win8)) (&& (< net40) (< netstandard1.3) (>= netstandard1.6) (< win8) (< wpa81)) (&& (< net40) (< netstandard1.4) (>= netstandard1.6) (< win8) (< wpa81)) (&& (< net40) (< netstandard1.5) (>= netstandard1.6) (< win8) (< wpa81)) (&& (< net40) (>= netstandard1.6) (< netstandard2.0) (< win8) (< wpa81)) (&& (< net40) (>= netstandard1.6) (< portable-net45+win8+wpa81)) (&& (< netstandard1.3) (>= netstandard1.6) (>= uap10.0) (< win8) (< wpa81)) (&& (< netstandard1.5) (>= netstandard1.6) (>= uap10.0)) (>= netstandard2.1)
      Microsoft.NETCore.Platforms (>= 1.1) - restriction: || (&& (< monoandroid) (< monotouch) (< net45) (>= netstandard1.3) (< win8) (< wpa81) (< xamarinios) (< xamarinmac) (< xamarintvos) (< xamarinwatchos)) (&& (< monoandroid) (< net45) (>= netstandard1.0) (< netstandard1.3) (< win8) (< wp8) (< wpa81))
      Microsoft.NETCore.Targets (>= 1.1) - restriction: || (&& (< monoandroid) (< monotouch) (< net45) (>= netstandard1.3) (< win8) (< wpa81) (< xamarinios) (< xamarinmac) (< xamarintvos) (< xamarinwatchos)) (&& (< monoandroid) (< net45) (>= netstandard1.0) (< netstandard1.3) (< win8) (< wp8) (< wpa81))
      System.Runtime (>= 4.3) - restriction: || (&& (< monoandroid) (< monotouch) (< net45) (>= netstandard1.3) (< win8) (< wpa81) (< xamarinios) (< xamarinmac) (< xamarintvos) (< xamarinwatchos)) (&& (< monoandroid) (< net45) (>= netstandard1.0) (< netstandard1.3) (< win8) (< wp8) (< wpa81))
    System.Text.Encoding.CodePages (5.0) - restriction: || (&& (< monoandroid) (< net451) (< netcoreapp2.0) (>= netstandard2.0) (< netstandard2.1) (< xamarinios) (< xamarinmac)) (&& (< net461) (< netcoreapp2.0) (>= netstandard2.0) (< netstandard2.1)) (&& (>= netcoreapp2.0) (< netcoreapp2.1) (< netstandard2.1)) (&& (>= netcoreapp2.0) (< netstandard2.0)) (&& (>= netcoreapp2.0) (>= uap10.1)) (&& (< netcoreapp2.0) (>= netstandard2.1)) (&& (>= netcoreapp2.1) (< netstandard2.0)) (&& (>= netcoreapp2.1) (< netstandard2.1)) (&& (>= netcoreapp2.1) (>= uap10.1)) (>= netcoreapp3.0) (&& (>= netstandard2.0) (>= uap10.1)) (&& (< netstandard2.0) (>= netstandard2.1)) (&& (>= netstandard2.1) (>= uap10.1))
      Microsoft.NETCore.Platforms (>= 5.0) - restriction: >= netcoreapp2.0
      System.Runtime.CompilerServices.Unsafe (>= 5.0) - restriction: || (&& (< monoandroid) (< net46) (< netcoreapp2.0) (>= netstandard2.0) (< xamarinios) (< xamarinmac)) (>= net461) (&& (< net5.0) (>= netcoreapp2.0))
    System.Text.Encoding.Extensions (4.3) - restriction: || (&& (< net40) (>= net46) (< netstandard1.4) (>= netstandard1.6)) (&& (< net40) (< netstandard1.2) (>= netstandard1.6) (< win8)) (&& (< net40) (< netstandard1.3) (>= netstandard1.6) (< win8) (< wpa81)) (&& (< net40) (< netstandard1.4) (>= netstandard1.6) (< win8) (< wpa81)) (&& (< net40) (< netstandard1.5) (>= netstandard1.6) (< win8) (< wpa81)) (&& (< net40) (>= netstandard1.6) (< netstandard2.0) (< win8) (< wpa81)) (&& (< net40) (>= netstandard1.6) (< portable-net45+win8+wpa81)) (&& (< netstandard1.5) (>= netstandard1.6) (>= uap10.0))
      Microsoft.NETCore.Platforms (>= 1.1) - restriction: || (&& (< monoandroid) (< monotouch) (< net45) (>= netstandard1.3) (< win8) (< wpa81) (< xamarinios) (< xamarinmac) (< xamarintvos) (< xamarinwatchos)) (&& (< monoandroid) (< net45) (>= netstandard1.0) (< netstandard1.3) (< win8) (< wp8) (< wpa81))
      Microsoft.NETCore.Targets (>= 1.1) - restriction: || (&& (< monoandroid) (< monotouch) (< net45) (>= netstandard1.3) (< win8) (< wpa81) (< xamarinios) (< xamarinmac) (< xamarintvos) (< xamarinwatchos)) (&& (< monoandroid) (< net45) (>= netstandard1.0) (< netstandard1.3) (< win8) (< wp8) (< wpa81))
      System.Runtime (>= 4.3) - restriction: || (&& (< monoandroid) (< monotouch) (< net45) (>= netstandard1.3) (< win8) (< wpa81) (< xamarinios) (< xamarinmac) (< xamarintvos) (< xamarinwatchos)) (&& (< monoandroid) (< net45) (>= netstandard1.0) (< netstandard1.3) (< win8) (< wp8) (< wpa81))
      System.Text.Encoding (>= 4.3) - restriction: || (&& (< monoandroid) (< monotouch) (< net45) (>= netstandard1.3) (< win8) (< wpa81) (< xamarinios) (< xamarinmac) (< xamarintvos) (< xamarinwatchos)) (&& (< monoandroid) (< net45) (>= netstandard1.0) (< netstandard1.3) (< win8) (< wp8) (< wpa81))
    System.Text.Encodings.Web (5.0) - restriction: || (>= monoandroid) (>= monotouch) (&& (< net451) (< netcoreapp2.0) (>= netstandard2.0)) (>= net461) (&& (< net5.0) (>= netcoreapp2.1)) (&& (>= netcoreapp2.0) (< netcoreapp2.1)) (&& (< netcoreapp2.0) (>= netcoreapp2.1)) (&& (>= netcoreapp2.1) (< netcoreapp3.0)) (&& (< netcoreapp3.0) (>= netstandard2.0)) (>= uap10.1) (>= xamarinios) (>= xamarinmac) (>= xamarintvos) (>= xamarinwatchos)
      NETStandard.Library (>= 1.6.1) - restriction: && (< net45) (>= netstandard1.0) (< netstandard2.0) (< win8) (< wp8) (< wpa81)
      System.Memory (>= 4.5.4) - restriction: || (&& (< net45) (< netcoreapp2.1) (>= netstandard2.0) (< netstandard2.1)) (>= net461) (>= uap10.1)
    System.Text.Json (5.0) - restriction: || (>= monoandroid) (>= monotouch) (&& (< net451) (< netcoreapp2.0) (>= netstandard2.0)) (>= net461) (&& (< net5.0) (>= netcoreapp2.1)) (&& (>= netcoreapp2.0) (< netcoreapp2.1)) (&& (< netcoreapp3.0) (>= netstandard2.0)) (>= uap10.1) (>= xamarinios) (>= xamarinmac) (>= xamarintvos) (>= xamarinwatchos)
      Microsoft.Bcl.AsyncInterfaces (>= 5.0) - restriction: || (>= monoandroid) (>= monotouch) (>= net461) (&& (>= netcoreapp2.0) (< netcoreapp2.1)) (&& (< netcoreapp2.0) (>= netstandard2.0)) (&& (>= netcoreapp2.1) (< netcoreapp3.0)) (>= uap10.1) (>= xamarinios) (>= xamarinmac) (>= xamarintvos) (>= xamarinwatchos)
      System.Buffers (>= 4.5.1) - restriction: || (>= monoandroid) (>= monotouch) (>= net461) (&& (< netcoreapp2.0) (>= netstandard2.0)) (>= xamarinios) (>= xamarinmac) (>= xamarintvos) (>= xamarinwatchos)
      System.Memory (>= 4.5.4) - restriction: || (&& (< monoandroid) (< netcoreapp2.0) (>= netstandard2.0) (< xamarinios) (< xamarinmac)) (>= net461) (&& (>= netcoreapp2.0) (< netcoreapp2.1)) (>= uap10.1)
      System.Numerics.Vectors (>= 4.5) - restriction: || (&& (< monoandroid) (< netcoreapp2.0) (>= netstandard2.0) (< xamarinios) (< xamarinmac)) (>= net461)
      System.Runtime.CompilerServices.Unsafe (>= 5.0) - restriction: || (>= monoandroid) (>= monotouch) (>= net461) (&& (>= netcoreapp2.0) (< netcoreapp2.1)) (&& (< netcoreapp2.0) (>= netstandard2.0)) (&& (>= netcoreapp2.1) (< netcoreapp3.0)) (>= uap10.1) (>= xamarinios) (>= xamarinmac) (>= xamarintvos) (>= xamarinwatchos)
      System.Text.Encodings.Web (>= 5.0) - restriction: || (>= monoandroid) (>= monotouch) (>= net461) (&& (>= netcoreapp2.0) (< netcoreapp2.1)) (&& (< netcoreapp2.0) (>= netstandard2.0)) (&& (>= netcoreapp2.1) (< netcoreapp3.0)) (>= uap10.1) (>= xamarinios) (>= xamarinmac) (>= xamarintvos) (>= xamarinwatchos)
      System.Threading.Tasks.Extensions (>= 4.5.4) - restriction: || (&& (< monoandroid) (< netcoreapp2.0) (>= netstandard2.0) (< xamarinios) (< xamarinmac)) (>= net461) (&& (>= netcoreapp2.0) (< netcoreapp2.1)) (>= uap10.1)
      System.ValueTuple (>= 4.5) - restriction: >= net461
    System.Text.RegularExpressions (4.3.1) - restriction: || (&& (< net40) (>= net46) (< netstandard1.4) (>= netstandard1.6)) (&& (< net40) (< netstandard1.2) (>= netstandard1.6) (< win8)) (&& (< net40) (< netstandard1.3) (>= netstandard1.6) (< win8) (< wpa81)) (&& (< net40) (< netstandard1.4) (>= netstandard1.6) (< win8) (< wpa81)) (&& (< net40) (< netstandard1.5) (>= netstandard1.6) (< win8) (< wpa81)) (&& (< net40) (>= netstandard1.6) (< netstandard2.0) (< win8) (< wpa81)) (&& (< net40) (>= netstandard1.6) (< portable-net45+win8+wpa81)) (&& (< netstandard1.5) (>= netstandard1.6) (>= uap10.0))
      System.Collections (>= 4.3) - restriction: && (< monoandroid) (< monotouch) (< net45) (< netcoreapp1.1) (>= netstandard1.6) (< xamarinios) (< xamarinmac) (< xamarintvos) (< xamarinwatchos)
      System.Globalization (>= 4.3) - restriction: && (< monoandroid) (< monotouch) (< net45) (< netcoreapp1.1) (>= netstandard1.6) (< xamarinios) (< xamarinmac) (< xamarintvos) (< xamarinwatchos)
      System.Resources.ResourceManager (>= 4.3) - restriction: && (< monoandroid) (< monotouch) (< net45) (< netcoreapp1.1) (>= netstandard1.6) (< xamarinios) (< xamarinmac) (< xamarintvos) (< xamarinwatchos)
      System.Runtime (>= 4.3.1) - restriction: || (&& (< monoandroid) (< monotouch) (< net45) (>= netstandard1.6) (< xamarinios) (< xamarinmac) (< xamarintvos) (< xamarinwatchos)) (&& (< monoandroid) (< net45) (>= netstandard1.0) (< netstandard1.3) (< win8) (< wp8) (< wpa81)) (&& (< monoandroid) (< net45) (>= netstandard1.3) (< netstandard1.6) (< win8) (< wpa81)) (>= netcoreapp1.1)
      System.Runtime.Extensions (>= 4.3.1) - restriction: && (< monoandroid) (< monotouch) (< net45) (< netcoreapp1.1) (>= netstandard1.6) (< xamarinios) (< xamarinmac) (< xamarintvos) (< xamarinwatchos)
      System.Threading (>= 4.3) - restriction: && (< monoandroid) (< monotouch) (< net45) (< netcoreapp1.1) (>= netstandard1.6) (< xamarinios) (< xamarinmac) (< xamarintvos) (< xamarinwatchos)
    System.Threading (4.3) - restriction: || (&& (>= monoandroid) (>= netstandard1.1) (< netstandard2.0)) (&& (< monoandroid) (< net35) (< netstandard1.5) (>= netstandard1.6)) (&& (< monoandroid) (< net35) (< netstandard1.5) (>= netstandard2.0) (< win8) (< wpa81)) (&& (< monoandroid) (< net35) (>= netstandard1.6) (< netstandard2.0)) (&& (< monoandroid) (< net35) (>= netstandard2.0) (< xamarinios) (< xamarinmac)) (>= monotouch) (&& (< net35) (>= net40) (>= netstandard1.3) (< netstandard1.5)) (&& (< net35) (>= net40) (>= netstandard1.5) (< netstandard1.6)) (&& (< net35) (>= net45) (>= netstandard1.3) (< netstandard1.5)) (&& (< net35) (>= net45) (>= netstandard1.5)) (&& (< net40) (< netstandard1.2) (>= netstandard1.6) (< win8)) (&& (< net40) (< netstandard1.3) (>= netstandard1.6) (< win8) (< wpa81)) (&& (< net40) (< netstandard1.4) (>= netstandard1.6) (< win8) (< wpa81)) (&& (< net40) (< netstandard1.5) (>= netstandard1.6) (< win8) (< wpa81)) (&& (< net40) (>= netstandard1.6) (< netstandard2.0) (< win8) (< wpa81)) (&& (< net40) (>= netstandard1.6) (< portable-net45+win8+wpa81)) (&& (< net45) (>= net461) (< netstandard2.0)) (&& (< netstandard1.5) (>= netstandard1.6) (>= uap10.0)) (&& (< netstandard2.0) (>= xamarinios)) (&& (< netstandard2.0) (>= xamarinmac)) (>= netstandard2.1) (>= xamarintvos) (>= xamarinwatchos)
      System.Runtime (>= 4.3) - restriction: || (&& (< monoandroid) (< monotouch) (< net45) (>= netstandard1.3) (< win8) (< wpa81) (< xamarinios) (< xamarinmac) (< xamarintvos) (< xamarinwatchos)) (&& (< monoandroid) (< net45) (>= netstandard1.0) (< netstandard1.3) (< win8) (< wp8) (< wpa81))
      System.Threading.Tasks (>= 4.3) - restriction: || (&& (< monoandroid) (< monotouch) (< net45) (>= netstandard1.3) (< win8) (< wpa81) (< xamarinios) (< xamarinmac) (< xamarintvos) (< xamarinwatchos)) (&& (< monoandroid) (< net45) (>= netstandard1.0) (< netstandard1.3) (< win8) (< wp8) (< wpa81))
    System.Threading.AccessControl (5.0) - restriction: || (&& (< net461) (< netcoreapp2.0) (>= netstandard2.0) (< netstandard2.1)) (&& (>= netcoreapp2.0) (< netcoreapp2.1) (< netstandard2.1)) (&& (< netcoreapp2.0) (>= netstandard2.1)) (&& (>= netcoreapp2.1) (< netstandard2.1)) (>= netcoreapp3.0)
      System.Memory (>= 4.5.4) - restriction: && (< monoandroid) (< net46) (< netcoreapp2.1) (>= netstandard2.0) (< xamarinios) (< xamarinmac)
      System.Security.AccessControl (>= 5.0) - restriction: || (>= monoandroid) (>= monotouch) (&& (>= net46) (< netstandard2.0)) (&& (< net46) (>= netstandard1.3) (< netstandard2.0)) (&& (< net46) (>= netstandard2.0)) (>= net461) (>= netcoreapp2.1) (>= xamarinios) (>= xamarinmac) (>= xamarintvos) (>= xamarinwatchos)
      System.Security.Principal.Windows (>= 5.0) - restriction: || (>= monoandroid) (>= monotouch) (&& (>= net46) (< netstandard2.0)) (&& (< net46) (>= netstandard1.3) (< netstandard2.0)) (&& (< net46) (>= netstandard2.0)) (>= net461) (>= netcoreapp2.1) (>= xamarinios) (>= xamarinmac) (>= xamarintvos) (>= xamarinwatchos)
    System.Threading.Tasks (4.3) - restriction: || (&& (< net40) (< netstandard1.2) (>= netstandard1.6) (< win8)) (&& (< net40) (< netstandard1.3) (>= netstandard1.6) (< win8) (< wpa81)) (&& (< net40) (< netstandard1.4) (>= netstandard1.6) (< win8) (< wpa81)) (&& (< net40) (< netstandard1.5) (>= netstandard1.6) (< win8) (< wpa81)) (&& (< net40) (>= netstandard1.6) (< netstandard2.0) (< win8) (< wpa81)) (&& (< net40) (>= netstandard1.6) (< portable-net45+win8+wpa81)) (&& (< netstandard1.5) (>= netstandard1.6) (>= uap10.0))
      Microsoft.NETCore.Platforms (>= 1.1) - restriction: || (&& (< monoandroid) (< monotouch) (< net45) (>= netstandard1.3) (< win8) (< wpa81) (< xamarinios) (< xamarinmac) (< xamarintvos) (< xamarinwatchos)) (&& (< monoandroid) (< net45) (>= netstandard1.0) (< netstandard1.3) (< win8) (< wp8) (< wpa81))
      Microsoft.NETCore.Targets (>= 1.1) - restriction: || (&& (< monoandroid) (< monotouch) (< net45) (>= netstandard1.3) (< win8) (< wpa81) (< xamarinios) (< xamarinmac) (< xamarintvos) (< xamarinwatchos)) (&& (< monoandroid) (< net45) (>= netstandard1.0) (< netstandard1.3) (< win8) (< wp8) (< wpa81))
      System.Runtime (>= 4.3) - restriction: || (&& (< monoandroid) (< monotouch) (< net45) (>= netstandard1.3) (< win8) (< wpa81) (< xamarinios) (< xamarinmac) (< xamarintvos) (< xamarinwatchos)) (&& (< monoandroid) (< net45) (>= netstandard1.0) (< netstandard1.3) (< win8) (< wp8) (< wpa81))
    System.Threading.Tasks.Extensions (4.5.4) - restriction: || (&& (>= monoandroid) (>= netcoreapp2.0)) (&& (< monoandroid) (< monotouch) (< net40) (>= netstandard1.6) (< netstandard2.0) (< win8) (< wpa81) (< xamarintvos) (< xamarinwatchos)) (&& (< monoandroid) (< net40) (< netstandard1.2) (>= netstandard1.6) (< win8)) (&& (< monoandroid) (< net40) (< netstandard1.3) (>= netstandard1.6) (< win8) (< wpa81)) (&& (< monoandroid) (< net40) (< netstandard1.4) (>= netstandard1.6) (< win8) (< wpa81)) (&& (< monoandroid) (< net40) (< netstandard1.5) (>= netstandard1.6) (< win8) (< wpa81)) (&& (< monoandroid) (< net451) (< netcoreapp2.0) (>= netstandard2.0) (< xamarinios) (< xamarinmac)) (&& (< monoandroid) (< net46) (< netcoreapp2.0) (>= netstandard2.0) (< xamarinios) (< xamarinmac)) (&& (>= monotouch) (>= netcoreapp2.0)) (&& (>= monotouch) (>= netstandard2.0)) (&& (< net40) (>= net46) (< netstandard1.4) (>= netstandard1.6)) (&& (< net40) (>= netstandard1.6) (< portable-net45+win8+wpa81)) (>= net461) (&& (>= netcoreapp2.0) (< netcoreapp2.1)) (&& (>= netcoreapp2.0) (>= xamarinios)) (&& (>= netcoreapp2.0) (>= xamarinmac)) (&& (>= netcoreapp2.0) (>= xamarintvos)) (&& (>= netcoreapp2.0) (>= xamarinwatchos)) (&& (< netcoreapp2.0) (>= netcoreapp2.1)) (&& (< netcoreapp2.1) (>= netstandard2.0) (< netstandard2.1)) (&& (< netstandard1.5) (>= netstandard1.6) (>= uap10.0) (< win8) (< wpa81)) (&& (>= netstandard2.0) (>= xamarintvos)) (&& (>= netstandard2.0) (>= xamarinwatchos)) (>= uap10.1)
      System.Runtime.CompilerServices.Unsafe (>= 4.5.3) - restriction: || (&& (< monoandroid) (< monotouch) (< net45) (>= netstandard1.0) (< netstandard2.0) (< win8) (< wpa81) (< xamarintvos) (< xamarinwatchos)) (&& (< monoandroid) (< net45) (< netcoreapp2.1) (>= netstandard2.0) (< xamarinios) (< xamarinmac)) (&& (< monoandroid) (< netstandard1.0) (>= portable-net45+win8+wp8+wpa81) (< win8)) (&& (>= net45) (< netstandard2.0)) (>= net461) (&& (< netstandard1.0) (>= win8)) (&& (< netstandard2.0) (>= wpa81)) (>= wp8)
    System.Threading.Timer (4.3) - restriction: || (&& (< net40) (< netstandard1.3) (>= netstandard1.6) (< win8) (< wpa81)) (&& (< net40) (< netstandard1.4) (>= netstandard1.6) (< win8) (< wpa81)) (&& (< net40) (< netstandard1.5) (>= netstandard1.6) (< win8) (< wpa81)) (&& (< net40) (>= netstandard1.6) (< netstandard2.0) (< win8) (< wpa81)) (&& (< netstandard1.5) (>= netstandard1.6) (>= uap10.0))
      Microsoft.NETCore.Platforms (>= 1.1) - restriction: && (< monoandroid) (< monotouch) (< net451) (>= netstandard1.2) (< win81) (< wpa81) (< xamarinios) (< xamarinmac) (< xamarintvos) (< xamarinwatchos)
      Microsoft.NETCore.Targets (>= 1.1) - restriction: && (< monoandroid) (< monotouch) (< net451) (>= netstandard1.2) (< win81) (< wpa81) (< xamarinios) (< xamarinmac) (< xamarintvos) (< xamarinwatchos)
      System.Runtime (>= 4.3) - restriction: && (< monoandroid) (< monotouch) (< net451) (>= netstandard1.2) (< win81) (< wpa81) (< xamarinios) (< xamarinmac) (< xamarintvos) (< xamarinwatchos)
    System.ValueTuple (4.5) - restriction: >= net461
    System.Windows.Extensions (5.0) - restriction: >= netcoreapp3.0
      System.Drawing.Common (>= 5.0) - restriction: >= netcoreapp3.0
    System.Xml.ReaderWriter (4.3.1) - restriction: || (&& (< monoandroid) (< monotouch) (< net35) (>= netstandard1.6) (< netstandard2.0) (< xamarintvos) (< xamarinwatchos)) (&& (< monoandroid) (< net35) (< netstandard1.5) (>= netstandard1.6)) (&& (< monoandroid) (< net35) (>= netstandard2.0) (< xamarinios) (< xamarinmac)) (&& (< net35) (>= net40) (>= netstandard1.3) (< netstandard1.5)) (&& (< net35) (>= net40) (>= netstandard1.5) (< netstandard1.6)) (&& (< net35) (>= net45) (>= netstandard1.3) (< netstandard1.5)) (&& (< net35) (>= net45) (>= netstandard1.5)) (&& (< net40) (>= net46) (< netstandard1.4) (>= netstandard1.6)) (&& (< net40) (< netstandard1.2) (>= netstandard1.6) (< win8)) (&& (< net40) (< netstandard1.3) (>= netstandard1.6) (< win8) (< wpa81)) (&& (< net40) (< netstandard1.4) (>= netstandard1.6) (< win8) (< wpa81)) (&& (< net40) (< netstandard1.5) (>= netstandard1.6) (< win8) (< wpa81)) (&& (< net40) (>= netstandard1.6) (< netstandard2.0) (< win8) (< wpa81)) (&& (< net40) (>= netstandard1.6) (< portable-net45+win8+wpa81)) (&& (< netstandard1.3) (>= netstandard1.6) (>= uap10.0) (< win8) (< wpa81)) (&& (< netstandard1.5) (>= netstandard1.6) (>= uap10.0)) (>= netstandard2.1)
      System.Collections (>= 4.3) - restriction: && (< monoandroid) (< monotouch) (< net45) (>= netstandard1.3) (< win8) (< wpa81) (< xamarinios) (< xamarinmac) (< xamarintvos) (< xamarinwatchos)
      System.Diagnostics.Debug (>= 4.3) - restriction: && (< monoandroid) (< monotouch) (< net45) (>= netstandard1.3) (< win8) (< wpa81) (< xamarinios) (< xamarinmac) (< xamarintvos) (< xamarinwatchos)
      System.Globalization (>= 4.3) - restriction: && (< monoandroid) (< monotouch) (< net45) (>= netstandard1.3) (< win8) (< wpa81) (< xamarinios) (< xamarinmac) (< xamarintvos) (< xamarinwatchos)
      System.IO (>= 4.3) - restriction: || (&& (< monoandroid) (< monotouch) (< net45) (>= netstandard1.3) (< win8) (< wpa81) (< xamarinios) (< xamarinmac) (< xamarintvos) (< xamarinwatchos)) (&& (< monoandroid) (< net45) (>= netstandard1.0) (< netstandard1.3) (< win8) (< wp8) (< wpa81))
      System.IO.FileSystem (>= 4.3) - restriction: && (< monoandroid) (< monotouch) (< net45) (>= netstandard1.3) (< win8) (< wpa81) (< xamarinios) (< xamarinmac) (< xamarintvos) (< xamarinwatchos)
      System.IO.FileSystem.Primitives (>= 4.3) - restriction: && (< monoandroid) (< monotouch) (< net45) (>= netstandard1.3) (< win8) (< wpa81) (< xamarinios) (< xamarinmac) (< xamarintvos) (< xamarinwatchos)
      System.Resources.ResourceManager (>= 4.3) - restriction: && (< monoandroid) (< monotouch) (< net45) (>= netstandard1.3) (< win8) (< wpa81) (< xamarinios) (< xamarinmac) (< xamarintvos) (< xamarinwatchos)
      System.Runtime (>= 4.3) - restriction: || (&& (< monoandroid) (< monotouch) (< net45) (>= netstandard1.3) (< win8) (< wpa81) (< xamarinios) (< xamarinmac) (< xamarintvos) (< xamarinwatchos)) (&& (< monoandroid) (< net45) (>= netstandard1.0) (< netstandard1.3) (< win8) (< wp8) (< wpa81))
      System.Runtime.Extensions (>= 4.3) - restriction: && (< monoandroid) (< monotouch) (< net45) (>= netstandard1.3) (< win8) (< wpa81) (< xamarinios) (< xamarinmac) (< xamarintvos) (< xamarinwatchos)
      System.Runtime.InteropServices (>= 4.3) - restriction: && (< monoandroid) (< monotouch) (< net45) (>= netstandard1.3) (< win8) (< wpa81) (< xamarinios) (< xamarinmac) (< xamarintvos) (< xamarinwatchos)
      System.Text.Encoding (>= 4.3) - restriction: || (&& (< monoandroid) (< monotouch) (< net45) (>= netstandard1.3) (< win8) (< wpa81) (< xamarinios) (< xamarinmac) (< xamarintvos) (< xamarinwatchos)) (&& (< monoandroid) (< net45) (>= netstandard1.0) (< netstandard1.3) (< win8) (< wp8) (< wpa81))
      System.Text.Encoding.Extensions (>= 4.3) - restriction: && (< monoandroid) (< monotouch) (< net45) (>= netstandard1.3) (< win8) (< wpa81) (< xamarinios) (< xamarinmac) (< xamarintvos) (< xamarinwatchos)
      System.Text.RegularExpressions (>= 4.3) - restriction: && (< monoandroid) (< monotouch) (< net45) (>= netstandard1.3) (< win8) (< wpa81) (< xamarinios) (< xamarinmac) (< xamarintvos) (< xamarinwatchos)
      System.Threading.Tasks (>= 4.3) - restriction: || (&& (< monoandroid) (< monotouch) (< net45) (>= netstandard1.3) (< win8) (< wpa81) (< xamarinios) (< xamarinmac) (< xamarintvos) (< xamarinwatchos)) (&& (< monoandroid) (< net45) (>= netstandard1.0) (< netstandard1.3) (< win8) (< wp8) (< wpa81))
      System.Threading.Tasks.Extensions (>= 4.3) - restriction: && (< monoandroid) (< monotouch) (< net45) (>= netstandard1.3) (< win8) (< wpa81) (< xamarinios) (< xamarinmac) (< xamarintvos) (< xamarinwatchos)
    System.Xml.XDocument (4.3) - restriction: || (&& (< net40) (< netstandard1.2) (>= netstandard1.6) (< win8)) (&& (< net40) (< netstandard1.3) (>= netstandard1.6) (< win8) (< wpa81)) (&& (< net40) (< netstandard1.4) (>= netstandard1.6) (< win8) (< wpa81)) (&& (< net40) (< netstandard1.5) (>= netstandard1.6) (< win8) (< wpa81)) (&& (< net40) (>= netstandard1.6) (< netstandard2.0) (< win8) (< wpa81)) (&& (< net40) (>= netstandard1.6) (< portable-net45+win8+wpa81)) (&& (< netstandard1.5) (>= netstandard1.6) (>= uap10.0))
      System.Collections (>= 4.3) - restriction: && (< monoandroid) (< monotouch) (< net45) (>= netstandard1.3) (< win8) (< wpa81) (< xamarinios) (< xamarinmac) (< xamarintvos) (< xamarinwatchos)
      System.Diagnostics.Debug (>= 4.3) - restriction: && (< monoandroid) (< monotouch) (< net45) (>= netstandard1.3) (< win8) (< wpa81) (< xamarinios) (< xamarinmac) (< xamarintvos) (< xamarinwatchos)
      System.Diagnostics.Tools (>= 4.3) - restriction: && (< monoandroid) (< monotouch) (< net45) (>= netstandard1.3) (< win8) (< wpa81) (< xamarinios) (< xamarinmac) (< xamarintvos) (< xamarinwatchos)
      System.Globalization (>= 4.3) - restriction: && (< monoandroid) (< monotouch) (< net45) (>= netstandard1.3) (< win8) (< wpa81) (< xamarinios) (< xamarinmac) (< xamarintvos) (< xamarinwatchos)
      System.IO (>= 4.3) - restriction: || (&& (< monoandroid) (< monotouch) (< net45) (>= netstandard1.3) (< win8) (< wpa81) (< xamarinios) (< xamarinmac) (< xamarintvos) (< xamarinwatchos)) (&& (< monoandroid) (< net45) (>= netstandard1.0) (< netstandard1.3) (< win8) (< wp8) (< wpa81))
      System.Reflection (>= 4.3) - restriction: && (< monoandroid) (< monotouch) (< net45) (>= netstandard1.3) (< win8) (< wpa81) (< xamarinios) (< xamarinmac) (< xamarintvos) (< xamarinwatchos)
      System.Resources.ResourceManager (>= 4.3) - restriction: && (< monoandroid) (< monotouch) (< net45) (>= netstandard1.3) (< win8) (< wpa81) (< xamarinios) (< xamarinmac) (< xamarintvos) (< xamarinwatchos)
      System.Runtime (>= 4.3) - restriction: || (&& (< monoandroid) (< monotouch) (< net45) (>= netstandard1.3) (< win8) (< wpa81) (< xamarinios) (< xamarinmac) (< xamarintvos) (< xamarinwatchos)) (&& (< monoandroid) (< net45) (>= netstandard1.0) (< netstandard1.3) (< win8) (< wp8) (< wpa81))
      System.Runtime.Extensions (>= 4.3) - restriction: && (< monoandroid) (< monotouch) (< net45) (>= netstandard1.3) (< win8) (< wpa81) (< xamarinios) (< xamarinmac) (< xamarintvos) (< xamarinwatchos)
      System.Text.Encoding (>= 4.3) - restriction: && (< monoandroid) (< monotouch) (< net45) (>= netstandard1.3) (< win8) (< wpa81) (< xamarinios) (< xamarinmac) (< xamarintvos) (< xamarinwatchos)
      System.Threading (>= 4.3) - restriction: && (< monoandroid) (< monotouch) (< net45) (>= netstandard1.3) (< win8) (< wpa81) (< xamarinios) (< xamarinmac) (< xamarintvos) (< xamarinwatchos)
      System.Xml.ReaderWriter (>= 4.3) - restriction: || (&& (< monoandroid) (< monotouch) (< net45) (>= netstandard1.3) (< win8) (< wpa81) (< xamarinios) (< xamarinmac) (< xamarintvos) (< xamarinwatchos)) (&& (< monoandroid) (< net45) (>= netstandard1.0) (< netstandard1.3) (< win8) (< wp8) (< wpa81))
    System.Xml.XmlDocument (4.3) - restriction: || (&& (< net35) (>= net40) (>= netstandard1.3) (< netstandard1.5)) (&& (< net35) (>= net40) (>= netstandard1.5) (< netstandard1.6)) (&& (< net35) (>= net45) (>= netstandard1.3) (< netstandard1.5)) (&& (< net35) (>= net45) (>= netstandard1.5)) (&& (< net35) (< netstandard1.5) (>= netstandard1.6)) (&& (< net35) (>= netstandard1.6) (< netstandard2.0)) (&& (< net35) (>= netstandard2.0)) (>= netstandard2.1)
      System.Collections (>= 4.3) - restriction: && (< monoandroid) (< monotouch) (< net46) (>= netstandard1.3) (< xamarinios) (< xamarinmac) (< xamarintvos) (< xamarinwatchos)
      System.Diagnostics.Debug (>= 4.3) - restriction: && (< monoandroid) (< monotouch) (< net46) (>= netstandard1.3) (< xamarinios) (< xamarinmac) (< xamarintvos) (< xamarinwatchos)
      System.Globalization (>= 4.3) - restriction: && (< monoandroid) (< monotouch) (< net46) (>= netstandard1.3) (< xamarinios) (< xamarinmac) (< xamarintvos) (< xamarinwatchos)
      System.IO (>= 4.3) - restriction: && (< monoandroid) (< monotouch) (< net46) (>= netstandard1.3) (< xamarinios) (< xamarinmac) (< xamarintvos) (< xamarinwatchos)
      System.Resources.ResourceManager (>= 4.3) - restriction: && (< monoandroid) (< monotouch) (< net46) (>= netstandard1.3) (< xamarinios) (< xamarinmac) (< xamarintvos) (< xamarinwatchos)
      System.Runtime (>= 4.3) - restriction: && (< monoandroid) (< monotouch) (< net46) (>= netstandard1.3) (< xamarinios) (< xamarinmac) (< xamarintvos) (< xamarinwatchos)
      System.Runtime.Extensions (>= 4.3) - restriction: && (< monoandroid) (< monotouch) (< net46) (>= netstandard1.3) (< xamarinios) (< xamarinmac) (< xamarintvos) (< xamarinwatchos)
      System.Text.Encoding (>= 4.3) - restriction: && (< monoandroid) (< monotouch) (< net46) (>= netstandard1.3) (< xamarinios) (< xamarinmac) (< xamarintvos) (< xamarinwatchos)
      System.Threading (>= 4.3) - restriction: && (< monoandroid) (< monotouch) (< net46) (>= netstandard1.3) (< xamarinios) (< xamarinmac) (< xamarintvos) (< xamarinwatchos)
      System.Xml.ReaderWriter (>= 4.3) - restriction: && (< monoandroid) (< monotouch) (< net46) (>= netstandard1.3) (< xamarinios) (< xamarinmac) (< xamarintvos) (< xamarinwatchos)
    xunit.abstractions (2.0.3) - restriction: >= netstandard2.0
